REDIRECTS: OFF
CONTENT: NONE
RESTRICTION: || (== net452) (== net462) (== netcoreapp2.0) (== netstandard1.5)
NUGET
  remote: https://www.nuget.org/api/v2
    AngleSharp (0.9.10) - restriction: || (&& (== net452) (< net40) (>= netstandard1.4)) (&& (== net452) (< net40) (>= netstandard2.0)) (&& (== net462) (< net40)) (== netcoreapp2.0) (== netstandard1.5)
      System.Collections (>= 4.0.11) - restriction: || (&& (== net452) (< net40)) (&& (== net462) (< net40)) (== netcoreapp2.0) (== netstandard1.5)
      System.Diagnostics.Debug (>= 4.0.11) - restriction: || (&& (== net452) (< net40)) (&& (== net462) (< net40)) (== netcoreapp2.0) (== netstandard1.5)
      System.Dynamic.Runtime (>= 4.0.11) - restriction: || (&& (== net452) (< net40)) (&& (== net462) (< net40)) (== netcoreapp2.0) (== netstandard1.5)
      System.IO (>= 4.1) - restriction: || (&& (== net452) (< net40)) (&& (== net462) (< net40)) (== netcoreapp2.0) (== netstandard1.5)
      System.Linq (>= 4.1) - restriction: || (&& (== net452) (< net40)) (&& (== net462) (< net40)) (== netcoreapp2.0) (== netstandard1.5)
      System.Net.Primitives (>= 4.0.11) - restriction: || (&& (== net452) (< net40)) (&& (== net462) (< net40)) (== netcoreapp2.0) (== netstandard1.5)
      System.Net.Requests (>= 4.0.11) - restriction: || (&& (== net452) (< net40)) (&& (== net462) (< net40)) (== netcoreapp2.0) (== netstandard1.5)
      System.Reflection (>= 4.1) - restriction: || (&& (== net452) (< net40)) (&& (== net462) (< net40)) (== netcoreapp2.0) (== netstandard1.5)
      System.Reflection.Extensions (>= 4.0.1) - restriction: || (&& (== net452) (< net40)) (&& (== net462) (< net40)) (== netcoreapp2.0) (== netstandard1.5)
      System.Resources.ResourceManager (>= 4.0.1) - restriction: || (&& (== net452) (< net40)) (&& (== net462) (< net40)) (== netcoreapp2.0) (== netstandard1.5)
      System.Runtime (>= 4.1) - restriction: || (&& (== net452) (< net40)) (&& (== net462) (< net40)) (== netcoreapp2.0) (== netstandard1.5)
      System.Runtime.Extensions (>= 4.1) - restriction: || (&& (== net452) (< net40)) (&& (== net462) (< net40)) (== netcoreapp2.0) (== netstandard1.5)
      System.Text.Encoding (>= 4.0.11) - restriction: || (&& (== net452) (< net40)) (&& (== net462) (< net40)) (== netcoreapp2.0) (== netstandard1.5)
      System.Text.Encoding.Extensions (>= 4.0.11) - restriction: || (&& (== net452) (< net40)) (&& (== net462) (< net40)) (== netcoreapp2.0) (== netstandard1.5)
      System.Text.RegularExpressions (>= 4.1) - restriction: || (&& (== net452) (< net40)) (&& (== net462) (< net40)) (== netcoreapp2.0) (== netstandard1.5)
      System.Threading (>= 4.0.11) - restriction: || (&& (== net452) (< net40)) (&& (== net462) (< net40)) (== netcoreapp2.0) (== netstandard1.5)
      System.Threading.Tasks (>= 4.0.11) - restriction: || (&& (== net452) (< net40)) (&& (== net462) (< net40)) (== netcoreapp2.0) (== netstandard1.5)
    Castle.Core (4.3.1) - restriction: || (&& (== net452) (< net40) (>= netstandard1.6)) (&& (== net462) (< net40) (>= netstandard1.6)) (== netcoreapp2.0) (&& (== netstandard1.5) (>= netstandard1.6))
      NETStandard.Library (>= 1.6.1) - restriction: || (&& (== net452) (< net35) (>= netstandard1.3)) (&& (== net452) (< net35) (>= netstandard1.5)) (&& (== net462) (< net35)) (== netcoreapp2.0) (== netstandard1.5)
      System.Collections.Specialized (>= 4.3) - restriction: || (&& (== net452) (< net35) (>= netstandard1.3)) (&& (== net452) (< net35) (>= netstandard1.5)) (&& (== net462) (< net35)) (== netcoreapp2.0) (== netstandard1.5)
      System.ComponentModel (>= 4.3) - restriction: || (&& (== net452) (< net35) (>= netstandard1.3)) (&& (== net452) (< net35) (>= netstandard1.5)) (&& (== net462) (< net35)) (== netcoreapp2.0) (== netstandard1.5)
      System.ComponentModel.TypeConverter (>= 4.3) - restriction: || (&& (== net452) (< net35) (>= netstandard1.3)) (&& (== net452) (< net35) (>= netstandard1.5)) (&& (== net462) (< net35)) (== netcoreapp2.0) (== netstandard1.5)
      System.Diagnostics.TraceSource (>= 4.3) - restriction: || (&& (== net452) (< net35) (>= netstandard1.3)) (&& (== net452) (< net35) (>= netstandard1.5)) (&& (== net462) (< net35)) (== netcoreapp2.0) (== netstandard1.5)
      System.Dynamic.Runtime (>= 4.3) - restriction: || (&& (== net452) (< net35) (>= netstandard1.3)) (&& (== net452) (< net35) (>= netstandard1.5)) (&& (== net462) (< net35)) (== netcoreapp2.0) (== netstandard1.5)
      System.Reflection (>= 4.3) - restriction: || (&& (== net452) (< net35) (>= netstandard1.3)) (&& (== net452) (< net35) (>= netstandard1.5)) (&& (== net462) (< net35)) (== netcoreapp2.0) (== netstandard1.5)
      System.Reflection.Emit (>= 4.3) - restriction: || (&& (== net452) (< net35) (>= netstandard1.3)) (&& (== net452) (< net35) (>= netstandard1.5)) (&& (== net462) (< net35)) (== netcoreapp2.0) (== netstandard1.5)
      System.Reflection.TypeExtensions (>= 4.3) - restriction: || (&& (== net452) (< net35) (>= netstandard1.3)) (&& (== net452) (< net35) (>= netstandard1.5)) (&& (== net462) (< net35)) (== netcoreapp2.0) (== netstandard1.5)
      System.Xml.XmlDocument (>= 4.3) - restriction: || (&& (== net452) (< net35) (>= netstandard1.3)) (&& (== net452) (< net35) (>= netstandard1.5)) (&& (== net462) (< net35)) (== netcoreapp2.0) (== netstandard1.5)
    Costura.Fody (3.1)
      Fody (>= 3.1.3) - restriction: || (&& (== net452) (>= net46)) (== net462) (&& (== netcoreapp2.0) (>= net46)) (&& (== netstandard1.5) (>= net46))
    dotnet-xunit (2.3.1) - clitool: true
      Microsoft.NETCore.App (>= 1.0) - restriction: || (&& (== net452) (>= netcoreapp1.0)) (&& (== net462) (>= netcoreapp1.0)) (== netcoreapp2.0) (&& (== netstandard1.5) (>= netcoreapp1.0))
    dotNetRDF (2.1)
      AngleSharp (>= 0.9.9.2) - restriction: || (&& (== net452) (< net40) (>= netstandard1.4)) (&& (== net452) (< net40) (>= netstandard2.0)) (&& (== net462) (< net40)) (== netcoreapp2.0) (== netstandard1.5)
      HtmlAgilityPack (>= 1.8.2)
      Microsoft.Extensions.Configuration (>= 1.1.2) - restriction: || (&& (== net452) (== netcoreapp2.0)) (&& (== net452) (< net40) (>= netstandard1.4)) (&& (== net462) (== netcoreapp2.0)) (&& (== net462) (< net40)) (&& (== netcoreapp2.0) (< netstandard2.0)) (== netstandard1.5)
      Microsoft.Extensions.Configuration (>= 2.0) - restriction: || (&& (== net452) (< net40) (>= netstandard2.0)) (&& (== net462) (< net40) (>= netstandard2.0)) (== netcoreapp2.0) (&& (== netstandard1.5) (>= netstandard2.0))
      NETStandard.Library (>= 1.6.1) - restriction: || (&& (== net452) (== netcoreapp2.0)) (&& (== net452) (< net40) (>= netstandard1.4)) (&& (== net462) (== netcoreapp2.0)) (&& (== net462) (< net40)) (&& (== netcoreapp2.0) (< netstandard2.0)) (== netstandard1.5)
      Newtonsoft.Json (>= 11.0.2)
      System.Collections.Specialized (>= 4.3) - restriction: || (&& (== net452) (< net40) (>= netstandard1.4)) (&& (== net452) (< net40) (>= netstandard2.0)) (&& (== net462) (< net40)) (== netcoreapp2.0) (== netstandard1.5)
      System.ComponentModel.TypeConverter (>= 4.3) - restriction: || (&& (== net452) (< net40) (>= netstandard1.4)) (&& (== net452) (< net40) (>= netstandard2.0)) (&& (== net462) (< net40)) (== netcoreapp2.0) (== netstandard1.5)
      System.Configuration.ConfigurationManager (>= 4.4.1) - restriction: || (&& (== net452) (< net40) (>= netstandard2.0)) (&& (== net462) (< net40) (>= netstandard2.0)) (== netcoreapp2.0) (&& (== netstandard1.5) (>= netstandard2.0))
      System.Globalization.Extensions (>= 4.3) - restriction: || (&& (== net452) (< net40) (>= netstandard1.4)) (&& (== net452) (< net40) (>= netstandard2.0)) (&& (== net462) (< net40)) (== netcoreapp2.0) (== netstandard1.5)
      System.Net.Requests (>= 4.3) - restriction: || (&& (== net452) (< net40) (>= netstandard1.4)) (&& (== net452) (< net40) (>= netstandard2.0)) (&& (== net462) (< net40)) (== netcoreapp2.0) (== netstandard1.5)
      System.Reflection.TypeExtensions (>= 4.4) - restriction: || (&& (== net452) (< net40) (>= netstandard1.4)) (&& (== net452) (< net40) (>= netstandard2.0)) (&& (== net462) (< net40)) (== netcoreapp2.0) (== netstandard1.5)
      System.Threading.Thread (>= 4.3) - restriction: || (&& (== net452) (< net40) (>= netstandard1.4)) (&& (== net452) (< net40) (>= netstandard2.0)) (&& (== net462) (< net40)) (== netcoreapp2.0) (== netstandard1.5)
      VDS.Common (>= 1.10)
    Dynamitey (2.0.9.136)
      Microsoft.CSharp (>= 4.4.1) - restriction: || (&& (== net452) (< net40) (>= netstandard1.5)) (&& (== net462) (< net40)) (== netcoreapp2.0) (== netstandard1.5)
      NETStandard.Library (>= 1.6.1) - restriction: || (&& (== net452) (< net40) (>= netstandard1.5)) (&& (== net462) (< net40)) (== netcoreapp2.0) (== netstandard1.5)
      System.ComponentModel (>= 4.3) - restriction: || (&& (== net452) (< net40) (>= netstandard1.5)) (&& (== net462) (< net40)) (== netcoreapp2.0) (== netstandard1.5)
    FakeItEasy (4.8)
      Castle.Core (>= 4.3.1) - restriction: || (&& (== net452) (< net40) (>= netstandard1.6)) (&& (== net462) (< net40) (>= netstandard1.6)) (== netcoreapp2.0) (&& (== netstandard1.5) (>= netstandard1.6))
      Microsoft.Extensions.DependencyModel (>= 1.0) - restriction: || (&& (== net452) (< net40) (>= netstandard1.6)) (&& (== net462) (< net40) (>= netstandard1.6)) (== netcoreapp2.0) (&& (== netstandard1.5) (>= netstandard1.6))
      NETStandard.Library (>= 1.6.1) - restriction: || (&& (== net452) (< net40) (>= netstandard1.6)) (&& (== net462) (< net40) (>= netstandard1.6)) (== netcoreapp2.0) (&& (== netstandard1.5) (>= netstandard1.6))
      System.Collections.Concurrent (>= 4.3) - restriction: || (&& (== net452) (< net40) (>= netstandard1.6)) (&& (== net462) (< net40) (>= netstandard1.6)) (== netcoreapp2.0) (&& (== netstandard1.5) (>= netstandard1.6))
      System.Runtime.Loader (>= 4.0) - restriction: || (&& (== net452) (< net40) (>= netstandard1.6)) (&& (== net462) (< net40) (>= netstandard1.6)) (== netcoreapp2.0) (&& (== netstandard1.5) (>= netstandard1.6))
    Fody (3.1.4)
    HtmlAgilityPack (1.8.7)
      System.Net.Http (>= 4.3.1) - restriction: || (&& (== net452) (== netcoreapp2.0)) (&& (== net452) (< net40) (>= netstandard1.3)) (&& (== net452) (< net40) (>= netstandard1.6)) (&& (== net462) (== netcoreapp2.0)) (&& (== net462) (< net40)) (&& (== netcoreapp2.0) (< netstandard1.6)) (&& (== netcoreapp2.0) (< netstandard2.0)) (== netstandard1.5)
      System.Net.Http (>= 4.3.2) - restriction: || (&& (== net452) (< net40) (>= netstandard2.0)) (&& (== net452) (>= uap10.0)) (&& (== net462) (< net40) (>= netstandard2.0)) (&& (== net462) (>= uap10.0)) (== netcoreapp2.0) (&& (== netstandard1.5) (>= netstandard2.0)) (&& (== netstandard1.5) (>= uap10.0))
      System.Xml.XmlDocument (>= 4.3) - restriction: || (&& (== net452) (< net40) (>= netstandard1.3)) (&& (== net452) (< net40) (>= netstandard1.6)) (&& (== net452) (< net40) (>= netstandard2.0)) (&& (== net462) (< net40)) (== netcoreapp2.0) (== netstandard1.5)
      System.Xml.XPath (>= 4.3) - restriction: || (&& (== net452) (< net40) (>= netstandard1.3)) (&& (== net452) (< net40) (>= netstandard1.6)) (&& (== net452) (< net40) (>= netstandard2.0)) (&& (== net452) (>= uap10.0)) (&& (== net462) (< net40)) (&& (== net462) (>= uap10.0)) (== netcoreapp2.0) (== netstandard1.5)
      System.Xml.XPath.XmlDocument (>= 4.3) - restriction: || (&& (== net452) (< net40) (>= netstandard1.3)) (&& (== net452) (< net40) (>= netstandard1.6)) (&& (== net452) (< net40) (>= netstandard2.0)) (&& (== net452) (>= uap10.0)) (&& (== net462) (< net40)) (&& (== net462) (>= uap10.0)) (== netcoreapp2.0) (== netstandard1.5)
    InfoOf.Fody (1.4.1)
      Fody (>= 3.1.3)
      NETStandard.Library (>= 1.6.1) - restriction: || (&& (== net462) (< net452)) (== netcoreapp2.0) (== netstandard1.5)
    json-ld.net (1.0.6)
      NETStandard.Library (>= 1.5.0-rc2-24027) - restriction: || (&& (== net452) (< net40) (>= netstandard1.3)) (&& (== net462) (< net40)) (== netcoreapp2.0) (== netstandard1.5)
      Newtonsoft.Json (>= 6.0.4)
      System.Dynamic.Runtime (>= 4.0.11-rc2-24027) - restriction: || (&& (== net452) (< net40) (>= netstandard1.3)) (&& (== net462) (< net40)) (== netcoreapp2.0) (== netstandard1.5)
      System.Security.Cryptography.Algorithms (>= 4.1.0-rc2-24027) - restriction: || (&& (== net452) (< net40) (>= netstandard1.3)) (&& (== net462) (< net40)) (== netcoreapp2.0) (== netstandard1.5)
      System.Text.RegularExpressions (>= 4.0.12-rc2-24027) - restriction: || (&& (== net452) (< net40) (>= netstandard1.3)) (&& (== net462) (< net40)) (== netcoreapp2.0) (== netstandard1.5)
    MethodTimer.Fody (2.2)
      Fody (>= 3.1.3)
      NETStandard.Library (>= 1.6.1) - restriction: || (&& (== net462) (< net452)) (== netcoreapp2.0) (== netstandard1.5)
    Microsoft.CodeCoverage (15.8) - restriction: || (== net452) (== net462) (== netcoreapp2.0) (&& (== netstandard1.5) (>= net45)) (&& (== netstandard1.5) (>= netcoreapp1.0))
    Microsoft.CSharp (4.5) - restriction: || (&& (== net452) (< net20)) (&& (== net452) (< net40) (>= netstandard1.5)) (&& (== net462) (< net20)) (&& (== net462) (< net40)) (== netcoreapp2.0) (== netstandard1.5)
      NETStandard.Library (>= 1.6.1) - restriction: || (&& (== net452) (== netcoreapp2.0)) (&& (== net452) (< net45)) (&& (== net452) (< portable-net45+win8+wp8+wpa81)) (&& (== net462) (== netcoreapp2.0)) (&& (== net462) (< net45)) (&& (== net462) (< portable-net45+win8+wp8+wpa81)) (&& (== netcoreapp2.0) (< netstandard1.3)) (&& (== netcoreapp2.0) (< netstandard2.0)) (&& (== netcoreapp2.0) (< portable-net45+win8+wp8+wpa81)) (== netstandard1.5)
      System.Dynamic.Runtime (>= 4.3) - restriction: || (&& (== net452) (== netcoreapp2.0)) (&& (== net452) (< net45)) (&& (== net452) (< portable-net45+win8+wp8+wpa81)) (&& (== net462) (== netcoreapp2.0)) (&& (== net462) (< net45)) (&& (== net462) (< portable-net45+win8+wp8+wpa81)) (&& (== netcoreapp2.0) (< netstandard1.3)) (&& (== netcoreapp2.0) (< netstandard2.0)) (&& (== netcoreapp2.0) (< portable-net45+win8+wp8+wpa81)) (== netstandard1.5)
      System.Reflection.TypeExtensions (>= 4.4) - restriction: || (&& (== net452) (== netcoreapp2.0)) (&& (== net452) (< net45) (>= netstandard1.3)) (&& (== net452) (< portable-net45+win8+wp8+wpa81)) (&& (== net462) (== netcoreapp2.0)) (&& (== net462) (< net45)) (&& (== net462) (< portable-net45+win8+wp8+wpa81)) (&& (== netcoreapp2.0) (< netstandard2.0)) (&& (== netcoreapp2.0) (< portable-net45+win8+wp8+wpa81)) (== netstandard1.5)
    Microsoft.DotNet.PlatformAbstractions (2.1) - restriction: || (&& (== net452) (>= netcoreapp1.0)) (&& (== net462) (>= netcoreapp1.0)) (== netcoreapp2.0) (&& (== netstandard1.5) (>= netcoreapp1.0))
      System.AppContext (>= 4.1) - restriction: || (&& (== net452) (< net45) (>= netstandard1.3)) (&& (== net462) (< net45)) (== netcoreapp2.0) (== netstandard1.5)
      System.Collections (>= 4.0.11) - restriction: || (&& (== net452) (< net45) (>= netstandard1.3)) (&& (== net462) (< net45)) (== netcoreapp2.0) (== netstandard1.5)
      System.IO (>= 4.1) - restriction: || (&& (== net452) (< net45) (>= netstandard1.3)) (&& (== net462) (< net45)) (== netcoreapp2.0) (== netstandard1.5)
      System.IO.FileSystem (>= 4.0.1) - restriction: || (&& (== net452) (< net45) (>= netstandard1.3)) (&& (== net462) (< net45)) (== netcoreapp2.0) (== netstandard1.5)
      System.Reflection.TypeExtensions (>= 4.1) - restriction: || (&& (== net452) (< net45) (>= netstandard1.3)) (&& (== net462) (< net45)) (== netcoreapp2.0) (== netstandard1.5)
      System.Runtime.Extensions (>= 4.1) - restriction: || (&& (== net452) (< net45) (>= netstandard1.3)) (&& (== net462) (< net45)) (== netcoreapp2.0) (== netstandard1.5)
      System.Runtime.InteropServices (>= 4.1) - restriction: || (&& (== net452) (< net45) (>= netstandard1.3)) (&& (== net462) (< net45)) (== netcoreapp2.0) (== netstandard1.5)
      System.Runtime.InteropServices.RuntimeInformation (>= 4.0)
    Microsoft.Extensions.Configuration (2.1.1) - restriction: || (&& (== net452) (< net40) (>= netstandard1.4)) (&& (== net452) (< net40) (>= netstandard2.0)) (&& (== net462) (< net40)) (== netcoreapp2.0) (== netstandard1.5)
      Microsoft.Extensions.Configuration.Abstractions (>= 2.1.1) - restriction: || (&& (== net452) (>= netstandard2.0)) (&& (== net462) (>= netstandard2.0)) (== netcoreapp2.0) (&& (== netstandard1.5) (>= netstandard2.0))
    Microsoft.Extensions.Configuration.Abstractions (2.1.1) - restriction: || (&& (== net452) (< net40) (>= netstandard2.0)) (&& (== net462) (< net40) (>= netstandard2.0)) (== netcoreapp2.0) (&& (== netstandard1.5) (>= netstandard2.0))
      Microsoft.Extensions.Primitives (>= 2.1.1) - restriction: || (&& (== net452) (>= netstandard2.0)) (&& (== net462) (>= netstandard2.0)) (== netcoreapp2.0) (&& (== netstandard1.5) (>= netstandard2.0))
    Microsoft.Extensions.DependencyModel (2.1) - restriction: || (&& (== net452) (>= netcoreapp1.0)) (&& (== net462) (>= netcoreapp1.0)) (== netcoreapp2.0) (&& (== netstandard1.5) (>= netcoreapp1.0))
      Microsoft.DotNet.PlatformAbstractions (>= 2.1)
      Newtonsoft.Json (>= 9.0.1)
      System.Diagnostics.Debug (>= 4.0.11) - restriction: || (&& (== net452) (< net451) (>= netstandard1.3)) (&& (== net452) (< net451) (>= netstandard1.6)) (&& (== net462) (< net451)) (== netcoreapp2.0) (== netstandard1.5)
      System.Dynamic.Runtime (>= 4.0.11) - restriction: || (&& (== net452) (< net451) (>= netstandard1.3)) (&& (== net452) (< net451) (>= netstandard1.6)) (&& (== net462) (< net451)) (== netcoreapp2.0) (== netstandard1.5)
      System.Linq (>= 4.1) - restriction: || (&& (== net452) (< net451) (>= netstandard1.3)) (&& (== net452) (< net451) (>= netstandard1.6)) (&& (== net462) (< net451)) (== netcoreapp2.0) (== netstandard1.5)
    Microsoft.Extensions.Primitives (2.1.1) - restriction: || (&& (== net452) (< net40) (>= netstandard2.0)) (&& (== net462) (< net40) (>= netstandard2.0)) (== netcoreapp2.0) (&& (== netstandard1.5) (>= netstandard2.0))
      System.Memory (>= 4.5.1) - restriction: || (&& (== net452) (>= netstandard2.0)) (&& (== net462) (>= netstandard2.0)) (== netcoreapp2.0) (&& (== netstandard1.5) (>= netstandard2.0))
      System.Runtime.CompilerServices.Unsafe (>= 4.5.1) - restriction: || (&& (== net452) (>= netstandard2.0)) (&& (== net462) (>= netstandard2.0)) (== netcoreapp2.0) (&& (== netstandard1.5) (>= netstandard2.0))
    Microsoft.NET.Test.Sdk (15.8)
      Microsoft.CodeCoverage (>= 15.8) - restriction: || (== net452) (== net462) (== netcoreapp2.0) (&& (== netstandard1.5) (>= net45)) (&& (== netstandard1.5) (>= netcoreapp1.0))
      Microsoft.TestPlatform.TestHost (>= 15.8) - restriction: || (&& (== net452) (>= netcoreapp1.0)) (&& (== net462) (>= netcoreapp1.0)) (== netcoreapp2.0) (&& (== netstandard1.5) (>= netcoreapp1.0))
    Microsoft.NETCore.App (2.1.3) - restriction: || (&& (== net452) (>= netcoreapp1.0)) (&& (== net462) (>= netcoreapp1.0)) (== netcoreapp2.0) (&& (== netstandard1.5) (>= netcoreapp1.0))
    Microsoft.NETCore.Platforms (2.1.1) - restriction: || (&& (== net452) (< net40) (>= netstandard1.3)) (&& (== net452) (< net40) (>= netstandard1.6)) (&& (== net452) (< net40) (>= netstandard2.0)) (&& (== net452) (>= netcoreapp2.0)) (&& (== net452) (>= uap10.0)) (&& (== net462) (< net40)) (&& (== net462) (>= netcoreapp2.0)) (&& (== net462) (>= uap10.0)) (== netcoreapp2.0) (== netstandard1.5)
    Microsoft.NETCore.Targets (2.1) - restriction: || (&& (== net452) (< net40) (>= netstandard1.3)) (&& (== net452) (< net40) (>= netstandard1.4)) (&& (== net452) (< net40) (>= netstandard1.5)) (&& (== net452) (< net40) (>= netstandard1.6)) (&& (== net452) (< net40) (>= netstandard2.0)) (&& (== net452) (>= uap10.0)) (&& (== net462) (< net40)) (&& (== net462) (>= uap10.0)) (== netcoreapp2.0) (== netstandard1.5)
    Microsoft.TestPlatform.ObjectModel (15.8) - restriction: || (&& (== net452) (>= netcoreapp1.0)) (&& (== net462) (>= netcoreapp1.0)) (== netcoreapp2.0) (&& (== netstandard1.5) (>= netcoreapp1.0))
      NETStandard.Library (>= 1.6) - restriction: || (&& (== net452) (< net451) (>= netstandard1.5)) (&& (== net462) (< net451)) (== netcoreapp2.0) (== netstandard1.5)
      System.ComponentModel.EventBasedAsync (>= 4.0.11) - restriction: || (&& (== net452) (< net451) (>= netstandard1.5)) (&& (== net462) (< net451)) (== netcoreapp2.0) (== netstandard1.5)
      System.ComponentModel.TypeConverter (>= 4.1) - restriction: || (&& (== net452) (< net451) (>= netstandard1.4)) (&& (== net452) (< net451) (>= netstandard1.5)) (&& (== net462) (< net451)) (== netcoreapp2.0) (== netstandard1.5)
      System.Diagnostics.Process (>= 4.1) - restriction: || (&& (== net452) (< net451) (>= netstandard1.5)) (&& (== net462) (< net451)) (== netcoreapp2.0) (== netstandard1.5)
      System.Diagnostics.TextWriterTraceListener (>= 4.0) - restriction: || (&& (== net452) (< net451) (>= netstandard1.5)) (&& (== net462) (< net451)) (== netcoreapp2.0) (== netstandard1.5)
      System.Diagnostics.TraceSource (>= 4.0) - restriction: || (&& (== net452) (< net451) (>= netstandard1.5)) (&& (== net462) (< net451)) (== netcoreapp2.0) (== netstandard1.5)
      System.Reflection.Metadata (>= 1.3)
      System.Reflection.TypeExtensions (>= 4.1) - restriction: || (&& (== net452) (< net451) (>= netstandard1.5)) (&& (== net462) (< net451)) (== netcoreapp2.0) (== netstandard1.5)
      System.Runtime.InteropServices.RuntimeInformation (>= 4.0) - restriction: || (&& (== net452) (< net451) (>= netstandard1.4)) (&& (== net452) (< net451) (>= netstandard1.5)) (&& (== net462) (< net451)) (== netcoreapp2.0) (== netstandard1.5)
      System.Runtime.Loader (>= 4.0) - restriction: || (&& (== net452) (< net451) (>= netstandard1.5)) (&& (== net462) (< net451)) (== netcoreapp2.0) (== netstandard1.5)
      System.Runtime.Serialization.Json (>= 4.0.2) - restriction: || (&& (== net452) (< net451) (>= netstandard1.5)) (&& (== net462) (< net451)) (== netcoreapp2.0) (== netstandard1.5)
      System.Runtime.Serialization.Primitives (>= 4.1.1) - restriction: || (&& (== net452) (< net451) (>= netstandard1.5)) (&& (== net462) (< net451)) (== netcoreapp2.0) (== netstandard1.5)
      System.Threading.Thread (>= 4.0) - restriction: || (&& (== net452) (< net451) (>= netstandard1.5)) (&& (== net462) (< net451)) (== netcoreapp2.0) (== netstandard1.5)
      System.Xml.XPath.XmlDocument (>= 4.0.1) - restriction: || (&& (== net452) (< net451) (>= netstandard1.5)) (&& (== net462) (< net451)) (== netcoreapp2.0) (== netstandard1.5)
    Microsoft.TestPlatform.TestHost (15.8) - restriction: || (&& (== net452) (>= netcoreapp1.0)) (&& (== net462) (>= netcoreapp1.0)) (== netcoreapp2.0) (&& (== netstandard1.5) (>= netcoreapp1.0))
      Microsoft.Extensions.DependencyModel (>= 1.0.3) - restriction: || (&& (== net452) (>= netcoreapp1.0)) (&& (== net462) (>= netcoreapp1.0)) (== netcoreapp2.0) (&& (== netstandard1.5) (>= netcoreapp1.0))
      Microsoft.TestPlatform.ObjectModel (>= 15.8) - restriction: || (&& (== net452) (>= netcoreapp1.0)) (&& (== net452) (>= uap10.0)) (&& (== net462) (>= netcoreapp1.0)) (&& (== net462) (>= uap10.0)) (== netcoreapp2.0) (&& (== netstandard1.5) (>= netcoreapp1.0)) (&& (== netstandard1.5) (>= uap10.0))
      Newtonsoft.Json (>= 9.0.1) - restriction: || (&& (== net452) (>= netcoreapp1.0)) (&& (== net452) (>= uap10.0)) (&& (== net462) (>= netcoreapp1.0)) (&& (== net462) (>= uap10.0)) (== netcoreapp2.0) (&& (== netstandard1.5) (>= netcoreapp1.0)) (&& (== netstandard1.5) (>= uap10.0))
    Microsoft.Win32.Primitives (4.3) - restriction: || (&& (== net452) (< net40) (>= netstandard1.3)) (&& (== net452) (< net40) (>= netstandard1.6)) (&& (== net452) (< net40) (>= netstandard2.0)) (&& (== net452) (>= netcoreapp1.0)) (&& (== net452) (>= uap10.0)) (&& (== net462) (< net40)) (&& (== net462) (>= netcoreapp1.0)) (&& (== net462) (>= uap10.0)) (== netcoreapp2.0) (== netstandard1.5)
      Microsoft.NETCore.Platforms (>= 1.1) - restriction: || (&& (== net452) (== net462)) (&& (== net452) (>= netstandard1.3)) (&& (== net462) (< net46)) (== netcoreapp2.0) (== netstandard1.5)
      Microsoft.NETCore.Targets (>= 1.1) - restriction: || (&& (== net452) (== net462)) (&& (== net452) (>= netstandard1.3)) (&& (== net462) (< net46)) (== netcoreapp2.0) (== netstandard1.5)
      System.Runtime (>= 4.3) - restriction: || (&& (== net452) (== net462)) (&& (== net452) (>= netstandard1.3)) (&& (== net462) (< net46)) (== netcoreapp2.0) (== netstandard1.5)
    Microsoft.Win32.Registry (4.5) - restriction: || (&& (== net452) (>= netcoreapp1.0)) (&& (== net462) (>= netcoreapp1.0)) (== netcoreapp2.0) (&& (== netstandard1.5) (>= netcoreapp1.0))
      System.Memory (>= 4.5) - restriction: || (&& (== net452) (>= netcoreapp2.0)) (&& (== net452) (>= netstandard2.0)) (&& (== net452) (>= uap10.1)) (&& (== net462) (< net46) (>= netstandard2.0)) (&& (== net462) (>= netcoreapp2.0)) (&& (== net462) (>= uap10.1)) (== netcoreapp2.0) (&& (== netstandard1.5) (>= netcoreapp2.0)) (&& (== netstandard1.5) (>= netstandard2.0)) (&& (== netstandard1.5) (>= uap10.1))
      System.Security.AccessControl (>= 4.5) - restriction: || (&& (== net452) (>= monoandroid)) (&& (== net452) (>= monotouch)) (&& (== net452) (>= net461)) (&& (== net452) (>= netcoreapp2.0)) (&& (== net452) (>= netstandard2.0)) (&& (== net452) (>= xamarinios)) (&& (== net452) (>= xamarinmac)) (&& (== net452) (>= xamarintvos)) (&& (== net452) (>= xamarinwatchos)) (== net462) (== netcoreapp2.0) (&& (== netstandard1.5) (>= monoandroid)) (&& (== netstandard1.5) (>= monotouch)) (&& (== netstandard1.5) (>= net461)) (&& (== netstandard1.5) (>= netcoreapp2.0)) (&& (== netstandard1.5) (>= netstandard2.0)) (&& (== netstandard1.5) (>= xamarinios)) (&& (== netstandard1.5) (>= xamarinmac)) (&& (== netstandard1.5) (>= xamarintvos)) (&& (== netstandard1.5) (>= xamarinwatchos))
      System.Security.Principal.Windows (>= 4.5) - restriction: || (&& (== net452) (>= monoandroid)) (&& (== net452) (>= monotouch)) (&& (== net452) (>= net461)) (&& (== net452) (>= netcoreapp2.0)) (&& (== net452) (>= netstandard2.0)) (&& (== net452) (>= xamarinios)) (&& (== net452) (>= xamarinmac)) (&& (== net452) (>= xamarintvos)) (&& (== net452) (>= xamarinwatchos)) (== net462) (== netcoreapp2.0) (&& (== netstandard1.5) (>= monoandroid)) (&& (== netstandard1.5) (>= monotouch)) (&& (== netstandard1.5) (>= net461)) (&& (== netstandard1.5) (>= netcoreapp2.0)) (&& (== netstandard1.5) (>= netstandard2.0)) (&& (== netstandard1.5) (>= xamarinios)) (&& (== netstandard1.5) (>= xamarinmac)) (&& (== netstandard1.5) (>= xamarintvos)) (&& (== netstandard1.5) (>= xamarinwatchos))
    NETStandard.Library (2.0.3) - restriction: || (&& (== net452) (< net40) (>= netstandard1.6)) (&& (== net452) (>= netstandard1.4)) (== net462) (== netcoreapp2.0) (== netstandard1.5)
      Microsoft.NETCore.Platforms (>= 1.1)
    Newtonsoft.Json (11.0.2)
      Microsoft.CSharp (>= 4.3) - restriction: || (&& (== net452) (== netcoreapp2.0)) (&& (== net452) (< net20)) (&& (== net462) (== netcoreapp2.0)) (&& (== net462) (< net20)) (&& (== netcoreapp2.0) (< netstandard1.3)) (&& (== netcoreapp2.0) (< netstandard2.0)) (== netstandard1.5)
      NETStandard.Library (>= 1.6.1) - restriction: || (&& (== net452) (== netcoreapp2.0)) (&& (== net452) (< net20)) (&& (== net462) (== netcoreapp2.0)) (&& (== net462) (< net20)) (&& (== netcoreapp2.0) (< netstandard1.3)) (&& (== netcoreapp2.0) (< netstandard2.0)) (== netstandard1.5)
      System.ComponentModel.TypeConverter (>= 4.3) - restriction: || (&& (== net452) (== netcoreapp2.0)) (&& (== net452) (< net20)) (&& (== net462) (== netcoreapp2.0)) (&& (== net462) (< net20)) (&& (== netcoreapp2.0) (< netstandard1.3)) (&& (== netcoreapp2.0) (< netstandard2.0)) (== netstandard1.5)
      System.Runtime.Serialization.Formatters (>= 4.3) - restriction: || (&& (== net452) (== netcoreapp2.0)) (&& (== net452) (< net20) (>= netstandard1.3)) (&& (== net462) (== netcoreapp2.0)) (&& (== net462) (< net20)) (&& (== netcoreapp2.0) (< netstandard2.0)) (== netstandard1.5)
      System.Runtime.Serialization.Primitives (>= 4.3) - restriction: || (&& (== net452) (== netcoreapp2.0)) (&& (== net452) (< net20)) (&& (== net462) (== netcoreapp2.0)) (&& (== net462) (< net20)) (&& (== netcoreapp2.0) (< netstandard1.3)) (&& (== netcoreapp2.0) (< netstandard2.0)) (== netstandard1.5)
      System.Xml.XmlDocument (>= 4.3) - restriction: || (&& (== net452) (== netcoreapp2.0)) (&& (== net452) (< net20) (>= netstandard1.3)) (&& (== net462) (== netcoreapp2.0)) (&& (== net462) (< net20)) (&& (== netcoreapp2.0) (< netstandard2.0)) (== netstandard1.5)
    NullGuard.Fody (1.8)
      Fody (>= 3.0)
      NETStandard.Library (>= 1.6.1) - restriction: || (&& (== net462) (< net452)) (== netcoreapp2.0) (== netstandard1.5)
    Rdf.Vocabularies (1.2.1-core0001)
      NETStandard.Library (>= 1.6) - restriction: || (&& (== net452) (>= netstandard1.4)) (== net462) (== netcoreapp2.0) (== netstandard1.5)
    runtime.debian.8-x64.runtime.native.System.Security.Cryptography.OpenSsl (4.3.3) - restriction: || (&& (== net452) (== netstandard1.5) (>= netstandard2.0)) (&& (== net452) (< net40) (>= netstandard1.6)) (&& (== net452) (< net40) (>= netstandard2.0)) (&& (== net452) (>= netstandard1.6) (>= uap10.0)) (&& (== net462) (< net40) (>= netstandard1.6)) (&& (== net462) (>= netstandard1.6) (>= uap10.0)) (== netcoreapp2.0) (&& (== netstandard1.5) (>= netstandard1.6))
    runtime.debian.9-x64.runtime.native.System.Security.Cryptography.OpenSsl (4.3.3) - restriction: || (&& (== net452) (== netstandard1.5) (>= netstandard2.0)) (&& (== net452) (< net40) (>= netstandard1.6)) (&& (== net452) (< net40) (>= netstandard2.0)) (&& (== net452) (>= netstandard1.6) (>= uap10.0)) (&& (== net462) (< net40) (>= netstandard1.6)) (&& (== net462) (>= netstandard1.6) (>= uap10.0)) (== netcoreapp2.0) (&& (== netstandard1.5) (>= netstandard1.6))
    runtime.fedora.23-x64.runtime.native.System.Security.Cryptography.OpenSsl (4.3.3) - restriction: || (&& (== net452) (== netstandard1.5) (>= netstandard2.0)) (&& (== net452) (< net40) (>= netstandard1.6)) (&& (== net452) (< net40) (>= netstandard2.0)) (&& (== net452) (>= netstandard1.6) (>= uap10.0)) (&& (== net462) (< net40) (>= netstandard1.6)) (&& (== net462) (>= netstandard1.6) (>= uap10.0)) (== netcoreapp2.0) (&& (== netstandard1.5) (>= netstandard1.6))
    runtime.fedora.24-x64.runtime.native.System.Security.Cryptography.OpenSsl (4.3.3) - restriction: || (&& (== net452) (== netstandard1.5) (>= netstandard2.0)) (&& (== net452) (< net40) (>= netstandard1.6)) (&& (== net452) (< net40) (>= netstandard2.0)) (&& (== net452) (>= netstandard1.6) (>= uap10.0)) (&& (== net462) (< net40) (>= netstandard1.6)) (&& (== net462) (>= netstandard1.6) (>= uap10.0)) (== netcoreapp2.0) (&& (== netstandard1.5) (>= netstandard1.6))
    runtime.fedora.27-x64.runtime.native.System.Security.Cryptography.OpenSsl (4.3.3) - restriction: || (&& (== net452) (== netstandard1.5) (>= netstandard2.0)) (&& (== net452) (< net40) (>= netstandard1.6)) (&& (== net452) (< net40) (>= netstandard2.0)) (&& (== net452) (>= netstandard1.6) (>= uap10.0)) (&& (== net462) (< net40) (>= netstandard1.6)) (&& (== net462) (>= netstandard1.6) (>= uap10.0)) (== netcoreapp2.0) (&& (== netstandard1.5) (>= netstandard1.6))
    runtime.fedora.28-x64.runtime.native.System.Security.Cryptography.OpenSsl (4.3.3) - restriction: || (&& (== net452) (== netstandard1.5) (>= netstandard2.0)) (&& (== net452) (< net40) (>= netstandard1.6)) (&& (== net452) (< net40) (>= netstandard2.0)) (&& (== net452) (>= netstandard1.6) (>= uap10.0)) (&& (== net462) (< net40) (>= netstandard1.6)) (&& (== net462) (>= netstandard1.6) (>= uap10.0)) (== netcoreapp2.0) (&& (== netstandard1.5) (>= netstandard1.6))
    runtime.native.System (4.3.1) - restriction: || (&& (== net452) (< net40) (>= netstandard1.3)) (&& (== net452) (< net40) (>= netstandard1.6)) (&& (== net452) (< net40) (>= netstandard2.0)) (&& (== net452) (>= uap10.0)) (&& (== net462) (< net40)) (&& (== net462) (>= uap10.0)) (== netcoreapp2.0) (== netstandard1.5)
      Microsoft.NETCore.Platforms (>= 1.1.1)
      Microsoft.NETCore.Targets (>= 1.1.3)
    runtime.native.System.IO.Compression (4.3.2) - restriction: || (&& (== net452) (== netcoreapp2.0)) (&& (== net452) (< net40) (>= netstandard1.3)) (&& (== net452) (< net40) (>= netstandard1.6)) (&& (== net452) (< net40) (>= netstandard2.0)) (&& (== net452) (>= uap10.0)) (&& (== net462) (== netcoreapp2.0)) (&& (== net462) (< net40)) (&& (== net462) (>= uap10.0)) (&& (== netcoreapp2.0) (< netstandard1.6)) (&& (== netcoreapp2.0) (< portable-net45+win8+wpa81)) (== netstandard1.5)
      Microsoft.NETCore.Platforms (>= 1.1.1)
      Microsoft.NETCore.Targets (>= 1.1.3)
    runtime.native.System.Net.Http (4.3.1) - restriction: || (&& (== net452) (== netstandard1.5) (>= netstandard2.0)) (&& (== net452) (< net40) (>= netstandard1.6)) (&& (== net452) (< net40) (>= netstandard2.0)) (&& (== net452) (>= netstandard1.6) (>= uap10.0)) (&& (== net462) (< net40) (>= netstandard1.6)) (&& (== net462) (>= netstandard1.6) (>= uap10.0)) (== netcoreapp2.0) (&& (== netstandard1.5) (>= netstandard1.6))
      Microsoft.NETCore.Platforms (>= 1.1.1)
      Microsoft.NETCore.Targets (>= 1.1.3)
    runtime.native.System.Security.Cryptography.Apple (4.3.1) - restriction: || (&& (== net452) (< net40) (>= netstandard1.6)) (&& (== net462) (< net40) (>= netstandard1.6)) (== netcoreapp2.0) (&& (== netstandard1.5) (>= netstandard1.6))
      runtime.osx.10.10-x64.runtime.native.System.Security.Cryptography.Apple (>= 4.3.1)
    runtime.native.System.Security.Cryptography.OpenSsl (4.3.3) - restriction: || (&& (== net452) (< net40) (>= netstandard1.3)) (&& (== net452) (< net40) (>= netstandard1.6)) (&& (== net452) (< net40) (>= netstandard2.0)) (&& (== net452) (>= uap10.0)) (&& (== net462) (< net40)) (&& (== net462) (>= uap10.0)) (== netcoreapp2.0) (== netstandard1.5)
      runtime.debian.8-x64.runtime.native.System.Security.Cryptography.OpenSsl (>= 4.3.3)
      runtime.debian.9-x64.runtime.native.System.Security.Cryptography.OpenSsl (>= 4.3.3)
      runtime.fedora.23-x64.runtime.native.System.Security.Cryptography.OpenSsl (>= 4.3.3)
      runtime.fedora.24-x64.runtime.native.System.Security.Cryptography.OpenSsl (>= 4.3.3)
      runtime.fedora.27-x64.runtime.native.System.Security.Cryptography.OpenSsl (>= 4.3.3)
      runtime.fedora.28-x64.runtime.native.System.Security.Cryptography.OpenSsl (>= 4.3.3)
      runtime.opensuse.13.2-x64.runtime.native.System.Security.Cryptography.OpenSsl (>= 4.3.3)
      runtime.opensuse.42.1-x64.runtime.native.System.Security.Cryptography.OpenSsl (>= 4.3.3)
      runtime.opensuse.42.3-x64.runtime.native.System.Security.Cryptography.OpenSsl (>= 4.3.3)
      runtime.osx.10.10-x64.runtime.native.System.Security.Cryptography.OpenSsl (>= 4.3.3)
      runtime.rhel.7-x64.runtime.native.System.Security.Cryptography.OpenSsl (>= 4.3.3)
      runtime.ubuntu.14.04-x64.runtime.native.System.Security.Cryptography.OpenSsl (>= 4.3.3)
      runtime.ubuntu.16.04-x64.runtime.native.System.Security.Cryptography.OpenSsl (>= 4.3.3)
      runtime.ubuntu.16.10-x64.runtime.native.System.Security.Cryptography.OpenSsl (>= 4.3.3)
      runtime.ubuntu.18.04-x64.runtime.native.System.Security.Cryptography.OpenSsl (>= 4.3.3)
    runtime.opensuse.13.2-x64.runtime.native.System.Security.Cryptography.OpenSsl (4.3.3) - restriction: || (&& (== net452) (== netstandard1.5) (>= netstandard2.0)) (&& (== net452) (< net40) (>= netstandard1.6)) (&& (== net452) (< net40) (>= netstandard2.0)) (&& (== net452) (>= netstandard1.6) (>= uap10.0)) (&& (== net462) (< net40) (>= netstandard1.6)) (&& (== net462) (>= netstandard1.6) (>= uap10.0)) (== netcoreapp2.0) (&& (== netstandard1.5) (>= netstandard1.6))
    runtime.opensuse.42.1-x64.runtime.native.System.Security.Cryptography.OpenSsl (4.3.3) - restriction: || (&& (== net452) (== netstandard1.5) (>= netstandard2.0)) (&& (== net452) (< net40) (>= netstandard1.6)) (&& (== net452) (< net40) (>= netstandard2.0)) (&& (== net452) (>= netstandard1.6) (>= uap10.0)) (&& (== net462) (< net40) (>= netstandard1.6)) (&& (== net462) (>= netstandard1.6) (>= uap10.0)) (== netcoreapp2.0) (&& (== netstandard1.5) (>= netstandard1.6))
    runtime.opensuse.42.3-x64.runtime.native.System.Security.Cryptography.OpenSsl (4.3.3) - restriction: || (&& (== net452) (== netstandard1.5) (>= netstandard2.0)) (&& (== net452) (< net40) (>= netstandard1.6)) (&& (== net452) (< net40) (>= netstandard2.0)) (&& (== net452) (>= netstandard1.6) (>= uap10.0)) (&& (== net462) (< net40) (>= netstandard1.6)) (&& (== net462) (>= netstandard1.6) (>= uap10.0)) (== netcoreapp2.0) (&& (== netstandard1.5) (>= netstandard1.6))
    runtime.osx.10.10-x64.runtime.native.System.Security.Cryptography.Apple (4.3.1) - restriction: || (&& (== net452) (< net40) (>= netstandard1.6)) (&& (== net462) (< net40) (>= netstandard1.6)) (== netcoreapp2.0) (&& (== netstandard1.5) (>= netstandard1.6))
    runtime.osx.10.10-x64.runtime.native.System.Security.Cryptography.OpenSsl (4.3.3) - restriction: || (&& (== net452) (== netstandard1.5) (>= netstandard2.0)) (&& (== net452) (< net40) (>= netstandard1.6)) (&& (== net452) (< net40) (>= netstandard2.0)) (&& (== net452) (>= netstandard1.6) (>= uap10.0)) (&& (== net462) (< net40) (>= netstandard1.6)) (&& (== net462) (>= netstandard1.6) (>= uap10.0)) (== netcoreapp2.0) (&& (== netstandard1.5) (>= netstandard1.6))
    runtime.rhel.7-x64.runtime.native.System.Security.Cryptography.OpenSsl (4.3.3) - restriction: || (&& (== net452) (== netstandard1.5) (>= netstandard2.0)) (&& (== net452) (< net40) (>= netstandard1.6)) (&& (== net452) (< net40) (>= netstandard2.0)) (&& (== net452) (>= netstandard1.6) (>= uap10.0)) (&& (== net462) (< net40) (>= netstandard1.6)) (&& (== net462) (>= netstandard1.6) (>= uap10.0)) (== netcoreapp2.0) (&& (== netstandard1.5) (>= netstandard1.6))
    runtime.ubuntu.14.04-x64.runtime.native.System.Security.Cryptography.OpenSsl (4.3.3) - restriction: || (&& (== net452) (== netstandard1.5) (>= netstandard2.0)) (&& (== net452) (< net40) (>= netstandard1.6)) (&& (== net452) (< net40) (>= netstandard2.0)) (&& (== net452) (>= netstandard1.6) (>= uap10.0)) (&& (== net462) (< net40) (>= netstandard1.6)) (&& (== net462) (>= netstandard1.6) (>= uap10.0)) (== netcoreapp2.0) (&& (== netstandard1.5) (>= netstandard1.6))
    runtime.ubuntu.16.04-x64.runtime.native.System.Security.Cryptography.OpenSsl (4.3.3) - restriction: || (&& (== net452) (== netstandard1.5) (>= netstandard2.0)) (&& (== net452) (< net40) (>= netstandard1.6)) (&& (== net452) (< net40) (>= netstandard2.0)) (&& (== net452) (>= netstandard1.6) (>= uap10.0)) (&& (== net462) (< net40) (>= netstandard1.6)) (&& (== net462) (>= netstandard1.6) (>= uap10.0)) (== netcoreapp2.0) (&& (== netstandard1.5) (>= netstandard1.6))
    runtime.ubuntu.16.10-x64.runtime.native.System.Security.Cryptography.OpenSsl (4.3.3) - restriction: || (&& (== net452) (== netstandard1.5) (>= netstandard2.0)) (&& (== net452) (< net40) (>= netstandard1.6)) (&& (== net452) (< net40) (>= netstandard2.0)) (&& (== net452) (>= netstandard1.6) (>= uap10.0)) (&& (== net462) (< net40) (>= netstandard1.6)) (&& (== net462) (>= netstandard1.6) (>= uap10.0)) (== netcoreapp2.0) (&& (== netstandard1.5) (>= netstandard1.6))
    runtime.ubuntu.18.04-x64.runtime.native.System.Security.Cryptography.OpenSsl (4.3.3) - restriction: || (&& (== net452) (== netstandard1.5) (>= netstandard2.0)) (&& (== net452) (< net40) (>= netstandard1.6)) (&& (== net452) (< net40) (>= netstandard2.0)) (&& (== net452) (>= netstandard1.6) (>= uap10.0)) (&& (== net462) (< net40) (>= netstandard1.6)) (&& (== net462) (>= netstandard1.6) (>= uap10.0)) (== netcoreapp2.0) (&& (== netstandard1.5) (>= netstandard1.6))
    SpecFlow (2.4.0-preview20180814)
      Newtonsoft.Json (>= 10.0.3)
      System.ValueTuple (>= 4.3)
    SpecFlow.xUnit (2.4.0-preview20180814)
      SpecFlow (2.4.0-preview20180814)
      xunit (>= 2.0)
    System.AppContext (4.3) - restriction: || (&& (== net452) (>= netcoreapp1.0)) (&& (== net462) (>= netcoreapp1.0)) (== netcoreapp2.0) (&& (== netstandard1.5) (>= netcoreapp1.0))
      System.Runtime (>= 4.3) - restriction: || (== net452) (&& (== net462) (< net46)) (&& (== net462) (< netstandard1.3)) (== netcoreapp2.0) (== netstandard1.5)
    System.Buffers (4.5) - restriction: || (&& (== net452) (== netcoreapp2.0)) (&& (== net452) (< net40) (>= netstandard1.3)) (&& (== net452) (< net40) (>= netstandard1.6)) (&& (== net452) (< net40) (>= netstandard2.0)) (&& (== net452) (>= uap10.0)) (&& (== net462) (== netcoreapp2.0)) (&& (== net462) (< net40)) (&& (== net462) (>= uap10.0)) (&& (== netcoreapp2.0) (< netstandard1.6)) (&& (== netcoreapp2.0) (< portable-net45+win8+wpa81)) (== netstandard1.5)
      System.Diagnostics.Debug (>= 4.3) - restriction: || (&& (== net452) (== netcoreapp2.0)) (&& (== net452) (< net45)) (&& (== net462) (== netcoreapp2.0)) (&& (== net462) (< net45)) (&& (== netcoreapp2.0) (< netstandard2.0)) (== netstandard1.5)
      System.Diagnostics.Tracing (>= 4.3) - restriction: || (&& (== net452) (== netcoreapp2.0)) (&& (== net452) (< net45)) (&& (== net462) (== netcoreapp2.0)) (&& (== net462) (< net45)) (&& (== netcoreapp2.0) (< netstandard2.0)) (== netstandard1.5)
      System.Resources.ResourceManager (>= 4.3) - restriction: || (&& (== net452) (== netcoreapp2.0)) (&& (== net452) (< net45)) (&& (== net462) (== netcoreapp2.0)) (&& (== net462) (< net45)) (&& (== netcoreapp2.0) (< netstandard2.0)) (== netstandard1.5)
      System.Runtime (>= 4.3) - restriction: || (&& (== net452) (== netcoreapp2.0)) (&& (== net452) (< net45)) (&& (== net462) (== netcoreapp2.0)) (&& (== net462) (< net45)) (&& (== netcoreapp2.0) (< netstandard2.0)) (== netstandard1.5)
      System.Threading (>= 4.3) - restriction: || (&& (== net452) (== netcoreapp2.0)) (&& (== net452) (< net45)) (&& (== net462) (== netcoreapp2.0)) (&& (== net462) (< net45)) (&& (== netcoreapp2.0) (< netstandard2.0)) (== netstandard1.5)
    System.Collections (4.3) - restriction: || (&& (== net452) (< net20) (>= netstandard1.4)) (&& (== net452) (< net40) (>= netstandard1.3)) (&& (== net452) (< net40) (>= netstandard1.6)) (&& (== net452) (< net40) (>= netstandard2.0)) (&& (== net452) (>= uap10.0)) (&& (== net462) (< net20)) (&& (== net462) (< net40)) (&& (== net462) (>= uap10.0)) (== netcoreapp2.0) (== netstandard1.5)
      Microsoft.NETCore.Platforms (>= 1.1) - restriction: || (&& (== net452) (< net45)) (&& (== net452) (< portable-net45+win8+wp8+wpa81)) (&& (== net462) (< net45)) (&& (== net462) (< portable-net45+win8+wp8+wpa81)) (== netcoreapp2.0) (== netstandard1.5)
      Microsoft.NETCore.Targets (>= 1.1) - restriction: || (&& (== net452) (< net45)) (&& (== net452) (< portable-net45+win8+wp8+wpa81)) (&& (== net462) (< net45)) (&& (== net462) (< portable-net45+win8+wp8+wpa81)) (== netcoreapp2.0) (== netstandard1.5)
      System.Runtime (>= 4.3) - restriction: || (&& (== net452) (< net45)) (&& (== net452) (< portable-net45+win8+wp8+wpa81)) (&& (== net462) (< net45)) (&& (== net462) (< portable-net45+win8+wp8+wpa81)) (== netcoreapp2.0) (== netstandard1.5)
    System.Collections.Concurrent (4.3) - restriction: || (&& (== net452) (< net40) (>= netstandard1.3)) (&& (== net452) (< net40) (>= netstandard1.6)) (&& (== net452) (< net40) (>= netstandard2.0)) (&& (== net452) (>= uap10.0)) (&& (== net462) (< net40)) (&& (== net462) (>= uap10.0)) (== netcoreapp2.0) (== netstandard1.5)
      System.Collections (>= 4.3) - restriction: || (&& (== net452) (< net45) (>= netstandard1.3)) (&& (== net452) (< portable-net45+win8+wpa81)) (&& (== net462) (< net45)) (&& (== net462) (< portable-net45+win8+wpa81)) (== netcoreapp2.0) (== netstandard1.5)
      System.Diagnostics.Debug (>= 4.3) - restriction: || (&& (== net452) (< net45) (>= netstandard1.3)) (&& (== net452) (< portable-net45+win8+wpa81)) (&& (== net462) (< net45)) (&& (== net462) (< portable-net45+win8+wpa81)) (== netcoreapp2.0) (== netstandard1.5)
      System.Diagnostics.Tracing (>= 4.3) - restriction: || (&& (== net452) (< net45) (>= netstandard1.3)) (&& (== net452) (< portable-net45+win8+wpa81)) (&& (== net462) (< net45)) (&& (== net462) (< portable-net45+win8+wpa81)) (== netcoreapp2.0) (== netstandard1.5)
      System.Globalization (>= 4.3) - restriction: || (&& (== net452) (< net45) (>= netstandard1.3)) (&& (== net452) (< portable-net45+win8+wpa81)) (&& (== net462) (< net45)) (&& (== net462) (< portable-net45+win8+wpa81)) (== netcoreapp2.0) (== netstandard1.5)
      System.Reflection (>= 4.3) - restriction: || (&& (== net452) (< net45) (>= netstandard1.3)) (&& (== net462) (< net45)) (== netcoreapp2.0) (== netstandard1.5)
      System.Resources.ResourceManager (>= 4.3) - restriction: || (&& (== net452) (< net45) (>= netstandard1.3)) (&& (== net452) (< portable-net45+win8+wpa81)) (&& (== net462) (< net45)) (&& (== net462) (< portable-net45+win8+wpa81)) (== netcoreapp2.0) (== netstandard1.5)
      System.Runtime (>= 4.3) - restriction: || (&& (== net452) (< net45)) (&& (== net452) (< portable-net45+win8+wpa81)) (&& (== net462) (< net45)) (&& (== net462) (< portable-net45+win8+wpa81)) (== netcoreapp2.0) (== netstandard1.5)
      System.Runtime.Extensions (>= 4.3) - restriction: || (&& (== net452) (< net45) (>= netstandard1.3)) (&& (== net452) (< portable-net45+win8+wpa81)) (&& (== net462) (< net45)) (&& (== net462) (< portable-net45+win8+wpa81)) (== netcoreapp2.0) (== netstandard1.5)
      System.Threading (>= 4.3) - restriction: || (&& (== net452) (< net45) (>= netstandard1.3)) (&& (== net452) (< portable-net45+win8+wpa81)) (&& (== net462) (< net45)) (&& (== net462) (< portable-net45+win8+wpa81)) (== netcoreapp2.0) (== netstandard1.5)
      System.Threading.Tasks (>= 4.3) - restriction: || (&& (== net452) (< net45)) (&& (== net452) (< portable-net45+win8+wpa81)) (&& (== net462) (< net45)) (&& (== net462) (< portable-net45+win8+wpa81)) (== netcoreapp2.0) (== netstandard1.5)
    System.Collections.Immutable (1.5) - restriction: || (&& (== net452) (>= netcoreapp1.0)) (&& (== net462) (>= netcoreapp1.0)) (== netcoreapp2.0) (&& (== netstandard1.5) (>= netcoreapp1.0))
    System.Collections.NonGeneric (4.3) - restriction: || (&& (== net452) (< net40) (>= netstandard1.4)) (&& (== net452) (< net40) (>= netstandard2.0)) (&& (== net462) (< net40)) (== netcoreapp2.0) (== netstandard1.5)
      System.Diagnostics.Debug (>= 4.3) - restriction: || (&& (== net452) (== net462)) (&& (== net452) (>= netstandard1.3)) (&& (== net462) (< net46)) (== netcoreapp2.0) (== netstandard1.5)
      System.Globalization (>= 4.3) - restriction: || (&& (== net452) (== net462)) (&& (== net452) (>= netstandard1.3)) (&& (== net462) (< net46)) (== netcoreapp2.0) (== netstandard1.5)
      System.Resources.ResourceManager (>= 4.3) - restriction: || (&& (== net452) (== net462)) (&& (== net452) (>= netstandard1.3)) (&& (== net462) (< net46)) (== netcoreapp2.0) (== netstandard1.5)
      System.Runtime (>= 4.3) - restriction: || (&& (== net452) (== net462)) (&& (== net452) (>= netstandard1.3)) (&& (== net462) (< net46)) (== netcoreapp2.0) (== netstandard1.5)
      System.Runtime.Extensions (>= 4.3) - restriction: || (&& (== net452) (== net462)) (&& (== net452) (>= netstandard1.3)) (&& (== net462) (< net46)) (== netcoreapp2.0) (== netstandard1.5)
      System.Threading (>= 4.3) - restriction: || (&& (== net452) (== net462)) (&& (== net452) (>= netstandard1.3)) (&& (== net462) (< net46)) (== netcoreapp2.0) (== netstandard1.5)
    System.Collections.Specialized (4.3) - restriction: || (&& (== net452) (< net35) (>= netstandard1.6)) (&& (== net452) (< net40) (>= netstandard1.4)) (&& (== net452) (< net40) (>= netstandard2.0)) (&& (== net462) (< net35) (>= netstandard1.6)) (&& (== net462) (< net40)) (== netcoreapp2.0) (== netstandard1.5)
      System.Collections.NonGeneric (>= 4.3) - restriction: || (&& (== net452) (== net462)) (&& (== net452) (>= netstandard1.3)) (&& (== net462) (< net46)) (== netcoreapp2.0) (== netstandard1.5)
      System.Globalization (>= 4.3) - restriction: || (&& (== net452) (== net462)) (&& (== net452) (>= netstandard1.3)) (&& (== net462) (< net46)) (== netcoreapp2.0) (== netstandard1.5)
      System.Globalization.Extensions (>= 4.3) - restriction: || (&& (== net452) (== net462)) (&& (== net452) (>= netstandard1.3)) (&& (== net462) (< net46)) (== netcoreapp2.0) (== netstandard1.5)
      System.Resources.ResourceManager (>= 4.3) - restriction: || (&& (== net452) (== net462)) (&& (== net452) (>= netstandard1.3)) (&& (== net462) (< net46)) (== netcoreapp2.0) (== netstandard1.5)
      System.Runtime (>= 4.3) - restriction: || (&& (== net452) (== net462)) (&& (== net452) (>= netstandard1.3)) (&& (== net462) (< net46)) (== netcoreapp2.0) (== netstandard1.5)
      System.Runtime.Extensions (>= 4.3) - restriction: || (&& (== net452) (== net462)) (&& (== net452) (>= netstandard1.3)) (&& (== net462) (< net46)) (== netcoreapp2.0) (== netstandard1.5)
      System.Threading (>= 4.3) - restriction: || (&& (== net452) (== net462)) (&& (== net452) (>= netstandard1.3)) (&& (== net462) (< net46)) (== netcoreapp2.0) (== netstandard1.5)
    System.ComponentModel (4.3) - restriction: || (&& (== net452) (< net35) (>= netstandard1.6)) (&& (== net452) (< net40) (>= netstandard1.5)) (&& (== net462) (< net35) (>= netstandard1.6)) (&& (== net462) (< net40)) (== netcoreapp2.0) (== netstandard1.5)
      System.Runtime (>= 4.3) - restriction: || (&& (== net452) (< net45)) (&& (== net452) (< portable-net45+win8+wp8+wpa81)) (&& (== net462) (< net45)) (&& (== net462) (< portable-net45+win8+wp8+wpa81)) (== netcoreapp2.0) (== netstandard1.5)
    System.ComponentModel.EventBasedAsync (4.3) - restriction: || (&& (== net452) (>= netcoreapp1.0)) (&& (== net462) (>= netcoreapp1.0)) (== netcoreapp2.0) (&& (== netstandard1.5) (>= netcoreapp1.0))
      System.Resources.ResourceManager (>= 4.3) - restriction: || (&& (== net452) (< net45) (>= netstandard1.3)) (&& (== net452) (< portable-net45+win8+wp8+wpa81)) (&& (== net462) (< net45)) (&& (== net462) (< portable-net45+win8+wp8+wpa81)) (== netcoreapp2.0) (== netstandard1.5)
      System.Runtime (>= 4.3) - restriction: || (&& (== net452) (< net45)) (&& (== net452) (< portable-net45+win8+wp8+wpa81)) (&& (== net462) (< net45)) (&& (== net462) (< portable-net45+win8+wp8+wpa81)) (== netcoreapp2.0) (== netstandard1.5)
      System.Threading (>= 4.3) - restriction: || (&& (== net452) (< net45) (>= netstandard1.3)) (&& (== net452) (< portable-net45+win8+wp8+wpa81)) (&& (== net462) (< net45)) (&& (== net462) (< portable-net45+win8+wp8+wpa81)) (== netcoreapp2.0) (== netstandard1.5)
      System.Threading.Tasks (>= 4.3) - restriction: || (&& (== net452) (< net45) (>= netstandard1.3)) (&& (== net452) (< portable-net45+win8+wp8+wpa81)) (&& (== net462) (< net45)) (&& (== net462) (< portable-net45+win8+wp8+wpa81)) (== netcoreapp2.0) (== netstandard1.5)
    System.ComponentModel.Primitives (4.3) - restriction: || (&& (== net452) (< net40) (>= net462)) (&& (== net452) (< net40) (>= netstandard1.4)) (&& (== net452) (< net40) (>= netstandard1.5)) (&& (== net452) (< net40) (>= netstandard2.0)) (&& (== net452) (< netstandard1.0) (>= netstandard1.4) (>= win8)) (&& (== net452) (< netstandard1.0) (>= netstandard2.0) (>= win8)) (&& (== net452) (>= netstandard1.4) (>= wp8)) (&& (== net452) (>= netstandard1.4) (>= wpa81)) (&& (== net452) (>= netstandard2.0) (>= wp8)) (&& (== net452) (>= netstandard2.0) (>= wpa81)) (&& (== net462) (< net40)) (&& (== net462) (< netstandard1.0) (>= win8)) (&& (== net462) (>= wp8)) (&& (== net462) (>= wpa81)) (== netcoreapp2.0) (== netstandard1.5)
      System.ComponentModel (>= 4.3) - restriction: || (&& (== net452) (< net45)) (&& (== net462) (< net45)) (== netcoreapp2.0) (== netstandard1.5)
      System.Resources.ResourceManager (>= 4.3) - restriction: || (&& (== net452) (< net45)) (&& (== net462) (< net45)) (== netcoreapp2.0) (== netstandard1.5)
      System.Runtime (>= 4.3) - restriction: || (&& (== net452) (< net45)) (&& (== net462) (< net45)) (== netcoreapp2.0) (== netstandard1.5)
    System.ComponentModel.TypeConverter (4.3) - restriction: || (&& (== net452) (< net20)) (&& (== net452) (< net35) (>= netstandard1.6)) (&& (== net452) (< net40) (>= netstandard1.4)) (&& (== net452) (< net40) (>= netstandard2.0)) (&& (== net462) (< net20)) (&& (== net462) (< net35) (>= netstandard1.6)) (&& (== net462) (< net40)) (== netcoreapp2.0) (== netstandard1.5)
      System.Collections (>= 4.3) - restriction: || (&& (== net452) (< net45)) (&& (== net462) (< net45)) (== netcoreapp2.0) (== netstandard1.5)
      System.Collections.NonGeneric (>= 4.3) - restriction: || (&& (== net452) (< net45) (>= netstandard1.5)) (&& (== net452) (>= net462)) (== net462) (== netcoreapp2.0) (== netstandard1.5)
      System.Collections.Specialized (>= 4.3) - restriction: || (&& (== net452) (< net45) (>= netstandard1.5)) (&& (== net462) (< net45)) (== netcoreapp2.0) (== netstandard1.5)
      System.ComponentModel (>= 4.3) - restriction: || (&& (== net452) (< net45)) (&& (== net462) (< net45)) (== netcoreapp2.0) (== netstandard1.5)
      System.ComponentModel.Primitives (>= 4.3)
      System.Globalization (>= 4.3) - restriction: || (&& (== net452) (< net45)) (&& (== net462) (< net45)) (== netcoreapp2.0) (== netstandard1.5)
      System.Linq (>= 4.3) - restriction: || (&& (== net452) (< net45) (>= netstandard1.5)) (&& (== net462) (< net45)) (== netcoreapp2.0) (== netstandard1.5)
      System.Reflection (>= 4.3) - restriction: || (&& (== net452) (< net45)) (&& (== net462) (< net45)) (== netcoreapp2.0) (== netstandard1.5)
      System.Reflection.Extensions (>= 4.3) - restriction: || (&& (== net452) (< net45)) (&& (== net462) (< net45)) (== netcoreapp2.0) (== netstandard1.5)
      System.Reflection.Primitives (>= 4.3) - restriction: || (&& (== net452) (< net45)) (&& (== net462) (< net45)) (== netcoreapp2.0) (== netstandard1.5)
      System.Reflection.TypeExtensions (>= 4.3) - restriction: || (&& (== net452) (< net45) (>= netstandard1.5)) (&& (== net462) (< net45)) (== netcoreapp2.0) (== netstandard1.5)
      System.Resources.ResourceManager (>= 4.3) - restriction: || (&& (== net452) (< net45)) (&& (== net462) (< net45)) (== netcoreapp2.0) (== netstandard1.5)
      System.Runtime (>= 4.3) - restriction: || (&& (== net452) (< net45)) (&& (== net462) (< net45)) (== netcoreapp2.0) (== netstandard1.5)
      System.Runtime.Extensions (>= 4.3) - restriction: || (&& (== net452) (< net45)) (&& (== net462) (< net45)) (== netcoreapp2.0) (== netstandard1.5)
      System.Threading (>= 4.3) - restriction: || (&& (== net452) (< net45)) (&& (== net462) (< net45)) (== netcoreapp2.0) (== netstandard1.5)
    System.Configuration.ConfigurationManager (4.5) - restriction: || (&& (== net452) (< net40) (>= netstandard2.0)) (&& (== net462) (< net40) (>= netstandard2.0)) (== netcoreapp2.0) (&& (== netstandard1.5) (>= netstandard2.0))
      System.Security.Cryptography.ProtectedData (>= 4.5) - restriction: || (&& (== net452) (>= netstandard2.0)) (&& (== net462) (< net461) (>= netstandard2.0)) (== netcoreapp2.0) (&& (== netstandard1.5) (>= netstandard2.0))
      System.Security.Permissions (>= 4.5) - restriction: || (&& (== net452) (>= monoandroid)) (&& (== net452) (>= monotouch)) (&& (== net452) (>= net461)) (&& (== net452) (>= netstandard2.0)) (&& (== net452) (>= xamarinios)) (&& (== net452) (>= xamarinmac)) (&& (== net452) (>= xamarintvos)) (&& (== net452) (>= xamarinwatchos)) (== net462) (== netcoreapp2.0) (&& (== netstandard1.5) (>= monoandroid)) (&& (== netstandard1.5) (>= monotouch)) (&& (== netstandard1.5) (>= net461)) (&& (== netstandard1.5) (>= netstandard2.0)) (&& (== netstandard1.5) (>= xamarinios)) (&& (== netstandard1.5) (>= xamarinmac)) (&& (== netstandard1.5) (>= xamarintvos)) (&& (== netstandard1.5) (>= xamarinwatchos))
    System.Diagnostics.Debug (4.3) - restriction: || (&& (== net452) (< net40) (>= netstandard1.3)) (&& (== net452) (< net40) (>= netstandard1.6)) (&& (== net452) (< net40) (>= netstandard2.0)) (&& (== net452) (>= uap10.0)) (&& (== net462) (< net40)) (&& (== net462) (>= uap10.0)) (== netcoreapp2.0) (== netstandard1.5)
      Microsoft.NETCore.Platforms (>= 1.1) - restriction: || (&& (== net452) (< net45)) (&& (== net452) (< portable-net45+win8+wp8+wpa81)) (&& (== net462) (< net45)) (&& (== net462) (< portable-net45+win8+wp8+wpa81)) (== netcoreapp2.0) (== netstandard1.5)
      Microsoft.NETCore.Targets (>= 1.1) - restriction: || (&& (== net452) (< net45)) (&& (== net452) (< portable-net45+win8+wp8+wpa81)) (&& (== net462) (< net45)) (&& (== net462) (< portable-net45+win8+wp8+wpa81)) (== netcoreapp2.0) (== netstandard1.5)
      System.Runtime (>= 4.3) - restriction: || (&& (== net452) (< net45)) (&& (== net452) (< portable-net45+win8+wp8+wpa81)) (&& (== net462) (< net45)) (&& (== net462) (< portable-net45+win8+wp8+wpa81)) (== netcoreapp2.0) (== netstandard1.5)
    System.Diagnostics.DiagnosticSource (4.5) - restriction: || (&& (== net452) (< net40) (>= netstandard1.3)) (&& (== net452) (< net40) (>= netstandard1.6)) (&& (== net452) (< net40) (>= netstandard2.0)) (&& (== net452) (>= uap10.0)) (&& (== net462) (< net40)) (&& (== net462) (>= uap10.0)) (== netcoreapp2.0) (== netstandard1.5)
      System.Collections (>= 4.3) - restriction: || (&& (== net452) (== netcoreapp2.0)) (&& (== net452) (< net45)) (&& (== net462) (== netcoreapp2.0)) (&& (== net462) (< net45)) (&& (== netcoreapp2.0) (< netstandard1.3)) (&& (== netcoreapp2.0) (< netstandard2.0)) (== netstandard1.5)
      System.Diagnostics.Debug (>= 4.3) - restriction: || (&& (== net452) (== netcoreapp2.0)) (&& (== net452) (< net45) (>= netstandard1.3)) (&& (== net462) (== netcoreapp2.0)) (&& (== net462) (< net45)) (&& (== netcoreapp2.0) (< netstandard2.0)) (== netstandard1.5)
      System.Diagnostics.Tracing (>= 4.3) - restriction: || (&& (== net452) (== netcoreapp2.0)) (&& (== net452) (< net45)) (&& (== net462) (== netcoreapp2.0)) (&& (== net462) (< net45)) (&& (== netcoreapp2.0) (< netstandard1.3)) (&& (== netcoreapp2.0) (< netstandard2.0)) (== netstandard1.5)
      System.Reflection (>= 4.3) - restriction: || (&& (== net452) (== netcoreapp2.0)) (&& (== net452) (< net45)) (&& (== net462) (== netcoreapp2.0)) (&& (== net462) (< net45)) (&& (== netcoreapp2.0) (< netstandard1.3)) (&& (== netcoreapp2.0) (< netstandard2.0)) (== netstandard1.5)
      System.Runtime (>= 4.3) - restriction: || (&& (== net452) (== netcoreapp2.0)) (&& (== net452) (< net45)) (&& (== net462) (== netcoreapp2.0)) (&& (== net462) (< net45)) (&& (== netcoreapp2.0) (< netstandard1.3)) (&& (== netcoreapp2.0) (< netstandard2.0)) (== netstandard1.5)
      System.Runtime.Extensions (>= 4.3) - restriction: || (&& (== net452) (== netcoreapp2.0)) (&& (== net452) (< net45) (>= netstandard1.3)) (&& (== net462) (== netcoreapp2.0)) (&& (== net462) (< net45)) (&& (== netcoreapp2.0) (< netstandard2.0)) (== netstandard1.5)
      System.Threading (>= 4.3) - restriction: || (&& (== net452) (== netcoreapp2.0)) (&& (== net452) (< net45)) (&& (== net462) (== netcoreapp2.0)) (&& (== net462) (< net45)) (&& (== netcoreapp2.0) (< netstandard1.3)) (&& (== netcoreapp2.0) (< netstandard2.0)) (== netstandard1.5)
    System.Diagnostics.Process (4.3) - restriction: || (&& (== net452) (>= netcoreapp1.0)) (&& (== net462) (>= netcoreapp1.0)) (== netcoreapp2.0) (&& (== netstandard1.5) (>= netcoreapp1.0))
      Microsoft.NETCore.Platforms (>= 1.1) - restriction: || (&& (== net452) (== net462)) (&& (== net452) (>= netstandard1.4)) (&& (== net462) (< net46)) (== netcoreapp2.0) (== netstandard1.5)
      Microsoft.Win32.Primitives (>= 4.3) - restriction: || (&& (== net452) (== net462)) (&& (== net452) (>= netstandard1.4)) (&& (== net462) (< net46)) (== netcoreapp2.0) (== netstandard1.5)
      Microsoft.Win32.Registry (>= 4.3) - restriction: || (&& (== net452) (== net462)) (&& (== net452) (>= netstandard1.4)) (&& (== net462) (< net46)) (== netcoreapp2.0) (== netstandard1.5)
      runtime.native.System (>= 4.3) - restriction: || (&& (== net452) (== net462)) (&& (== net452) (>= netstandard1.4)) (&& (== net462) (< net46)) (== netcoreapp2.0) (== netstandard1.5)
      System.Collections (>= 4.3) - restriction: || (&& (== net452) (== net462)) (&& (== net452) (>= netstandard1.4)) (&& (== net462) (< net46)) (== netcoreapp2.0) (== netstandard1.5)
      System.Diagnostics.Debug (>= 4.3) - restriction: || (&& (== net452) (== net462)) (&& (== net452) (>= netstandard1.4)) (&& (== net462) (< net46)) (== netcoreapp2.0) (== netstandard1.5)
      System.Globalization (>= 4.3) - restriction: || (&& (== net452) (== net462)) (&& (== net452) (>= netstandard1.4)) (&& (== net462) (< net46)) (== netcoreapp2.0) (== netstandard1.5)
      System.IO (>= 4.3) - restriction: || (&& (== net452) (== net462)) (&& (== net452) (>= netstandard1.3)) (&& (== net452) (>= netstandard1.4)) (&& (== net462) (< net46)) (== netcoreapp2.0) (== netstandard1.5)
      System.IO.FileSystem (>= 4.3) - restriction: || (&& (== net452) (== net462)) (&& (== net452) (>= netstandard1.4)) (&& (== net462) (< net46)) (== netcoreapp2.0) (== netstandard1.5)
      System.IO.FileSystem.Primitives (>= 4.3) - restriction: || (&& (== net452) (== net462)) (&& (== net452) (>= netstandard1.4)) (&& (== net462) (< net46)) (== netcoreapp2.0) (== netstandard1.5)
      System.Resources.ResourceManager (>= 4.3) - restriction: || (&& (== net452) (== net462)) (&& (== net452) (>= netstandard1.4)) (&& (== net462) (< net46)) (== netcoreapp2.0) (== netstandard1.5)
      System.Runtime (>= 4.3) - restriction: || (&& (== net452) (== net462)) (&& (== net452) (>= netstandard1.3)) (&& (== net452) (>= netstandard1.4)) (&& (== net462) (< net46)) (== netcoreapp2.0) (== netstandard1.5)
      System.Runtime.Extensions (>= 4.3) - restriction: || (&& (== net452) (== net462)) (&& (== net452) (>= netstandard1.4)) (&& (== net462) (< net46)) (== netcoreapp2.0) (== netstandard1.5)
      System.Runtime.Handles (>= 4.3) - restriction: || (&& (== net452) (== net462)) (&& (== net452) (>= netstandard1.3)) (&& (== net452) (>= netstandard1.4)) (&& (== net462) (< net46)) (== netcoreapp2.0) (== netstandard1.5)
      System.Runtime.InteropServices (>= 4.3) - restriction: || (&& (== net452) (== net462)) (&& (== net452) (>= netstandard1.4)) (&& (== net462) (< net46)) (== netcoreapp2.0) (== netstandard1.5)
      System.Text.Encoding (>= 4.3) - restriction: || (&& (== net452) (== net462)) (&& (== net452) (>= netstandard1.3)) (&& (== net452) (>= netstandard1.4)) (&& (== net462) (< net46)) (== netcoreapp2.0) (== netstandard1.5)
      System.Text.Encoding.Extensions (>= 4.3) - restriction: || (&& (== net452) (== net462)) (&& (== net452) (>= netstandard1.4)) (&& (== net462) (< net46)) (== netcoreapp2.0) (== netstandard1.5)
      System.Threading (>= 4.3) - restriction: || (&& (== net452) (== net462)) (&& (== net452) (>= netstandard1.4)) (&& (== net462) (< net46)) (== netcoreapp2.0) (== netstandard1.5)
      System.Threading.Tasks (>= 4.3) - restriction: || (&& (== net452) (== net462)) (&& (== net452) (>= netstandard1.4)) (&& (== net462) (< net46)) (== netcoreapp2.0) (== netstandard1.5)
      System.Threading.Thread (>= 4.3) - restriction: || (&& (== net452) (== net462)) (&& (== net452) (>= netstandard1.4)) (&& (== net462) (< net46)) (== netcoreapp2.0) (== netstandard1.5)
      System.Threading.ThreadPool (>= 4.3) - restriction: || (&& (== net452) (== net462)) (&& (== net452) (>= netstandard1.4)) (&& (== net462) (< net46)) (== netcoreapp2.0) (== netstandard1.5)
    System.Diagnostics.TextWriterTraceListener (4.3) - restriction: || (&& (== net452) (>= netcoreapp1.0)) (&& (== net462) (>= netcoreapp1.0)) (== netcoreapp2.0) (&& (== netstandard1.5) (>= netcoreapp1.0))
      System.Diagnostics.TraceSource (>= 4.3) - restriction: || (&& (== net452) (>= net46)) (&& (== net452) (>= netstandard1.3)) (== net462) (== netcoreapp2.0) (== netstandard1.5)
      System.Globalization (>= 4.3) - restriction: || (&& (== net452) (== net462)) (&& (== net452) (>= netstandard1.3)) (&& (== net462) (< net46)) (== netcoreapp2.0) (== netstandard1.5)
      System.IO (>= 4.3) - restriction: || (&& (== net452) (== net462)) (&& (== net452) (>= netstandard1.3)) (&& (== net462) (< net46)) (== netcoreapp2.0) (== netstandard1.5)
      System.Resources.ResourceManager (>= 4.3) - restriction: || (&& (== net452) (== net462)) (&& (== net452) (>= netstandard1.3)) (&& (== net462) (< net46)) (== netcoreapp2.0) (== netstandard1.5)
      System.Runtime (>= 4.3) - restriction: || (&& (== net452) (== net462)) (&& (== net452) (>= netstandard1.3)) (&& (== net462) (< net46)) (== netcoreapp2.0) (== netstandard1.5)
      System.Threading (>= 4.3) - restriction: || (&& (== net452) (== net462)) (&& (== net452) (>= netstandard1.3)) (&& (== net462) (< net46)) (== netcoreapp2.0) (== netstandard1.5)
    System.Diagnostics.Tools (4.3) - restriction: || (&& (== net452) (>= netcoreapp1.0)) (&& (== net462) (>= netcoreapp1.0)) (== netcoreapp2.0) (&& (== netstandard1.5) (>= netcoreapp1.0))
      Microsoft.NETCore.Platforms (>= 1.1) - restriction: || (&& (== net452) (< net45)) (&& (== net452) (< portable-net45+win8+wp8+wpa81)) (&& (== net462) (< net45)) (&& (== net462) (< portable-net45+win8+wp8+wpa81)) (== netcoreapp2.0) (== netstandard1.5)
      Microsoft.NETCore.Targets (>= 1.1) - restriction: || (&& (== net452) (< net45)) (&& (== net452) (< portable-net45+win8+wp8+wpa81)) (&& (== net462) (< net45)) (&& (== net462) (< portable-net45+win8+wp8+wpa81)) (== netcoreapp2.0) (== netstandard1.5)
      System.Runtime (>= 4.3) - restriction: || (&& (== net452) (< net45)) (&& (== net452) (< portable-net45+win8+wp8+wpa81)) (&& (== net462) (< net45)) (&& (== net462) (< portable-net45+win8+wp8+wpa81)) (== netcoreapp2.0) (== netstandard1.5)
    System.Diagnostics.TraceSource (4.3) - restriction: || (&& (== net452) (< net35) (>= netstandard1.6)) (&& (== net462) (< net35) (>= netstandard1.6)) (== netcoreapp2.0) (&& (== netstandard1.5) (>= netstandard1.6))
      Microsoft.NETCore.Platforms (>= 1.1) - restriction: || (&& (== net452) (== net462)) (&& (== net452) (>= netstandard1.3)) (&& (== net462) (< net46)) (== netcoreapp2.0) (== netstandard1.5)
      runtime.native.System (>= 4.3) - restriction: || (&& (== net452) (== net462)) (&& (== net452) (>= netstandard1.3)) (&& (== net462) (< net46)) (== netcoreapp2.0) (== netstandard1.5)
      System.Collections (>= 4.3) - restriction: || (&& (== net452) (== net462)) (&& (== net452) (>= netstandard1.3)) (&& (== net462) (< net46)) (== netcoreapp2.0) (== netstandard1.5)
      System.Diagnostics.Debug (>= 4.3) - restriction: || (&& (== net452) (== net462)) (&& (== net452) (>= netstandard1.3)) (&& (== net462) (< net46)) (== netcoreapp2.0) (== netstandard1.5)
      System.Globalization (>= 4.3) - restriction: || (&& (== net452) (== net462)) (&& (== net452) (>= netstandard1.3)) (&& (== net462) (< net46)) (== netcoreapp2.0) (== netstandard1.5)
      System.Resources.ResourceManager (>= 4.3) - restriction: || (&& (== net452) (== net462)) (&& (== net452) (>= netstandard1.3)) (&& (== net462) (< net46)) (== netcoreapp2.0) (== netstandard1.5)
      System.Runtime (>= 4.3) - restriction: || (&& (== net452) (== net462)) (&& (== net452) (>= netstandard1.3)) (&& (== net462) (< net46)) (== netcoreapp2.0) (== netstandard1.5)
      System.Runtime.Extensions (>= 4.3) - restriction: || (&& (== net452) (== net462)) (&& (== net452) (>= netstandard1.3)) (&& (== net462) (< net46)) (== netcoreapp2.0) (== netstandard1.5)
      System.Threading (>= 4.3) - restriction: || (&& (== net452) (== net462)) (&& (== net452) (>= netstandard1.3)) (&& (== net462) (< net46)) (== netcoreapp2.0) (== netstandard1.5)
    System.Diagnostics.Tracing (4.3) - restriction: || (&& (== net452) (< net40) (>= netstandard1.3)) (&& (== net452) (< net40) (>= netstandard1.6)) (&& (== net452) (< net40) (>= netstandard2.0)) (&& (== net452) (>= uap10.0)) (&& (== net462) (< net40)) (&& (== net462) (>= uap10.0)) (== netcoreapp2.0) (== netstandard1.5)
      Microsoft.NETCore.Platforms (>= 1.1) - restriction: || (&& (== net452) (< net45)) (&& (== net452) (< portable-net45+win8+wpa81)) (&& (== net462) (< net45)) (&& (== net462) (< portable-net45+win8+wpa81)) (== netcoreapp2.0) (== netstandard1.5)
      Microsoft.NETCore.Targets (>= 1.1) - restriction: || (&& (== net452) (< net45)) (&& (== net452) (< portable-net45+win8+wpa81)) (&& (== net462) (< net45)) (&& (== net462) (< portable-net45+win8+wpa81)) (== netcoreapp2.0) (== netstandard1.5)
      System.Runtime (>= 4.3) - restriction: || (&& (== net452) (< net45)) (&& (== net452) (< portable-net45+win8+wpa81)) (&& (== net462) (< net45)) (&& (== net462) (< portable-net45+win8+wpa81)) (== netcoreapp2.0) (== netstandard1.5)
    System.Dynamic.Runtime (4.3) - restriction: || (&& (== net452) (< net35) (>= netstandard1.6)) (&& (== net452) (< net40) (>= netstandard1.3)) (&& (== net452) (< net40) (>= netstandard1.4)) (&& (== net452) (< net40) (>= netstandard1.5)) (&& (== net452) (< net40) (>= netstandard2.0)) (&& (== net462) (< net35) (>= netstandard1.6)) (&& (== net462) (< net40)) (== netcoreapp2.0) (== netstandard1.5)
      System.Collections (>= 4.3) - restriction: || (&& (== net452) (< net45) (>= netstandard1.3)) (&& (== net452) (< portable-net45+win8+wp8+wpa81)) (&& (== net462) (< net45)) (&& (== net462) (< portable-net45+win8+wp8+wpa81)) (== netcoreapp2.0) (== netstandard1.5)
      System.Diagnostics.Debug (>= 4.3) - restriction: || (&& (== net452) (< net45) (>= netstandard1.3)) (&& (== net452) (< portable-net45+win8+wp8+wpa81)) (&& (== net462) (< net45)) (&& (== net462) (< portable-net45+win8+wp8+wpa81)) (== netcoreapp2.0) (== netstandard1.5)
      System.Linq (>= 4.3) - restriction: || (&& (== net452) (< net45) (>= netstandard1.3)) (&& (== net452) (< portable-net45+win8+wp8+wpa81)) (&& (== net462) (< net45)) (&& (== net462) (< portable-net45+win8+wp8+wpa81)) (== netcoreapp2.0) (== netstandard1.5)
      System.Linq.Expressions (>= 4.3) - restriction: || (&& (== net452) (< net45)) (&& (== net452) (< portable-net45+win8+wp8+wpa81)) (&& (== net462) (< net45)) (&& (== net462) (< portable-net45+win8+wp8+wpa81)) (== netcoreapp2.0) (== netstandard1.5)
      System.ObjectModel (>= 4.3) - restriction: || (&& (== net452) (< net45)) (&& (== net452) (< portable-net45+win8+wp8+wpa81)) (&& (== net462) (< net45)) (&& (== net462) (< portable-net45+win8+wp8+wpa81)) (== netcoreapp2.0) (== netstandard1.5)
      System.Reflection (>= 4.3) - restriction: || (&& (== net452) (< net45)) (&& (== net452) (< portable-net45+win8+wp8+wpa81)) (&& (== net462) (< net45)) (&& (== net462) (< portable-net45+win8+wp8+wpa81)) (== netcoreapp2.0) (== netstandard1.5)
      System.Reflection.Emit (>= 4.3) - restriction: || (&& (== net452) (< net45) (>= netstandard1.3)) (&& (== net462) (< net45)) (== netcoreapp2.0) (== netstandard1.5)
      System.Reflection.Emit.ILGeneration (>= 4.3) - restriction: || (&& (== net452) (< net45) (>= netstandard1.3)) (&& (== net462) (< net45)) (== netcoreapp2.0) (== netstandard1.5)
      System.Reflection.Primitives (>= 4.3) - restriction: || (&& (== net452) (< net45) (>= netstandard1.3)) (&& (== net462) (< net45)) (== netcoreapp2.0) (== netstandard1.5)
      System.Reflection.TypeExtensions (>= 4.3) - restriction: || (&& (== net452) (< net45) (>= netstandard1.3)) (&& (== net452) (< portable-net45+win8+wp8+wpa81)) (&& (== net462) (< net45)) (&& (== net462) (< portable-net45+win8+wp8+wpa81)) (== netcoreapp2.0) (== netstandard1.5)
      System.Resources.ResourceManager (>= 4.3) - restriction: || (&& (== net452) (< net45) (>= netstandard1.3)) (&& (== net452) (< portable-net45+win8+wp8+wpa81)) (&& (== net462) (< net45)) (&& (== net462) (< portable-net45+win8+wp8+wpa81)) (== netcoreapp2.0) (== netstandard1.5)
      System.Runtime (>= 4.3) - restriction: || (&& (== net452) (< net45)) (&& (== net452) (< portable-net45+win8+wp8+wpa81)) (&& (== net462) (< net45)) (&& (== net462) (< portable-net45+win8+wp8+wpa81)) (== netcoreapp2.0) (== netstandard1.5)
      System.Runtime.Extensions (>= 4.3) - restriction: || (&& (== net452) (< net45) (>= netstandard1.3)) (&& (== net452) (< portable-net45+win8+wp8+wpa81)) (&& (== net462) (< net45)) (&& (== net462) (< portable-net45+win8+wp8+wpa81)) (== netcoreapp2.0) (== netstandard1.5)
      System.Threading (>= 4.3) - restriction: || (&& (== net452) (< net45) (>= netstandard1.3)) (&& (== net452) (< portable-net45+win8+wp8+wpa81)) (&& (== net462) (< net45)) (&& (== net462) (< portable-net45+win8+wp8+wpa81)) (== netcoreapp2.0) (== netstandard1.5)
    System.Globalization (4.3) - restriction: || (&& (== net452) (< net40) (>= netstandard1.3)) (&& (== net452) (< net40) (>= netstandard1.6)) (&& (== net452) (< net40) (>= netstandard2.0)) (&& (== net452) (>= uap10.0)) (&& (== net462) (< net40)) (&& (== net462) (>= uap10.0)) (== netcoreapp2.0) (== netstandard1.5)
      Microsoft.NETCore.Platforms (>= 1.1) - restriction: || (&& (== net452) (< net45)) (&& (== net452) (< portable-net45+win8+wp8+wpa81)) (&& (== net462) (< net45)) (&& (== net462) (< portable-net45+win8+wp8+wpa81)) (== netcoreapp2.0) (== netstandard1.5)
      Microsoft.NETCore.Targets (>= 1.1) - restriction: || (&& (== net452) (< net45)) (&& (== net452) (< portable-net45+win8+wp8+wpa81)) (&& (== net462) (< net45)) (&& (== net462) (< portable-net45+win8+wp8+wpa81)) (== netcoreapp2.0) (== netstandard1.5)
      System.Runtime (>= 4.3) - restriction: || (&& (== net452) (< net45)) (&& (== net452) (< portable-net45+win8+wp8+wpa81)) (&& (== net462) (< net45)) (&& (== net462) (< portable-net45+win8+wp8+wpa81)) (== netcoreapp2.0) (== netstandard1.5)
    System.Globalization.Calendars (4.3) - restriction: || (&& (== net452) (== net462) (< net40)) (&& (== net452) (== netstandard1.5)) (&& (== net452) (< net40) (>= net46)) (&& (== net452) (< net40) (>= netstandard1.3)) (&& (== net452) (< net40) (>= netstandard1.6)) (&& (== net452) (< net40) (>= netstandard2.0)) (&& (== net452) (>= uap10.0)) (&& (== net462) (< net40) (< netstandard1.3)) (&& (== net462) (< net40) (>= netstandard1.6)) (&& (== net462) (< netstandard1.3) (>= uap10.0)) (&& (== net462) (>= netstandard1.6) (>= uap10.0)) (== netcoreapp2.0) (&& (== netstandard1.5) (< netstandard1.3)) (&& (== netstandard1.5) (>= netstandard1.6))
      Microsoft.NETCore.Platforms (>= 1.1) - restriction: || (&& (== net452) (== net462)) (&& (== net452) (>= netstandard1.3)) (&& (== net462) (< net46)) (== netcoreapp2.0) (== netstandard1.5)
      Microsoft.NETCore.Targets (>= 1.1) - restriction: || (&& (== net452) (== net462)) (&& (== net452) (>= netstandard1.3)) (&& (== net462) (< net46)) (== netcoreapp2.0) (== netstandard1.5)
      System.Globalization (>= 4.3) - restriction: || (&& (== net452) (== net462)) (&& (== net452) (>= netstandard1.3)) (&& (== net462) (< net46)) (== netcoreapp2.0) (== netstandard1.5)
      System.Runtime (>= 4.3) - restriction: || (&& (== net452) (== net462)) (&& (== net452) (>= netstandard1.3)) (&& (== net462) (< net46)) (== netcoreapp2.0) (== netstandard1.5)
    System.Globalization.Extensions (4.3) - restriction: || (&& (== net452) (< net40) (>= netstandard1.4)) (&& (== net452) (< net40) (>= netstandard1.6)) (&& (== net452) (< net40) (>= netstandard2.0)) (&& (== net452) (>= netstandard1.6) (>= uap10.0)) (&& (== net462) (< net40)) (&& (== net462) (>= netstandard1.6) (>= uap10.0)) (== netcoreapp2.0) (== netstandard1.5)
      Microsoft.NETCore.Platforms (>= 1.1) - restriction: || (&& (== net452) (== net462)) (&& (== net452) (>= netstandard1.3)) (&& (== net462) (< net46)) (== netcoreapp2.0) (== netstandard1.5)
      System.Globalization (>= 4.3) - restriction: || (&& (== net452) (== net462)) (&& (== net452) (>= netstandard1.3)) (&& (== net462) (< net46)) (== netcoreapp2.0) (== netstandard1.5)
      System.Resources.ResourceManager (>= 4.3) - restriction: || (&& (== net452) (== net462)) (&& (== net452) (>= netstandard1.3)) (&& (== net462) (< net46)) (== netcoreapp2.0) (== netstandard1.5)
      System.Runtime (>= 4.3) - restriction: || (&& (== net452) (== net462)) (&& (== net452) (>= netstandard1.3)) (&& (== net462) (< net46)) (== netcoreapp2.0) (== netstandard1.5)
      System.Runtime.Extensions (>= 4.3) - restriction: || (&& (== net452) (== net462)) (&& (== net452) (>= netstandard1.3)) (&& (== net462) (< net46)) (== netcoreapp2.0) (== netstandard1.5)
      System.Runtime.InteropServices (>= 4.3) - restriction: || (&& (== net452) (== net462)) (&& (== net452) (>= netstandard1.3)) (&& (== net462) (< net46)) (== netcoreapp2.0) (== netstandard1.5)
    System.IO (4.3) - restriction: || (&& (== net452) (< net40) (>= netstandard1.3)) (&& (== net452) (< net40) (>= netstandard1.6)) (&& (== net452) (< net40) (>= netstandard2.0)) (&& (== net452) (>= uap10.0)) (&& (== net462) (< net40)) (&& (== net462) (>= uap10.0)) (== netcoreapp2.0) (== netstandard1.5)
      Microsoft.NETCore.Platforms (>= 1.1) - restriction: || (&& (== net452) (< net45)) (&& (== net452) (< portable-net45+win8+wp8+wpa81)) (&& (== net462) (< net45)) (&& (== net462) (< portable-net45+win8+wp8+wpa81)) (== netcoreapp2.0) (== netstandard1.5)
      Microsoft.NETCore.Targets (>= 1.1) - restriction: || (&& (== net452) (< net45)) (&& (== net452) (< portable-net45+win8+wp8+wpa81)) (&& (== net462) (< net45)) (&& (== net462) (< portable-net45+win8+wp8+wpa81)) (== netcoreapp2.0) (== netstandard1.5)
      System.Runtime (>= 4.3) - restriction: || (&& (== net452) (< net45)) (&& (== net452) (< portable-net45+win8+wp8+wpa81)) (&& (== net462) (< net45)) (&& (== net462) (< portable-net45+win8+wp8+wpa81)) (== netcoreapp2.0) (== netstandard1.5)
      System.Text.Encoding (>= 4.3) - restriction: || (&& (== net452) (< net45)) (&& (== net452) (< portable-net45+win8+wp8+wpa81)) (&& (== net462) (< net45)) (&& (== net462) (< portable-net45+win8+wp8+wpa81)) (== netcoreapp2.0) (== netstandard1.5)
      System.Threading.Tasks (>= 4.3) - restriction: || (&& (== net452) (< net45)) (&& (== net452) (< portable-net45+win8+wp8+wpa81)) (&& (== net462) (< net45)) (&& (== net462) (< portable-net45+win8+wp8+wpa81)) (== netcoreapp2.0) (== netstandard1.5)
    System.IO.Compression (4.3) - restriction: || (&& (== net452) (== netcoreapp2.0)) (&& (== net452) (< net40) (>= netstandard1.3)) (&& (== net452) (< net40) (>= netstandard1.6)) (&& (== net452) (< net40) (>= netstandard2.0)) (&& (== net452) (>= uap10.0)) (&& (== net462) (== netcoreapp2.0)) (&& (== net462) (< net40)) (&& (== net462) (>= uap10.0)) (&& (== netcoreapp2.0) (< netstandard1.6)) (== netstandard1.5)
      Microsoft.NETCore.Platforms (>= 1.1) - restriction: || (&& (== net452) (< net45) (>= netstandard1.3)) (&& (== net462) (< net45)) (== netcoreapp2.0) (== netstandard1.5)
      runtime.native.System (>= 4.3) - restriction: || (&& (== net452) (< net45) (>= netstandard1.3)) (&& (== net462) (< net45)) (== netcoreapp2.0) (== netstandard1.5)
      runtime.native.System.IO.Compression (>= 4.3) - restriction: || (&& (== net452) (< net45) (>= netstandard1.3)) (&& (== net452) (< portable-net45+win8+wpa81)) (&& (== net462) (< net45)) (&& (== net462) (< portable-net45+win8+wpa81)) (== netcoreapp2.0) (== netstandard1.5)
      System.Buffers (>= 4.3) - restriction: || (&& (== net452) (< net45) (>= netstandard1.3)) (&& (== net452) (< portable-net45+win8+wpa81)) (&& (== net462) (< net45)) (&& (== net462) (< portable-net45+win8+wpa81)) (== netcoreapp2.0) (== netstandard1.5)
      System.Collections (>= 4.3) - restriction: || (&& (== net452) (< net45) (>= netstandard1.3)) (&& (== net452) (< portable-net45+win8+wpa81)) (&& (== net462) (< net45)) (&& (== net462) (< portable-net45+win8+wpa81)) (== netcoreapp2.0) (== netstandard1.5)
      System.Diagnostics.Debug (>= 4.3) - restriction: || (&& (== net452) (< net45) (>= netstandard1.3)) (&& (== net452) (< portable-net45+win8+wpa81)) (&& (== net462) (< net45)) (&& (== net462) (< portable-net45+win8+wpa81)) (== netcoreapp2.0) (== netstandard1.5)
      System.IO (>= 4.3) - restriction: || (&& (== net452) (< net45)) (&& (== net452) (< portable-net45+win8+wpa81)) (&& (== net462) (< net45)) (&& (== net462) (< portable-net45+win8+wpa81)) (== netcoreapp2.0) (== netstandard1.5)
      System.Resources.ResourceManager (>= 4.3) - restriction: || (&& (== net452) (< net45) (>= netstandard1.3)) (&& (== net452) (< portable-net45+win8+wpa81)) (&& (== net462) (< net45)) (&& (== net462) (< portable-net45+win8+wpa81)) (== netcoreapp2.0) (== netstandard1.5)
      System.Runtime (>= 4.3) - restriction: || (&& (== net452) (< net45)) (&& (== net452) (< portable-net45+win8+wpa81)) (&& (== net462) (< net45)) (&& (== net462) (< portable-net45+win8+wpa81)) (== netcoreapp2.0) (== netstandard1.5)
      System.Runtime.Extensions (>= 4.3) - restriction: || (&& (== net452) (< net45) (>= netstandard1.3)) (&& (== net452) (< portable-net45+win8+wpa81)) (&& (== net462) (< net45)) (&& (== net462) (< portable-net45+win8+wpa81)) (== netcoreapp2.0) (== netstandard1.5)
      System.Runtime.Handles (>= 4.3) - restriction: || (&& (== net452) (< net45) (>= netstandard1.3)) (&& (== net452) (< portable-net45+win8+wpa81)) (&& (== net462) (< net45)) (&& (== net462) (< portable-net45+win8+wpa81)) (== netcoreapp2.0) (== netstandard1.5)
      System.Runtime.InteropServices (>= 4.3) - restriction: || (&& (== net452) (< net45) (>= netstandard1.3)) (&& (== net452) (< portable-net45+win8+wpa81)) (&& (== net462) (< net45)) (&& (== net462) (< portable-net45+win8+wpa81)) (== netcoreapp2.0) (== netstandard1.5)
      System.Text.Encoding (>= 4.3) - restriction: || (&& (== net452) (< net45)) (&& (== net452) (< portable-net45+win8+wpa81)) (&& (== net462) (< net45)) (&& (== net462) (< portable-net45+win8+wpa81)) (== netcoreapp2.0) (== netstandard1.5)
      System.Threading (>= 4.3) - restriction: || (&& (== net452) (< net45) (>= netstandard1.3)) (&& (== net452) (< portable-net45+win8+wpa81)) (&& (== net462) (< net45)) (&& (== net462) (< portable-net45+win8+wpa81)) (== netcoreapp2.0) (== netstandard1.5)
      System.Threading.Tasks (>= 4.3) - restriction: || (&& (== net452) (< net45) (>= netstandard1.3)) (&& (== net452) (< portable-net45+win8+wpa81)) (&& (== net462) (< net45)) (&& (== net462) (< portable-net45+win8+wpa81)) (== netcoreapp2.0) (== netstandard1.5)
    System.IO.FileSystem (4.3) - restriction: || (&& (== net452) (< net40) (>= netstandard1.3)) (&& (== net452) (< net40) (>= netstandard1.6)) (&& (== net452) (< net40) (>= netstandard2.0)) (&& (== net452) (>= netstandard1.6) (>= uap10.0)) (&& (== net462) (< net40)) (&& (== net462) (>= netstandard1.6) (>= uap10.0)) (== netcoreapp2.0) (== netstandard1.5)
      Microsoft.NETCore.Platforms (>= 1.1) - restriction: || (&& (== net452) (== net462)) (&& (== net452) (>= netstandard1.3)) (&& (== net462) (< net46)) (== netcoreapp2.0) (== netstandard1.5)
      Microsoft.NETCore.Targets (>= 1.1) - restriction: || (&& (== net452) (== net462)) (&& (== net452) (>= netstandard1.3)) (&& (== net462) (< net46)) (== netcoreapp2.0) (== netstandard1.5)
      System.IO (>= 4.3) - restriction: || (&& (== net452) (== net462)) (&& (== net452) (>= netstandard1.3)) (&& (== net462) (< net46)) (== netcoreapp2.0) (== netstandard1.5)
      System.IO.FileSystem.Primitives (>= 4.3) - restriction: || (&& (== net452) (>= net46)) (&& (== net452) (>= netstandard1.3)) (== net462) (== netcoreapp2.0) (== netstandard1.5)
      System.Runtime (>= 4.3) - restriction: || (&& (== net452) (== net462)) (&& (== net452) (>= netstandard1.3)) (&& (== net462) (< net46)) (== netcoreapp2.0) (== netstandard1.5)
      System.Runtime.Handles (>= 4.3) - restriction: || (&& (== net452) (== net462)) (&& (== net452) (>= netstandard1.3)) (&& (== net462) (< net46)) (== netcoreapp2.0) (== netstandard1.5)
      System.Text.Encoding (>= 4.3) - restriction: || (&& (== net452) (== net462)) (&& (== net452) (>= netstandard1.3)) (&& (== net462) (< net46)) (== netcoreapp2.0) (== netstandard1.5)
      System.Threading.Tasks (>= 4.3) - restriction: || (&& (== net452) (== net462)) (&& (== net452) (>= netstandard1.3)) (&& (== net462) (< net46)) (== netcoreapp2.0) (== netstandard1.5)
    System.IO.FileSystem.Primitives (4.3) - restriction: || (&& (== net452) (< net40) (>= netstandard1.3)) (&& (== net452) (< net40) (>= netstandard1.6)) (&& (== net452) (< net40) (>= netstandard2.0)) (&& (== net452) (>= netstandard1.6) (>= uap10.0)) (&& (== net462) (< net40)) (&& (== net462) (>= netstandard1.6) (>= uap10.0)) (== netcoreapp2.0) (== netstandard1.5)
      System.Runtime (>= 4.3) - restriction: || (&& (== net452) (== net462)) (&& (== net452) (>= netstandard1.3)) (&& (== net462) (< net46)) (== netcoreapp2.0) (== netstandard1.5)
    System.Linq (4.3) - restriction: || (&& (== net452) (< net40) (>= netstandard1.3) (< portable-net45+win8+wp8+wpa81)) (&& (== net452) (< net40) (>= netstandard1.5)) (&& (== net452) (< net40) (>= netstandard1.6)) (&& (== net452) (< net40) (>= netstandard2.0)) (&& (== net462) (< net40)) (== netcoreapp2.0) (== netstandard1.5)
      System.Collections (>= 4.3) - restriction: || (&& (== net452) (< net45)) (&& (== net452) (< portable-net45+win8+wp8+wpa81)) (&& (== net462) (< net45)) (&& (== net462) (< portable-net45+win8+wp8+wpa81)) (== netcoreapp2.0) (== netstandard1.5)
      System.Diagnostics.Debug (>= 4.3) - restriction: || (&& (== net452) (< net45) (>= netstandard1.6)) (&& (== net452) (< portable-net45+win8+wp8+wpa81)) (&& (== net462) (< net45) (>= netstandard1.6)) (&& (== net462) (< portable-net45+win8+wp8+wpa81)) (== netcoreapp2.0) (&& (== netstandard1.5) (>= netstandard1.6)) (&& (== netstandard1.5) (< portable-net45+win8+wp8+wpa81))
      System.Resources.ResourceManager (>= 4.3) - restriction: || (&& (== net452) (< net45) (>= netstandard1.6)) (&& (== net452) (< portable-net45+win8+wp8+wpa81)) (&& (== net462) (< net45) (>= netstandard1.6)) (&& (== net462) (< portable-net45+win8+wp8+wpa81)) (== netcoreapp2.0) (&& (== netstandard1.5) (>= netstandard1.6)) (&& (== netstandard1.5) (< portable-net45+win8+wp8+wpa81))
      System.Runtime (>= 4.3) - restriction: || (&& (== net452) (< net45)) (&& (== net452) (< portable-net45+win8+wp8+wpa81)) (&& (== net462) (< net45)) (&& (== net462) (< portable-net45+win8+wp8+wpa81)) (== netcoreapp2.0) (== netstandard1.5)
      System.Runtime.Extensions (>= 4.3) - restriction: || (&& (== net452) (< net45) (>= netstandard1.6)) (&& (== net452) (< portable-net45+win8+wp8+wpa81)) (&& (== net462) (< net45) (>= netstandard1.6)) (&& (== net462) (< portable-net45+win8+wp8+wpa81)) (== netcoreapp2.0) (&& (== netstandard1.5) (>= netstandard1.6)) (&& (== netstandard1.5) (< portable-net45+win8+wp8+wpa81))
    System.Linq.Expressions (4.3) - restriction: || (&& (== net452) (< net40) (>= netstandard1.3)) (&& (== net462) (< net40)) (== netcoreapp2.0) (== netstandard1.5)
      System.Collections (>= 4.3) - restriction: || (&& (== net452) (< net45) (>= netstandard1.6)) (&& (== net452) (< portable-net45+win8+wp8+wpa81)) (&& (== net462) (< net45) (>= netstandard1.6)) (&& (== net462) (< portable-net45+win8+wp8+wpa81)) (== netcoreapp2.0) (&& (== netstandard1.5) (>= netstandard1.6)) (&& (== netstandard1.5) (< portable-net45+win8+wp8+wpa81))
      System.Diagnostics.Debug (>= 4.3) - restriction: || (&& (== net452) (< net45) (>= netstandard1.6)) (&& (== net452) (< portable-net45+win8+wp8+wpa81)) (&& (== net462) (< net45) (>= netstandard1.6)) (&& (== net462) (< portable-net45+win8+wp8+wpa81)) (== netcoreapp2.0) (&& (== netstandard1.5) (>= netstandard1.6)) (&& (== netstandard1.5) (< portable-net45+win8+wp8+wpa81))
      System.Globalization (>= 4.3) - restriction: || (&& (== net452) (< net45) (>= netstandard1.6)) (&& (== net452) (< portable-net45+win8+wp8+wpa81)) (&& (== net462) (< net45) (>= netstandard1.6)) (&& (== net462) (< portable-net45+win8+wp8+wpa81)) (== netcoreapp2.0) (&& (== netstandard1.5) (>= netstandard1.6)) (&& (== netstandard1.5) (< portable-net45+win8+wp8+wpa81))
      System.IO (>= 4.3) - restriction: || (&& (== net452) (< net45) (>= netstandard1.6)) (&& (== net452) (< portable-net45+win8+wp8+wpa81)) (&& (== net462) (< net45) (>= netstandard1.6)) (&& (== net462) (< portable-net45+win8+wp8+wpa81)) (== netcoreapp2.0) (&& (== netstandard1.5) (>= netstandard1.6)) (&& (== netstandard1.5) (< portable-net45+win8+wp8+wpa81))
      System.Linq (>= 4.3) - restriction: || (&& (== net452) (< net45) (>= netstandard1.6)) (&& (== net452) (< portable-net45+win8+wp8+wpa81)) (&& (== net462) (< net45) (>= netstandard1.6)) (&& (== net462) (< portable-net45+win8+wp8+wpa81)) (== netcoreapp2.0) (&& (== netstandard1.5) (>= netstandard1.6)) (&& (== netstandard1.5) (< portable-net45+win8+wp8+wpa81))
      System.ObjectModel (>= 4.3) - restriction: || (&& (== net452) (< net45) (>= netstandard1.6)) (&& (== net462) (< net45) (>= netstandard1.6)) (== netcoreapp2.0) (&& (== netstandard1.5) (>= netstandard1.6))
      System.Reflection (>= 4.3) - restriction: || (&& (== net452) (< net45)) (&& (== net452) (< portable-net45+win8+wp8+wpa81)) (&& (== net462) (< net45)) (&& (== net462) (< portable-net45+win8+wp8+wpa81)) (== netcoreapp2.0) (== netstandard1.5)
      System.Reflection.Emit (>= 4.3) - restriction: || (&& (== net452) (< net45) (>= netstandard1.6)) (&& (== net462) (< net45) (>= netstandard1.6)) (== netcoreapp2.0) (&& (== netstandard1.5) (>= netstandard1.6))
      System.Reflection.Emit.ILGeneration (>= 4.3) - restriction: || (&& (== net452) (< net45) (>= netstandard1.6)) (&& (== net452) (< portable-net45+win8+wp8+wpa81)) (&& (== net462) (< net45) (>= netstandard1.6)) (&& (== net462) (< portable-net45+win8+wp8+wpa81)) (== netcoreapp2.0) (&& (== netstandard1.5) (>= netstandard1.6)) (&& (== netstandard1.5) (< portable-net45+win8+wp8+wpa81))
      System.Reflection.Emit.Lightweight (>= 4.3) - restriction: || (&& (== net452) (< net45) (>= netstandard1.6)) (&& (== net452) (< portable-net45+win8+wp8+wpa81)) (&& (== net462) (< net45) (>= netstandard1.6)) (&& (== net462) (< portable-net45+win8+wp8+wpa81)) (== netcoreapp2.0) (&& (== netstandard1.5) (>= netstandard1.6)) (&& (== netstandard1.5) (< portable-net45+win8+wp8+wpa81))
      System.Reflection.Extensions (>= 4.3) - restriction: || (&& (== net452) (< net45) (>= netstandard1.6)) (&& (== net452) (< portable-net45+win8+wp8+wpa81)) (&& (== net462) (< net45) (>= netstandard1.6)) (&& (== net462) (< portable-net45+win8+wp8+wpa81)) (== netcoreapp2.0) (&& (== netstandard1.5) (>= netstandard1.6)) (&& (== netstandard1.5) (< portable-net45+win8+wp8+wpa81))
      System.Reflection.Primitives (>= 4.3) - restriction: || (&& (== net452) (< net45) (>= netstandard1.6)) (&& (== net452) (< portable-net45+win8+wp8+wpa81)) (&& (== net462) (< net45) (>= netstandard1.6)) (&& (== net462) (< portable-net45+win8+wp8+wpa81)) (== netcoreapp2.0) (&& (== netstandard1.5) (>= netstandard1.6)) (&& (== netstandard1.5) (< portable-net45+win8+wp8+wpa81))
      System.Reflection.TypeExtensions (>= 4.3) - restriction: || (&& (== net452) (< net45) (>= netstandard1.6)) (&& (== net452) (< portable-net45+win8+wp8+wpa81)) (&& (== net462) (< net45) (>= netstandard1.6)) (&& (== net462) (< portable-net45+win8+wp8+wpa81)) (== netcoreapp2.0) (&& (== netstandard1.5) (>= netstandard1.6)) (&& (== netstandard1.5) (< portable-net45+win8+wp8+wpa81))
      System.Resources.ResourceManager (>= 4.3) - restriction: || (&& (== net452) (< net45) (>= netstandard1.6)) (&& (== net452) (< portable-net45+win8+wp8+wpa81)) (&& (== net462) (< net45) (>= netstandard1.6)) (&& (== net462) (< portable-net45+win8+wp8+wpa81)) (== netcoreapp2.0) (&& (== netstandard1.5) (>= netstandard1.6)) (&& (== netstandard1.5) (< portable-net45+win8+wp8+wpa81))
      System.Runtime (>= 4.3) - restriction: || (&& (== net452) (< net45)) (&& (== net452) (< portable-net45+win8+wp8+wpa81)) (&& (== net462) (< net45)) (&& (== net462) (< portable-net45+win8+wp8+wpa81)) (== netcoreapp2.0) (== netstandard1.5)
      System.Runtime.Extensions (>= 4.3) - restriction: || (&& (== net452) (< net45) (>= netstandard1.6)) (&& (== net452) (< portable-net45+win8+wp8+wpa81)) (&& (== net462) (< net45) (>= netstandard1.6)) (&& (== net462) (< portable-net45+win8+wp8+wpa81)) (== netcoreapp2.0) (&& (== netstandard1.5) (>= netstandard1.6)) (&& (== netstandard1.5) (< portable-net45+win8+wp8+wpa81))
      System.Threading (>= 4.3) - restriction: || (&& (== net452) (< net45) (>= netstandard1.6)) (&& (== net452) (< portable-net45+win8+wp8+wpa81)) (&& (== net462) (< net45) (>= netstandard1.6)) (&& (== net462) (< portable-net45+win8+wp8+wpa81)) (== netcoreapp2.0) (&& (== netstandard1.5) (>= netstandard1.6)) (&& (== netstandard1.5) (< portable-net45+win8+wp8+wpa81))
    System.Memory (4.5.1) - restriction: || (&& (== net452) (< net40) (>= netstandard2.0)) (&& (== net462) (< net40) (>= netstandard2.0)) (== netcoreapp2.0) (&& (== netstandard1.5) (>= netstandard2.0))
      System.Runtime.CompilerServices.Unsafe (>= 4.5)
    System.Net.Http (4.3.3) - restriction: || (&& (== net452) (< net40) (>= netstandard1.3)) (&& (== net452) (< net40) (>= netstandard1.6)) (&& (== net452) (< net40) (>= netstandard2.0)) (&& (== net452) (>= uap10.0)) (&& (== net462) (< net40)) (&& (== net462) (>= uap10.0)) (== netcoreapp2.0) (== netstandard1.5)
      Microsoft.NETCore.Platforms (>= 1.1) - restriction: || (&& (== net452) (< net45) (>= netstandard1.3)) (&& (== net452) (< net45) (>= netstandard1.6)) (&& (== net452) (< portable-net45+win8+wpa81)) (&& (== net462) (< net45)) (&& (== net462) (< portable-net45+win8+wpa81)) (== netcoreapp2.0) (== netstandard1.5)
      Microsoft.Win32.Primitives (>= 4.3) - restriction: || (&& (== net452) (== netcoreapp2.0)) (&& (== net452) (< net45) (>= netstandard1.3)) (&& (== net462) (== netcoreapp2.0)) (&& (== net462) (< net45)) (&& (== netcoreapp2.0) (< netstandard1.6)) (== netstandard1.5)
      runtime.native.System (>= 4.3) - restriction: || (&& (== net452) (< net45) (>= netstandard1.6)) (&& (== net462) (< net45) (>= netstandard1.6)) (== netcoreapp2.0) (&& (== netstandard1.5) (>= netstandard1.6))
      runtime.native.System.Net.Http (>= 4.3) - restriction: || (&& (== net452) (< net45) (>= netstandard1.6)) (&& (== net462) (< net45) (>= netstandard1.6)) (== netcoreapp2.0) (&& (== netstandard1.5) (>= netstandard1.6))
      runtime.native.System.Security.Cryptography.OpenSsl (>= 4.3.2) - restriction: || (&& (== net452) (< net45) (>= netstandard1.6)) (&& (== net462) (< net45) (>= netstandard1.6)) (== netcoreapp2.0) (&& (== netstandard1.5) (>= netstandard1.6))
      System.Collections (>= 4.3) - restriction: || (&& (== net452) (< net45) (>= netstandard1.3)) (&& (== net452) (< net45) (>= netstandard1.6)) (&& (== net452) (< portable-net45+win8+wpa81)) (&& (== net462) (< net45)) (&& (== net462) (< portable-net45+win8+wpa81)) (== netcoreapp2.0) (== netstandard1.5)
      System.Diagnostics.Debug (>= 4.3) - restriction: || (&& (== net452) (< net45) (>= netstandard1.3)) (&& (== net452) (< net45) (>= netstandard1.6)) (&& (== net452) (< portable-net45+win8+wpa81)) (&& (== net462) (< net45)) (&& (== net462) (< portable-net45+win8+wpa81)) (== netcoreapp2.0) (== netstandard1.5)
      System.Diagnostics.DiagnosticSource (>= 4.3) - restriction: || (&& (== net452) (< net45) (>= netstandard1.3)) (&& (== net452) (< net45) (>= netstandard1.6)) (&& (== net452) (< portable-net45+win8+wpa81)) (&& (== net462) (< net45)) (&& (== net462) (< portable-net45+win8+wpa81)) (== netcoreapp2.0) (== netstandard1.5)
      System.Diagnostics.Tracing (>= 4.3) - restriction: || (&& (== net452) (< net45) (>= netstandard1.3)) (&& (== net452) (< net45) (>= netstandard1.6)) (&& (== net452) (< portable-net45+win8+wpa81)) (&& (== net462) (< net45)) (&& (== net462) (< portable-net45+win8+wpa81)) (== netcoreapp2.0) (== netstandard1.5)
      System.Globalization (>= 4.3) - restriction: || (&& (== net452) (< net45) (>= netstandard1.3)) (&& (== net452) (< net45) (>= netstandard1.6)) (&& (== net452) (< portable-net45+win8+wpa81)) (&& (== net462) (< net45)) (&& (== net462) (< portable-net45+win8+wpa81)) (== netcoreapp2.0) (== netstandard1.5)
      System.Globalization.Extensions (>= 4.3) - restriction: || (&& (== net452) (< net45) (>= netstandard1.6)) (&& (== net462) (< net45) (>= netstandard1.6)) (== netcoreapp2.0) (&& (== netstandard1.5) (>= netstandard1.6))
      System.IO (>= 4.3) - restriction: || (&& (== net452) (< net45)) (&& (== net452) (< portable-net45+win8+wpa81)) (&& (== net462) (< net45)) (&& (== net462) (< portable-net45+win8+wpa81)) (== netcoreapp2.0) (== netstandard1.5)
      System.IO.Compression (>= 4.3) - restriction: || (&& (== net452) (== netcoreapp2.0)) (&& (== net452) (< net45) (>= netstandard1.3)) (&& (== net462) (== netcoreapp2.0)) (&& (== net462) (< net45)) (&& (== netcoreapp2.0) (< netstandard1.6)) (== netstandard1.5)
      System.IO.FileSystem (>= 4.3) - restriction: || (&& (== net452) (< net45) (>= netstandard1.6)) (&& (== net462) (< net45) (>= netstandard1.6)) (== netcoreapp2.0) (&& (== netstandard1.5) (>= netstandard1.6))
      System.Net.Primitives (>= 4.3) - restriction: || (&& (== net452) (< net45)) (&& (== net452) (< portable-net45+win8+wpa81)) (&& (== net462) (< net45)) (&& (== net462) (< portable-net45+win8+wpa81)) (== netcoreapp2.0) (== netstandard1.5)
      System.Resources.ResourceManager (>= 4.3) - restriction: || (&& (== net452) (< net45) (>= netstandard1.3)) (&& (== net452) (< net45) (>= netstandard1.6)) (&& (== net452) (< portable-net45+win8+wpa81)) (&& (== net462) (< net45)) (&& (== net462) (< portable-net45+win8+wpa81)) (== netcoreapp2.0) (== netstandard1.5)
      System.Runtime (>= 4.3) - restriction: || (&& (== net452) (< net45)) (&& (== net452) (< portable-net45+win8+wpa81)) (&& (== net462) (< net45)) (&& (== net462) (< portable-net45+win8+wpa81)) (== netcoreapp2.0) (== netstandard1.5)
      System.Runtime.Extensions (>= 4.3) - restriction: || (&& (== net452) (< net45) (>= netstandard1.3)) (&& (== net452) (< net45) (>= netstandard1.6)) (&& (== net452) (< portable-net45+win8+wpa81)) (&& (== net462) (< net45)) (&& (== net462) (< portable-net45+win8+wpa81)) (== netcoreapp2.0) (== netstandard1.5)
      System.Runtime.Handles (>= 4.3) - restriction: || (&& (== net452) (< net45) (>= netstandard1.3)) (&& (== net452) (< net45) (>= netstandard1.6)) (&& (== net462) (< net45)) (== netcoreapp2.0) (== netstandard1.5)
      System.Runtime.InteropServices (>= 4.3) - restriction: || (&& (== net452) (< net45) (>= netstandard1.3)) (&& (== net452) (< net45) (>= netstandard1.6)) (&& (== net452) (< portable-net45+win8+wpa81)) (&& (== net462) (< net45)) (&& (== net462) (< portable-net45+win8+wpa81)) (== netcoreapp2.0) (== netstandard1.5)
      System.Security.Cryptography.Algorithms (>= 4.3) - restriction: || (&& (== net452) (< net45) (>= netstandard1.6)) (&& (== net462) (< net45) (>= netstandard1.6)) (== netcoreapp2.0) (&& (== netstandard1.5) (>= netstandard1.6))
      System.Security.Cryptography.Encoding (>= 4.3) - restriction: || (&& (== net452) (< net45) (>= netstandard1.3)) (&& (== net452) (< net45) (>= netstandard1.6)) (&& (== net462) (< net45)) (== netcoreapp2.0) (== netstandard1.5)
      System.Security.Cryptography.OpenSsl (>= 4.3) - restriction: || (&& (== net452) (< net45) (>= netstandard1.6)) (&& (== net462) (< net45) (>= netstandard1.6)) (== netcoreapp2.0) (&& (== netstandard1.5) (>= netstandard1.6))
      System.Security.Cryptography.Primitives (>= 4.3) - restriction: || (&& (== net452) (< net45) (>= netstandard1.6)) (&& (== net462) (< net45) (>= netstandard1.6)) (== netcoreapp2.0) (&& (== netstandard1.5) (>= netstandard1.6))
      System.Security.Cryptography.X509Certificates (>= 4.3) - restriction: || (&& (== net452) (< net45) (>= netstandard1.3)) (&& (== net452) (< net45) (>= netstandard1.6)) (&& (== net452) (>= net46)) (&& (== net452) (< portable-net45+win8+wpa81)) (== net462) (== netcoreapp2.0) (== netstandard1.5)
      System.Text.Encoding (>= 4.3) - restriction: || (&& (== net452) (< net45)) (&& (== net452) (< portable-net45+win8+wpa81)) (&& (== net462) (< net45)) (&& (== net462) (< portable-net45+win8+wpa81)) (== netcoreapp2.0) (== netstandard1.5)
      System.Threading (>= 4.3) - restriction: || (&& (== net452) (< net45) (>= netstandard1.3)) (&& (== net452) (< net45) (>= netstandard1.6)) (&& (== net452) (< portable-net45+win8+wpa81)) (&& (== net462) (< net45)) (&& (== net462) (< portable-net45+win8+wpa81)) (== netcoreapp2.0) (== netstandard1.5)
      System.Threading.Tasks (>= 4.3) - restriction: || (&& (== net452) (< net45)) (&& (== net452) (< portable-net45+win8+wpa81)) (&& (== net462) (< net45)) (&& (== net462) (< portable-net45+win8+wpa81)) (== netcoreapp2.0) (== netstandard1.5)
    System.Net.Primitives (4.3) - restriction: || (&& (== net452) (< net40) (>= netstandard1.3)) (&& (== net452) (< net40) (>= netstandard1.6)) (&& (== net452) (< net40) (>= netstandard2.0)) (&& (== net452) (>= uap10.0)) (&& (== net462) (< net40)) (&& (== net462) (>= uap10.0)) (== netcoreapp2.0) (== netstandard1.5)
      Microsoft.NETCore.Platforms (>= 1.1) - restriction: || (&& (== net452) (< net45)) (&& (== net452) (< netstandard1.1)) (&& (== net452) (< portable-net45+win8+wp8+wpa81)) (&& (== net462) (< net45)) (&& (== net462) (< netstandard1.1)) (&& (== net462) (< portable-net45+win8+wp8+wpa81)) (== netcoreapp2.0) (== netstandard1.5)
      Microsoft.NETCore.Targets (>= 1.1) - restriction: || (&& (== net452) (< net45)) (&& (== net452) (< netstandard1.1)) (&& (== net452) (< portable-net45+win8+wp8+wpa81)) (&& (== net462) (< net45)) (&& (== net462) (< netstandard1.1)) (&& (== net462) (< portable-net45+win8+wp8+wpa81)) (== netcoreapp2.0) (== netstandard1.5)
      System.Runtime (>= 4.3) - restriction: || (&& (== net452) (< net45)) (&& (== net452) (< netstandard1.1)) (&& (== net452) (< portable-net45+win8+wp8+wpa81)) (&& (== net462) (< net45)) (&& (== net462) (< netstandard1.1)) (&& (== net462) (< portable-net45+win8+wp8+wpa81)) (== netcoreapp2.0) (== netstandard1.5)
      System.Runtime.Handles (>= 4.3) - restriction: || (&& (== net452) (< net45) (>= netstandard1.3)) (&& (== net452) (< portable-net45+win8+wp8+wpa81)) (&& (== net462) (< net45)) (&& (== net462) (< portable-net45+win8+wp8+wpa81)) (== netcoreapp2.0) (== netstandard1.5)
    System.Net.Requests (4.3) - restriction: || (&& (== net452) (< net40) (>= netstandard1.4)) (&& (== net452) (< net40) (>= netstandard2.0)) (&& (== net462) (< net40)) (== netcoreapp2.0) (== netstandard1.5)
      Microsoft.NETCore.Platforms (>= 1.1) - restriction: || (&& (== net452) (< net45) (>= netstandard1.3)) (&& (== net462) (< net45)) (== netcoreapp2.0) (== netstandard1.5)
      System.Collections (>= 4.3) - restriction: || (&& (== net452) (< net45) (>= netstandard1.3)) (&& (== net452) (< portable-net45+win8+wp8+wpa81)) (&& (== net462) (< net45)) (&& (== net462) (< portable-net45+win8+wp8+wpa81)) (== netcoreapp2.0) (== netstandard1.5)
      System.Diagnostics.Debug (>= 4.3) - restriction: || (&& (== net452) (< net45) (>= netstandard1.3)) (&& (== net452) (< portable-net45+win8+wp8+wpa81)) (&& (== net462) (< net45)) (&& (== net462) (< portable-net45+win8+wp8+wpa81)) (== netcoreapp2.0) (== netstandard1.5)
      System.Diagnostics.Tracing (>= 4.3) - restriction: || (&& (== net452) (< net45) (>= netstandard1.3)) (&& (== net452) (< portable-net45+win8+wp8+wpa81)) (&& (== net462) (< net45)) (&& (== net462) (< portable-net45+win8+wp8+wpa81)) (== netcoreapp2.0) (== netstandard1.5)
      System.Globalization (>= 4.3) - restriction: || (&& (== net452) (< net45) (>= netstandard1.3)) (&& (== net452) (< portable-net45+win8+wp8+wpa81)) (&& (== net462) (< net45)) (&& (== net462) (< portable-net45+win8+wp8+wpa81)) (== netcoreapp2.0) (== netstandard1.5)
      System.IO (>= 4.3) - restriction: || (&& (== net452) (< net45)) (&& (== net452) (< netstandard1.1)) (&& (== net452) (< portable-net45+win8+wp8+wpa81)) (&& (== net462) (< net45)) (&& (== net462) (< netstandard1.1)) (&& (== net462) (< portable-net45+win8+wp8+wpa81)) (== netcoreapp2.0) (== netstandard1.5)
      System.Net.Http (>= 4.3) - restriction: || (&& (== net452) (< net45) (>= netstandard1.3)) (&& (== net452) (< portable-net45+win8+wp8+wpa81)) (&& (== net462) (< net45)) (&& (== net462) (< portable-net45+win8+wp8+wpa81)) (== netcoreapp2.0) (== netstandard1.5)
      System.Net.Primitives (>= 4.3) - restriction: || (&& (== net452) (< net45)) (&& (== net452) (< netstandard1.1)) (&& (== net452) (< portable-net45+win8+wp8+wpa81)) (&& (== net462) (< net45)) (&& (== net462) (< netstandard1.1)) (&& (== net462) (< portable-net45+win8+wp8+wpa81)) (== netcoreapp2.0) (== netstandard1.5)
      System.Net.WebHeaderCollection (>= 4.3) - restriction: || (&& (== net452) (< net45) (>= netstandard1.3)) (&& (== net452) (< portable-net45+win8+wp8+wpa81)) (&& (== net462) (< net45)) (&& (== net462) (< portable-net45+win8+wp8+wpa81)) (== netcoreapp2.0) (== netstandard1.5)
      System.Resources.ResourceManager (>= 4.3) - restriction: || (&& (== net452) (< net45) (>= netstandard1.3)) (&& (== net452) (< portable-net45+win8+wp8+wpa81)) (&& (== net462) (< net45)) (&& (== net462) (< portable-net45+win8+wp8+wpa81)) (== netcoreapp2.0) (== netstandard1.5)
      System.Runtime (>= 4.3) - restriction: || (&& (== net452) (< net45)) (&& (== net452) (< netstandard1.1)) (&& (== net452) (< portable-net45+win8+wp8+wpa81)) (&& (== net462) (< net45)) (&& (== net462) (< netstandard1.1)) (&& (== net462) (< portable-net45+win8+wp8+wpa81)) (== netcoreapp2.0) (== netstandard1.5)
      System.Threading (>= 4.3) - restriction: || (&& (== net452) (< net45) (>= netstandard1.3)) (&& (== net452) (< portable-net45+win8+wp8+wpa81)) (&& (== net462) (< net45)) (&& (== net462) (< portable-net45+win8+wp8+wpa81)) (== netcoreapp2.0) (== netstandard1.5)
      System.Threading.Tasks (>= 4.3) - restriction: || (&& (== net452) (< net45)) (&& (== net452) (< portable-net45+win8+wp8+wpa81)) (&& (== net462) (< net45)) (&& (== net462) (< portable-net45+win8+wp8+wpa81)) (== netcoreapp2.0) (== netstandard1.5)
    System.Net.WebHeaderCollection (4.3) - restriction: || (&& (== net452) (< net40) (>= netstandard1.4)) (&& (== net452) (< net40) (>= netstandard2.0)) (&& (== net462) (< net40)) (== netcoreapp2.0) (== netstandard1.5)
      System.Collections (>= 4.3) - restriction: || (&& (== net452) (== net462)) (&& (== net452) (>= netstandard1.3)) (&& (== net462) (< net46)) (== netcoreapp2.0) (== netstandard1.5)
      System.Resources.ResourceManager (>= 4.3) - restriction: || (&& (== net452) (== net462)) (&& (== net452) (>= netstandard1.3)) (&& (== net462) (< net46)) (== netcoreapp2.0) (== netstandard1.5)
      System.Runtime (>= 4.3) - restriction: || (&& (== net452) (== net462)) (&& (== net452) (>= netstandard1.3)) (&& (== net462) (< net46)) (== netcoreapp2.0) (== netstandard1.5)
      System.Runtime.Extensions (>= 4.3) - restriction: || (&& (== net452) (== net462)) (&& (== net452) (>= netstandard1.3)) (&& (== net462) (< net46)) (== netcoreapp2.0) (== netstandard1.5)
    System.ObjectModel (4.3) - restriction: || (&& (== net452) (< net40) (>= netstandard1.3)) (&& (== net452) (< net40) (>= netstandard1.6)) (&& (== net462) (< net40)) (== netcoreapp2.0) (== netstandard1.5)
      System.Collections (>= 4.3) - restriction: || (&& (== net452) (< net45) (>= netstandard1.3)) (&& (== net452) (< portable-net45+win8+wp8+wpa81)) (&& (== net462) (< net45)) (&& (== net462) (< portable-net45+win8+wp8+wpa81)) (== netcoreapp2.0) (== netstandard1.5)
      System.Diagnostics.Debug (>= 4.3) - restriction: || (&& (== net452) (< net45) (>= netstandard1.3)) (&& (== net452) (< portable-net45+win8+wp8+wpa81)) (&& (== net462) (< net45)) (&& (== net462) (< portable-net45+win8+wp8+wpa81)) (== netcoreapp2.0) (== netstandard1.5)
      System.Resources.ResourceManager (>= 4.3) - restriction: || (&& (== net452) (< net45) (>= netstandard1.3)) (&& (== net452) (< portable-net45+win8+wp8+wpa81)) (&& (== net462) (< net45)) (&& (== net462) (< portable-net45+win8+wp8+wpa81)) (== netcoreapp2.0) (== netstandard1.5)
      System.Runtime (>= 4.3) - restriction: || (&& (== net452) (< net45)) (&& (== net452) (< portable-net45+win8+wp8+wpa81)) (&& (== net462) (< net45)) (&& (== net462) (< portable-net45+win8+wp8+wpa81)) (== netcoreapp2.0) (== netstandard1.5)
      System.Threading (>= 4.3) - restriction: || (&& (== net452) (< net45) (>= netstandard1.3)) (&& (== net452) (< portable-net45+win8+wp8+wpa81)) (&& (== net462) (< net45)) (&& (== net462) (< portable-net45+win8+wp8+wpa81)) (== netcoreapp2.0) (== netstandard1.5)
    System.Private.DataContractSerialization (4.3) - restriction: || (&& (== net452) (>= netcoreapp1.0)) (&& (== net462) (>= netcoreapp1.0)) (== netcoreapp2.0) (&& (== netstandard1.5) (>= netcoreapp1.0))
      System.Collections (>= 4.3) - restriction: || (== net452) (&& (== net462) (< net46)) (&& (== net462) (< netstandard1.3)) (== netcoreapp2.0) (== netstandard1.5)
      System.Collections.Concurrent (>= 4.3) - restriction: || (== net452) (&& (== net462) (< net46)) (&& (== net462) (< netstandard1.3)) (== netcoreapp2.0) (== netstandard1.5)
      System.Diagnostics.Debug (>= 4.3) - restriction: || (== net452) (&& (== net462) (< net46)) (&& (== net462) (< netstandard1.3)) (== netcoreapp2.0) (== netstandard1.5)
      System.Globalization (>= 4.3) - restriction: || (== net452) (&& (== net462) (< net46)) (&& (== net462) (< netstandard1.3)) (== netcoreapp2.0) (== netstandard1.5)
      System.IO (>= 4.3) - restriction: || (== net452) (&& (== net462) (< net46)) (&& (== net462) (< netstandard1.3)) (== netcoreapp2.0) (== netstandard1.5)
      System.Linq (>= 4.3) - restriction: || (== net452) (&& (== net462) (< net46)) (&& (== net462) (< netstandard1.3)) (== netcoreapp2.0) (== netstandard1.5)
      System.Reflection (>= 4.3) - restriction: || (== net452) (&& (== net462) (< net46)) (&& (== net462) (< netstandard1.3)) (== netcoreapp2.0) (== netstandard1.5)
      System.Reflection.Emit.ILGeneration (>= 4.3) - restriction: || (&& (== net452) (== net462)) (&& (== net452) (>= netstandard1.3)) (&& (== net462) (< net46)) (== netcoreapp2.0) (== netstandard1.5)
      System.Reflection.Emit.Lightweight (>= 4.3) - restriction: || (&& (== net452) (== net462)) (&& (== net452) (>= netstandard1.3)) (&& (== net462) (< net46)) (== netcoreapp2.0) (== netstandard1.5)
      System.Reflection.Extensions (>= 4.3) - restriction: || (== net452) (&& (== net462) (< net46)) (&& (== net462) (< netstandard1.3)) (== netcoreapp2.0) (== netstandard1.5)
      System.Reflection.Primitives (>= 4.3) - restriction: || (== net452) (&& (== net462) (< net46)) (&& (== net462) (< netstandard1.3)) (== netcoreapp2.0) (== netstandard1.5)
      System.Reflection.TypeExtensions (>= 4.3)
      System.Resources.ResourceManager (>= 4.3) - restriction: || (== net452) (&& (== net462) (< net46)) (&& (== net462) (< netstandard1.3)) (== netcoreapp2.0) (== netstandard1.5)
      System.Runtime (>= 4.3) - restriction: || (== net452) (&& (== net462) (< net46)) (&& (== net462) (< netstandard1.3)) (== netcoreapp2.0) (== netstandard1.5)
      System.Runtime.Extensions (>= 4.3) - restriction: || (== net452) (&& (== net462) (< net46)) (&& (== net462) (< netstandard1.3)) (== netcoreapp2.0) (== netstandard1.5)
      System.Runtime.Serialization.Primitives (>= 4.3)
      System.Text.Encoding (>= 4.3) - restriction: || (== net452) (&& (== net462) (< net46)) (&& (== net462) (< netstandard1.3)) (== netcoreapp2.0) (== netstandard1.5)
      System.Text.Encoding.Extensions (>= 4.3) - restriction: || (== net452) (&& (== net462) (< net46)) (&& (== net462) (< netstandard1.3)) (== netcoreapp2.0) (== netstandard1.5)
      System.Text.RegularExpressions (>= 4.3) - restriction: || (== net452) (&& (== net462) (< net46)) (&& (== net462) (< netstandard1.3)) (== netcoreapp2.0) (== netstandard1.5)
      System.Threading (>= 4.3) - restriction: || (== net452) (&& (== net462) (< net46)) (&& (== net462) (< netstandard1.3)) (== netcoreapp2.0) (== netstandard1.5)
      System.Threading.Tasks (>= 4.3) - restriction: || (== net452) (&& (== net462) (< net46)) (&& (== net462) (< netstandard1.3)) (== netcoreapp2.0) (== netstandard1.5)
      System.Xml.ReaderWriter (>= 4.3) - restriction: || (== net452) (&& (== net462) (< net46)) (&& (== net462) (< netstandard1.3)) (== netcoreapp2.0) (== netstandard1.5)
      System.Xml.XDocument (>= 4.3) - restriction: || (== net452) (&& (== net462) (< net46)) (&& (== net462) (< netstandard1.3)) (== netcoreapp2.0) (== netstandard1.5)
      System.Xml.XmlDocument (>= 4.3)
      System.Xml.XmlSerializer (>= 4.3) - restriction: || (== net452) (&& (== net462) (< net46)) (&& (== net462) (< netstandard1.3)) (== netcoreapp2.0) (== netstandard1.5)
    System.Reflection (4.3) - restriction: || (&& (== net452) (< net35) (>= netstandard1.6)) (&& (== net452) (< net40) (>= netstandard1.4)) (&& (== net452) (< net40) (>= netstandard1.5)) (&& (== net452) (< net40) (>= netstandard2.0)) (&& (== net462) (< net35) (>= netstandard1.6)) (&& (== net462) (< net40)) (== netcoreapp2.0) (== netstandard1.5)
      Microsoft.NETCore.Platforms (>= 1.1) - restriction: || (&& (== net452) (< net45)) (&& (== net452) (< portable-net45+win8+wp8+wpa81)) (&& (== net462) (< net45)) (&& (== net462) (< portable-net45+win8+wp8+wpa81)) (== netcoreapp2.0) (== netstandard1.5)
      Microsoft.NETCore.Targets (>= 1.1) - restriction: || (&& (== net452) (< net45)) (&& (== net452) (< portable-net45+win8+wp8+wpa81)) (&& (== net462) (< net45)) (&& (== net462) (< portable-net45+win8+wp8+wpa81)) (== netcoreapp2.0) (== netstandard1.5)
      System.IO (>= 4.3) - restriction: || (&& (== net452) (< net45)) (&& (== net452) (< portable-net45+win8+wp8+wpa81)) (&& (== net462) (< net45)) (&& (== net462) (< portable-net45+win8+wp8+wpa81)) (== netcoreapp2.0) (== netstandard1.5)
      System.Reflection.Primitives (>= 4.3) - restriction: || (&& (== net452) (< net45)) (&& (== net452) (< portable-net45+win8+wp8+wpa81)) (&& (== net462) (< net45)) (&& (== net462) (< portable-net45+win8+wp8+wpa81)) (== netcoreapp2.0) (== netstandard1.5)
      System.Runtime (>= 4.3) - restriction: || (&& (== net452) (< net45)) (&& (== net452) (< portable-net45+win8+wp8+wpa81)) (&& (== net462) (< net45)) (&& (== net462) (< portable-net45+win8+wp8+wpa81)) (== netcoreapp2.0) (== netstandard1.5)
    System.Reflection.Emit (4.3) - restriction: || (&& (== net452) (< net35) (>= netstandard1.6)) (&& (== net452) (< net40) (>= netstandard1.3)) (&& (== net462) (< net35) (>= netstandard1.6)) (&& (== net462) (< net40)) (== netcoreapp2.0) (== netstandard1.5)
      System.IO (>= 4.3) - restriction: || (&& (== net452) (< net45)) (&& (== net462) (< net45)) (== netcoreapp2.0) (== netstandard1.5)
      System.Reflection (>= 4.3) - restriction: || (&& (== net452) (< net45)) (&& (== net462) (< net45)) (== netcoreapp2.0) (== netstandard1.5)
      System.Reflection.Emit.ILGeneration (>= 4.3) - restriction: || (&& (== net452) (< net45)) (&& (== net462) (< net45)) (== netcoreapp2.0) (== netstandard1.5)
      System.Reflection.Primitives (>= 4.3) - restriction: || (&& (== net452) (< net45)) (&& (== net462) (< net45)) (== netcoreapp2.0) (== netstandard1.5)
      System.Runtime (>= 4.3) - restriction: || (&& (== net452) (< net45)) (&& (== net462) (< net45)) (== netcoreapp2.0) (== netstandard1.5)
    System.Reflection.Emit.ILGeneration (4.3) - restriction: || (&& (== net452) (< net35) (>= netstandard1.6)) (&& (== net452) (< net40) (>= netstandard1.3)) (&& (== net462) (< net35) (>= netstandard1.6)) (&& (== net462) (< net40)) (== netcoreapp2.0) (== netstandard1.5)
      System.Reflection (>= 4.3) - restriction: || (&& (== net452) (< net45)) (&& (== net462) (< net45)) (== netcoreapp2.0) (== netstandard1.5)
      System.Reflection.Primitives (>= 4.3) - restriction: || (&& (== net452) (< net45)) (&& (== net462) (< net45)) (== netcoreapp2.0) (== netstandard1.5)
      System.Runtime (>= 4.3) - restriction: || (&& (== net452) (< net45)) (&& (== net462) (< net45)) (== netcoreapp2.0) (== netstandard1.5)
    System.Reflection.Emit.Lightweight (4.3) - restriction: || (&& (== net452) (< net40) (>= netstandard1.3) (< portable-net45+win8+wp8+wpa81)) (&& (== net452) (< net40) (>= netstandard1.6)) (&& (== net462) (< net40) (>= netstandard1.6)) (&& (== net462) (< net40) (< portable-net45+win8+wp8+wpa81)) (== netcoreapp2.0) (&& (== netstandard1.5) (>= netstandard1.6)) (&& (== netstandard1.5) (< portable-net45+win8+wp8+wpa81))
      System.Reflection (>= 4.3) - restriction: || (&& (== net452) (< net45)) (&& (== net462) (< net45)) (== netcoreapp2.0) (== netstandard1.5)
      System.Reflection.Emit.ILGeneration (>= 4.3) - restriction: || (&& (== net452) (< net45)) (&& (== net462) (< net45)) (== netcoreapp2.0) (== netstandard1.5)
      System.Reflection.Primitives (>= 4.3) - restriction: || (&& (== net452) (< net45)) (&& (== net462) (< net45)) (== netcoreapp2.0) (== netstandard1.5)
      System.Runtime (>= 4.3) - restriction: || (&& (== net452) (< net45)) (&& (== net462) (< net45)) (== netcoreapp2.0) (== netstandard1.5)
    System.Reflection.Extensions (4.3) - restriction: || (&& (== net452) (< net40) (>= netstandard1.3) (< portable-net45+win8+wp8+wpa81)) (&& (== net452) (< net40) (>= netstandard1.4)) (&& (== net452) (< net40) (>= netstandard1.5)) (&& (== net452) (< net40) (>= netstandard1.6)) (&& (== net452) (< net40) (>= netstandard2.0)) (&& (== net462) (< net40)) (== netcoreapp2.0) (== netstandard1.5)
      Microsoft.NETCore.Platforms (>= 1.1) - restriction: || (&& (== net452) (< net45)) (&& (== net452) (< portable-net45+win8+wp8+wpa81)) (&& (== net462) (< net45)) (&& (== net462) (< portable-net45+win8+wp8+wpa81)) (== netcoreapp2.0) (== netstandard1.5)
      Microsoft.NETCore.Targets (>= 1.1) - restriction: || (&& (== net452) (< net45)) (&& (== net452) (< portable-net45+win8+wp8+wpa81)) (&& (== net462) (< net45)) (&& (== net462) (< portable-net45+win8+wp8+wpa81)) (== netcoreapp2.0) (== netstandard1.5)
      System.Reflection (>= 4.3) - restriction: || (&& (== net452) (< net45)) (&& (== net452) (< portable-net45+win8+wp8+wpa81)) (&& (== net462) (< net45)) (&& (== net462) (< portable-net45+win8+wp8+wpa81)) (== netcoreapp2.0) (== netstandard1.5)
      System.Runtime (>= 4.3) - restriction: || (&& (== net452) (< net45)) (&& (== net452) (< portable-net45+win8+wp8+wpa81)) (&& (== net462) (< net45)) (&& (== net462) (< portable-net45+win8+wp8+wpa81)) (== netcoreapp2.0) (== netstandard1.5)
    System.Reflection.Metadata (1.6) - restriction: || (&& (== net452) (>= netcoreapp1.0)) (&& (== net462) (>= netcoreapp1.0)) (== netcoreapp2.0) (&& (== netstandard1.5) (>= netcoreapp1.0))
      System.Collections.Immutable (>= 1.5)
    System.Reflection.Primitives (4.3) - restriction: || (&& (== net452) (< net35) (>= netstandard1.6)) (&& (== net452) (< net40) (>= netstandard1.4)) (&& (== net452) (< net40) (>= netstandard1.5)) (&& (== net452) (< net40) (>= netstandard2.0)) (&& (== net462) (< net35) (>= netstandard1.6)) (&& (== net462) (< net40)) (== netcoreapp2.0) (== netstandard1.5)
      Microsoft.NETCore.Platforms (>= 1.1) - restriction: || (&& (== net452) (< net45)) (&& (== net452) (< portable-net45+win8+wp8+wpa81)) (&& (== net462) (< net45)) (&& (== net462) (< portable-net45+win8+wp8+wpa81)) (== netcoreapp2.0) (== netstandard1.5)
      Microsoft.NETCore.Targets (>= 1.1) - restriction: || (&& (== net452) (< net45)) (&& (== net452) (< portable-net45+win8+wp8+wpa81)) (&& (== net462) (< net45)) (&& (== net462) (< portable-net45+win8+wp8+wpa81)) (== netcoreapp2.0) (== netstandard1.5)
      System.Runtime (>= 4.3) - restriction: || (&& (== net452) (< net45)) (&& (== net452) (< portable-net45+win8+wp8+wpa81)) (&& (== net462) (< net45)) (&& (== net462) (< portable-net45+win8+wp8+wpa81)) (== netcoreapp2.0) (== netstandard1.5)
    System.Reflection.TypeExtensions (4.5.1) - restriction: || (&& (== net452) (< net35) (>= netstandard1.6)) (&& (== net452) (< net40) (>= netstandard1.4)) (&& (== net452) (< net40) (>= netstandard1.5)) (&& (== net452) (< net40) (>= netstandard2.0)) (&& (== net462) (< net35) (>= netstandard1.6)) (&& (== net462) (< net40)) (== netcoreapp2.0) (== netstandard1.5)
      System.Reflection (>= 4.3) - restriction: || (== net452) (&& (== net462) (== netcoreapp2.0)) (&& (== net462) (< net46)) (&& (== net462) (< netstandard1.3)) (&& (== netcoreapp2.0) (< netstandard1.3)) (&& (== netcoreapp2.0) (< netstandard1.5)) (&& (== netcoreapp2.0) (< netstandard2.0)) (== netstandard1.5)
      System.Resources.ResourceManager (>= 4.3) - restriction: || (== net452) (&& (== net462) (== netcoreapp2.0)) (&& (== net462) (< net46)) (&& (== net462) (< netstandard1.3)) (&& (== netcoreapp2.0) (< netstandard1.3)) (&& (== netcoreapp2.0) (< netstandard1.5)) (&& (== netcoreapp2.0) (< netstandard2.0)) (== netstandard1.5)
      System.Runtime (>= 4.3) - restriction: || (== net452) (&& (== net462) (== netcoreapp2.0)) (&& (== net462) (< net46)) (&& (== net462) (< netstandard1.3)) (&& (== netcoreapp2.0) (< netstandard1.3)) (&& (== netcoreapp2.0) (< netstandard1.5)) (&& (== netcoreapp2.0) (< netstandard2.0)) (== netstandard1.5)
    System.Resources.ResourceManager (4.3) - restriction: || (&& (== net452) (< net40) (>= netstandard1.3)) (&& (== net452) (< net40) (>= netstandard1.4)) (&& (== net452) (< net40) (>= netstandard1.5)) (&& (== net452) (< net40) (>= netstandard1.6)) (&& (== net452) (< net40) (>= netstandard2.0)) (&& (== net452) (>= uap10.0)) (&& (== net462) (< net40)) (&& (== net462) (>= uap10.0)) (== netcoreapp2.0) (== netstandard1.5)
      Microsoft.NETCore.Platforms (>= 1.1) - restriction: || (&& (== net452) (< net45)) (&& (== net452) (< portable-net45+win8+wp8+wpa81)) (&& (== net462) (< net45)) (&& (== net462) (< portable-net45+win8+wp8+wpa81)) (== netcoreapp2.0) (== netstandard1.5)
      Microsoft.NETCore.Targets (>= 1.1) - restriction: || (&& (== net452) (< net45)) (&& (== net452) (< portable-net45+win8+wp8+wpa81)) (&& (== net462) (< net45)) (&& (== net462) (< portable-net45+win8+wp8+wpa81)) (== netcoreapp2.0) (== netstandard1.5)
      System.Globalization (>= 4.3) - restriction: || (&& (== net452) (< net45)) (&& (== net452) (< portable-net45+win8+wp8+wpa81)) (&& (== net462) (< net45)) (&& (== net462) (< portable-net45+win8+wp8+wpa81)) (== netcoreapp2.0) (== netstandard1.5)
      System.Reflection (>= 4.3) - restriction: || (&& (== net452) (< net45)) (&& (== net452) (< portable-net45+win8+wp8+wpa81)) (&& (== net462) (< net45)) (&& (== net462) (< portable-net45+win8+wp8+wpa81)) (== netcoreapp2.0) (== netstandard1.5)
      System.Runtime (>= 4.3) - restriction: || (&& (== net452) (< net45)) (&& (== net452) (< portable-net45+win8+wp8+wpa81)) (&& (== net462) (< net45)) (&& (== net462) (< portable-net45+win8+wp8+wpa81)) (== netcoreapp2.0) (== netstandard1.5)
    System.Runtime (4.3) - restriction: || (&& (== net452) (< net40) (>= netstandard1.3)) (&& (== net452) (< net40) (>= netstandard1.4)) (&& (== net452) (< net40) (>= netstandard1.5)) (&& (== net452) (< net40) (>= netstandard1.6)) (&& (== net452) (< net40) (>= netstandard2.0)) (&& (== net452) (>= uap10.0)) (&& (== net462) (< net40)) (&& (== net462) (>= uap10.0)) (== netcoreapp2.0) (== netstandard1.5)
      Microsoft.NETCore.Platforms (>= 1.1) - restriction: || (&& (== net452) (< net45)) (&& (== net452) (< portable-net45+win8+wp8+wpa81)) (&& (== net462) (< net45)) (&& (== net462) (< portable-net45+win8+wp8+wpa81)) (== netcoreapp2.0) (== netstandard1.5)
      Microsoft.NETCore.Targets (>= 1.1) - restriction: || (&& (== net452) (< net45)) (&& (== net452) (< portable-net45+win8+wp8+wpa81)) (&& (== net462) (< net45)) (&& (== net462) (< portable-net45+win8+wp8+wpa81)) (== netcoreapp2.0) (== netstandard1.5)
    System.Runtime.CompilerServices.Unsafe (4.5.1) - restriction: || (&& (== net452) (< net40) (>= netstandard1.3)) (&& (== net452) (< net40) (>= netstandard1.6)) (&& (== net452) (< net40) (>= netstandard2.0)) (&& (== net452) (< netstandard1.0) (>= netstandard1.3) (>= win8)) (&& (== net452) (< netstandard1.0) (>= netstandard1.6) (>= win8)) (&& (== net452) (< netstandard1.0) (>= netstandard2.0) (>= win8)) (&& (== net452) (>= netstandard1.3) (>= wp8)) (&& (== net452) (>= netstandard1.3) (>= wpa81)) (&& (== net452) (>= netstandard1.6) (>= wp8)) (&& (== net452) (>= netstandard1.6) (>= wpa81)) (&& (== net452) (>= netstandard2.0) (>= wp8)) (&& (== net452) (>= netstandard2.0) (>= wpa81)) (&& (== net462) (< net40)) (&& (== net462) (< netstandard1.0) (>= win8)) (&& (== net462) (>= wp8)) (&& (== net462) (>= wpa81)) (== netcoreapp2.0) (== netstandard1.5)
    System.Runtime.Extensions (4.3) - restriction: || (&& (== net452) (< net40) (>= netstandard1.3)) (&& (== net452) (< net40) (>= netstandard1.6)) (&& (== net452) (< net40) (>= netstandard2.0)) (&& (== net452) (>= uap10.0)) (&& (== net462) (< net40)) (&& (== net462) (>= uap10.0)) (== netcoreapp2.0) (== netstandard1.5)
      Microsoft.NETCore.Platforms (>= 1.1) - restriction: || (&& (== net452) (< net45)) (&& (== net452) (< portable-net45+win8+wp8+wpa81)) (&& (== net462) (< net45)) (&& (== net462) (< portable-net45+win8+wp8+wpa81)) (== netcoreapp2.0) (== netstandard1.5)
      Microsoft.NETCore.Targets (>= 1.1) - restriction: || (&& (== net452) (< net45)) (&& (== net452) (< portable-net45+win8+wp8+wpa81)) (&& (== net462) (< net45)) (&& (== net462) (< portable-net45+win8+wp8+wpa81)) (== netcoreapp2.0) (== netstandard1.5)
      System.Runtime (>= 4.3) - restriction: || (&& (== net452) (< net45)) (&& (== net452) (< portable-net45+win8+wp8+wpa81)) (&& (== net462) (< net45)) (&& (== net462) (< portable-net45+win8+wp8+wpa81)) (== netcoreapp2.0) (== netstandard1.5)
    System.Runtime.Handles (4.3) - restriction: || (&& (== net452) (< net40) (>= netstandard1.3)) (&& (== net452) (< net40) (>= netstandard1.6)) (&& (== net452) (< net40) (>= netstandard2.0)) (&& (== net452) (>= uap10.0)) (&& (== net462) (< net40)) (&& (== net462) (>= uap10.0)) (== netcoreapp2.0) (== netstandard1.5)
      Microsoft.NETCore.Platforms (>= 1.1) - restriction: || (&& (== net452) (== net462)) (&& (== net452) (>= netstandard1.3)) (&& (== net462) (< net46)) (== netcoreapp2.0) (== netstandard1.5)
      Microsoft.NETCore.Targets (>= 1.1) - restriction: || (&& (== net452) (== net462)) (&& (== net452) (>= netstandard1.3)) (&& (== net462) (< net46)) (== netcoreapp2.0) (== netstandard1.5)
      System.Runtime (>= 4.3) - restriction: || (&& (== net452) (== net462)) (&& (== net452) (>= netstandard1.3)) (&& (== net462) (< net46)) (== netcoreapp2.0) (== netstandard1.5)
    System.Runtime.InteropServices (4.3) - restriction: || (&& (== net452) (< net40) (>= netstandard1.3)) (&& (== net452) (< net40) (>= netstandard1.6)) (&& (== net452) (< net40) (>= netstandard2.0)) (&& (== net452) (>= uap10.0)) (&& (== net462) (< net40)) (&& (== net462) (>= uap10.0)) (== netcoreapp2.0) (== netstandard1.5)
      Microsoft.NETCore.Platforms (>= 1.1) - restriction: || (&& (== net452) (< net45)) (&& (== net452) (>= netcoreapp1.1)) (&& (== net452) (< portable-net45+win8+wpa81)) (&& (== net462) (< net45)) (&& (== net462) (>= netcoreapp1.1)) (&& (== net462) (< portable-net45+win8+wpa81)) (== netcoreapp2.0) (== netstandard1.5)
      Microsoft.NETCore.Targets (>= 1.1) - restriction: || (&& (== net452) (< net45)) (&& (== net452) (>= netcoreapp1.1)) (&& (== net452) (< portable-net45+win8+wpa81)) (&& (== net462) (< net45)) (&& (== net462) (>= netcoreapp1.1)) (&& (== net462) (< portable-net45+win8+wpa81)) (== netcoreapp2.0) (== netstandard1.5)
      System.Reflection (>= 4.3) - restriction: || (&& (== net452) (< net45)) (&& (== net452) (>= netcoreapp1.1)) (&& (== net452) (< portable-net45+win8+wpa81)) (&& (== net462) (< net45)) (&& (== net462) (>= netcoreapp1.1)) (&& (== net462) (< portable-net45+win8+wpa81)) (== netcoreapp2.0) (== netstandard1.5)
      System.Reflection.Primitives (>= 4.3) - restriction: || (&& (== net452) (< net45)) (&& (== net452) (>= netcoreapp1.1)) (&& (== net452) (< portable-net45+win8+wpa81)) (&& (== net462) (< net45)) (&& (== net462) (>= netcoreapp1.1)) (&& (== net462) (< portable-net45+win8+wpa81)) (== netcoreapp2.0) (== netstandard1.5)
      System.Runtime (>= 4.3) - restriction: || (&& (== net452) (< net45)) (&& (== net452) (>= net462)) (&& (== net452) (>= netcoreapp1.1)) (&& (== net452) (< portable-net45+win8+wpa81)) (== net462) (== netcoreapp2.0) (== netstandard1.5)
      System.Runtime.Handles (>= 4.3) - restriction: || (&& (== net452) (< net45) (>= netstandard1.3)) (&& (== net452) (< net45) (>= netstandard1.5)) (&& (== net452) (>= netcoreapp1.1)) (&& (== net452) (< portable-net45+win8+wpa81)) (&& (== net462) (< net45)) (&& (== net462) (>= netcoreapp1.1)) (&& (== net462) (< portable-net45+win8+wpa81)) (== netcoreapp2.0) (== netstandard1.5)
    System.Runtime.InteropServices.RuntimeInformation (4.3) - restriction: || (&& (== net452) (>= netcoreapp1.0)) (&& (== net462) (>= netcoreapp1.0)) (== netcoreapp2.0) (&& (== netstandard1.5) (>= netcoreapp1.0))
      runtime.native.System (>= 4.3) - restriction: || (&& (== net452) (< net45)) (&& (== net462) (< net45)) (== netcoreapp2.0) (== netstandard1.5)
      System.Reflection (>= 4.3) - restriction: || (&& (== net452) (< net45)) (&& (== net452) (< netstandard1.1)) (&& (== net462) (< net45)) (&& (== net462) (< netstandard1.1)) (== netcoreapp2.0) (== netstandard1.5)
      System.Reflection.Extensions (>= 4.3) - restriction: || (&& (== net452) (< net45)) (&& (== net452) (< netstandard1.1)) (&& (== net462) (< net45)) (&& (== net462) (< netstandard1.1)) (== netcoreapp2.0) (== netstandard1.5)
      System.Resources.ResourceManager (>= 4.3) - restriction: || (&& (== net452) (< net45)) (&& (== net452) (< netstandard1.1)) (&& (== net462) (< net45)) (&& (== net462) (< netstandard1.1)) (== netcoreapp2.0) (== netstandard1.5)
      System.Runtime (>= 4.3) - restriction: || (&& (== net452) (< net45)) (&& (== net452) (< netstandard1.1)) (&& (== net462) (< net45)) (&& (== net462) (< netstandard1.1)) (== netcoreapp2.0) (== netstandard1.5)
      System.Runtime.InteropServices (>= 4.3) - restriction: || (&& (== net452) (< net45)) (&& (== net462) (< net45)) (== netcoreapp2.0) (== netstandard1.5)
      System.Threading (>= 4.3) - restriction: || (&& (== net452) (< net45)) (&& (== net452) (< netstandard1.1)) (&& (== net462) (< net45)) (&& (== net462) (< netstandard1.1)) (== netcoreapp2.0) (== netstandard1.5)
    System.Runtime.Loader (4.3) - restriction: || (&& (== net452) (< net40) (>= netstandard1.6)) (&& (== net462) (< net40) (>= netstandard1.6)) (== netcoreapp2.0) (&& (== netstandard1.5) (>= netstandard1.6))
      System.IO (>= 4.3) - restriction: || (&& (== net452) (== net462)) (&& (== net452) (>= netstandard1.5)) (== netcoreapp2.0) (== netstandard1.5)
      System.Reflection (>= 4.3) - restriction: || (&& (== net452) (== net462)) (&& (== net452) (>= netstandard1.5)) (== netcoreapp2.0) (== netstandard1.5)
      System.Runtime (>= 4.3) - restriction: || (&& (== net452) (== net462)) (&& (== net452) (>= netstandard1.5)) (== netcoreapp2.0) (== netstandard1.5)
    System.Runtime.Numerics (4.3) - restriction: || (&& (== net452) (< net40) (>= netstandard1.6)) (&& (== net462) (< net40) (>= netstandard1.6)) (== netcoreapp2.0) (&& (== netstandard1.5) (>= netstandard1.6))
      System.Globalization (>= 4.3) - restriction: || (&& (== net452) (< net45) (>= netstandard1.3)) (&& (== net452) (< portable-net45+win8+wpa81)) (&& (== net462) (< net45)) (&& (== net462) (< portable-net45+win8+wpa81)) (== netcoreapp2.0) (== netstandard1.5)
      System.Resources.ResourceManager (>= 4.3) - restriction: || (&& (== net452) (< net45) (>= netstandard1.3)) (&& (== net452) (< portable-net45+win8+wpa81)) (&& (== net462) (< net45)) (&& (== net462) (< portable-net45+win8+wpa81)) (== netcoreapp2.0) (== netstandard1.5)
      System.Runtime (>= 4.3) - restriction: || (&& (== net452) (< net45)) (&& (== net452) (< portable-net45+win8+wpa81)) (&& (== net462) (< net45)) (&& (== net462) (< portable-net45+win8+wpa81)) (== netcoreapp2.0) (== netstandard1.5)
      System.Runtime.Extensions (>= 4.3) - restriction: || (&& (== net452) (< net45) (>= netstandard1.3)) (&& (== net452) (< portable-net45+win8+wpa81)) (&& (== net462) (< net45)) (&& (== net462) (< portable-net45+win8+wpa81)) (== netcoreapp2.0) (== netstandard1.5)
    System.Runtime.Serialization.Formatters (4.3) - restriction: || (&& (== net452) (== netcoreapp2.0)) (&& (== net452) (< net20) (>= netstandard1.3)) (&& (== net462) (== netcoreapp2.0)) (&& (== net462) (< net20)) (&& (== netcoreapp2.0) (< netstandard2.0)) (== netstandard1.5)
      System.Collections (>= 4.3) - restriction: || (&& (== net452) (== net462)) (&& (== net452) (>= netstandard1.4)) (&& (== net462) (< net46)) (== netcoreapp2.0) (== netstandard1.5)
      System.Reflection (>= 4.3) - restriction: || (&& (== net452) (== net462)) (&& (== net452) (>= netstandard1.4)) (&& (== net462) (< net46)) (== netcoreapp2.0) (== netstandard1.5)
      System.Resources.ResourceManager (>= 4.3) - restriction: || (&& (== net452) (== net462)) (&& (== net452) (>= netstandard1.4)) (&& (== net462) (< net46)) (== netcoreapp2.0) (== netstandard1.5)
      System.Runtime (>= 4.3) - restriction: || (&& (== net452) (== net462)) (&& (== net452) (>= netstandard1.3)) (&& (== net452) (>= netstandard1.4)) (&& (== net462) (< net46)) (== netcoreapp2.0) (== netstandard1.5)
      System.Runtime.Serialization.Primitives (>= 4.3) - restriction: || (&& (== net452) (>= net46)) (&& (== net452) (>= netstandard1.3)) (&& (== net452) (>= netstandard1.4)) (== net462) (== netcoreapp2.0) (== netstandard1.5)
    System.Runtime.Serialization.Json (4.3) - restriction: || (&& (== net452) (>= netcoreapp1.0)) (&& (== net462) (>= netcoreapp1.0)) (== netcoreapp2.0) (&& (== netstandard1.5) (>= netcoreapp1.0))
      System.IO (>= 4.3) - restriction: || (&& (== net452) (< net45)) (&& (== net452) (< portable-net45+win8+wp8+wpa81)) (&& (== net462) (< net45)) (&& (== net462) (< portable-net45+win8+wp8+wpa81)) (== netcoreapp2.0) (== netstandard1.5)
      System.Private.DataContractSerialization (>= 4.3) - restriction: || (&& (== net452) (< net45) (>= netstandard1.3)) (&& (== net452) (< portable-net45+win8+wp8+wpa81)) (&& (== net462) (< net45)) (&& (== net462) (< portable-net45+win8+wp8+wpa81)) (== netcoreapp2.0) (== netstandard1.5)
      System.Runtime (>= 4.3) - restriction: || (&& (== net452) (< net45)) (&& (== net452) (< portable-net45+win8+wp8+wpa81)) (&& (== net462) (< net45)) (&& (== net462) (< portable-net45+win8+wp8+wpa81)) (== netcoreapp2.0) (== netstandard1.5)
    System.Runtime.Serialization.Primitives (4.3) - restriction: || (&& (== net452) (< net20)) (&& (== net452) (>= netcoreapp1.0)) (&& (== net462) (< net20)) (&& (== net462) (>= netcoreapp1.0)) (== netcoreapp2.0) (== netstandard1.5)
      System.Resources.ResourceManager (>= 4.3) - restriction: || (&& (== net452) (< net45) (>= netstandard1.3)) (&& (== net452) (< portable-net45+win8+wp8+wpa81)) (&& (== net462) (< net45)) (&& (== net462) (< portable-net45+win8+wp8+wpa81)) (== netcoreapp2.0) (== netstandard1.5)
      System.Runtime (>= 4.3) - restriction: || (&& (== net452) (< net45)) (&& (== net452) (< portable-net45+win8+wp8+wpa81)) (&& (== net462) (< net45)) (&& (== net462) (< portable-net45+win8+wp8+wpa81)) (== netcoreapp2.0) (== netstandard1.5)
    System.Security.AccessControl (4.5) - restriction: || (&& (== net452) (>= monoandroid) (>= netstandard2.0)) (&& (== net452) (>= monotouch) (>= netstandard2.0)) (&& (== net452) (< net40) (>= netstandard2.0)) (&& (== net452) (>= netstandard2.0) (>= xamarinios)) (&& (== net452) (>= netstandard2.0) (>= xamarinmac)) (&& (== net452) (>= netstandard2.0) (>= xamarintvos)) (&& (== net452) (>= netstandard2.0) (>= xamarinwatchos)) (&& (== net462) (>= monoandroid) (>= netstandard2.0)) (&& (== net462) (>= monotouch) (>= netstandard2.0)) (&& (== net462) (< net40) (>= netstandard2.0)) (&& (== net462) (>= netstandard2.0) (>= xamarinios)) (&& (== net462) (>= netstandard2.0) (>= xamarinmac)) (&& (== net462) (>= netstandard2.0) (>= xamarintvos)) (&& (== net462) (>= netstandard2.0) (>= xamarinwatchos)) (== netcoreapp2.0) (&& (== netstandard1.5) (>= netstandard2.0))
      Microsoft.NETCore.Platforms (>= 2.0) - restriction: || (&& (== net452) (>= netcoreapp2.0)) (&& (== net462) (>= netcoreapp2.0)) (== netcoreapp2.0) (&& (== netstandard1.5) (>= netcoreapp2.0))
      System.Security.Principal.Windows (>= 4.5) - restriction: || (&& (== net452) (>= net461)) (&& (== net452) (>= netcoreapp2.0)) (&& (== net452) (>= netstandard2.0)) (== net462) (== netcoreapp2.0) (&& (== netstandard1.5) (>= net461)) (&& (== netstandard1.5) (>= netcoreapp2.0)) (&& (== netstandard1.5) (>= netstandard2.0))
    System.Security.Cryptography.Algorithms (4.3.1) - restriction: || (&& (== net452) (< net40) (>= net46)) (&& (== net452) (< net40) (>= net461)) (&& (== net452) (< net40) (>= netstandard1.3)) (&& (== net452) (< net40) (>= netstandard1.4)) (&& (== net452) (< net40) (>= netstandard1.6)) (&& (== net452) (< net40) (>= netstandard2.0)) (&& (== net452) (>= uap10.0)) (&& (== net462) (< net40)) (&& (== net462) (>= uap10.0)) (== netcoreapp2.0) (== netstandard1.5)
      Microsoft.NETCore.Platforms (>= 1.1) - restriction: || (== net452) (&& (== net462) (< net46) (>= netstandard1.6)) (&& (== net462) (< netstandard1.3)) (== netcoreapp2.0) (&& (== netstandard1.5) (< netstandard1.3)) (&& (== netstandard1.5) (>= netstandard1.6))
      runtime.native.System.Security.Cryptography.Apple (>= 4.3.1) - restriction: || (&& (== net452) (>= netstandard1.6)) (&& (== net462) (< net46) (>= netstandard1.6)) (== netcoreapp2.0) (&& (== netstandard1.5) (>= netstandard1.6))
      runtime.native.System.Security.Cryptography.OpenSsl (>= 4.3.2) - restriction: || (&& (== net452) (>= netstandard1.6)) (&& (== net462) (< net46) (>= netstandard1.6)) (== netcoreapp2.0) (&& (== netstandard1.5) (>= netstandard1.6))
      System.Collections (>= 4.3) - restriction: || (&& (== net452) (>= netstandard1.6)) (&& (== net462) (< net46) (>= netstandard1.6)) (== netcoreapp2.0) (&& (== netstandard1.5) (>= netstandard1.6))
      System.IO (>= 4.3) - restriction: || (== net452) (&& (== net462) (< net46)) (&& (== net462) (>= net463)) (&& (== net462) (< netstandard1.3)) (== netcoreapp2.0) (== netstandard1.5)
      System.Resources.ResourceManager (>= 4.3) - restriction: || (== net452) (&& (== net462) (< net46) (>= netstandard1.6)) (&& (== net462) (< netstandard1.3)) (== netcoreapp2.0) (&& (== netstandard1.5) (< netstandard1.3)) (&& (== netstandard1.5) (>= netstandard1.6))
      System.Runtime (>= 4.3) - restriction: || (== net452) (&& (== net462) (< net46)) (&& (== net462) (>= net463)) (&& (== net462) (< netstandard1.3)) (== netcoreapp2.0) (== netstandard1.5)
      System.Runtime.Extensions (>= 4.3) - restriction: || (== net452) (&& (== net462) (< net46) (>= netstandard1.6)) (&& (== net462) (< netstandard1.3)) (== netcoreapp2.0) (&& (== netstandard1.5) (< netstandard1.3)) (&& (== netstandard1.5) (>= netstandard1.6))
      System.Runtime.Handles (>= 4.3) - restriction: || (== net452) (&& (== net462) (< net46) (>= netstandard1.6)) (&& (== net462) (< netstandard1.3)) (== netcoreapp2.0) (&& (== netstandard1.5) (< netstandard1.3)) (&& (== netstandard1.5) (>= netstandard1.6))
      System.Runtime.InteropServices (>= 4.3) - restriction: || (== net452) (&& (== net462) (< net46) (>= netstandard1.6)) (&& (== net462) (< netstandard1.3)) (== netcoreapp2.0) (&& (== netstandard1.5) (< netstandard1.3)) (&& (== netstandard1.5) (>= netstandard1.6))
      System.Runtime.Numerics (>= 4.3) - restriction: || (&& (== net452) (>= netstandard1.6)) (&& (== net462) (< net46) (>= netstandard1.6)) (== netcoreapp2.0) (&& (== netstandard1.5) (>= netstandard1.6))
      System.Security.Cryptography.Encoding (>= 4.3) - restriction: || (== net452) (&& (== net462) (< net46) (>= netstandard1.6)) (&& (== net462) (>= net463)) (&& (== net462) (< netstandard1.3)) (== netcoreapp2.0) (&& (== netstandard1.5) (>= net463)) (&& (== netstandard1.5) (< netstandard1.3)) (&& (== netstandard1.5) (>= netstandard1.6))
      System.Security.Cryptography.Primitives (>= 4.3)
      System.Text.Encoding (>= 4.3) - restriction: || (== net452) (&& (== net462) (< net46) (>= netstandard1.6)) (&& (== net462) (< netstandard1.3)) (== netcoreapp2.0) (&& (== netstandard1.5) (< netstandard1.3)) (&& (== netstandard1.5) (>= netstandard1.6))
    System.Security.Cryptography.Cng (4.5) - restriction: || (&& (== net452) (== net462) (< net40)) (&& (== net452) (== netstandard1.5)) (&& (== net452) (< net40) (>= net46)) (&& (== net452) (< net40) (>= netstandard1.3)) (&& (== net452) (< net40) (>= netstandard1.6)) (&& (== net452) (< net40) (>= netstandard2.0)) (&& (== net452) (>= uap10.0)) (&& (== net462) (< net40) (< netstandard1.3)) (&& (== net462) (< net40) (>= netstandard1.6)) (&& (== net462) (< netstandard1.3) (>= uap10.0)) (&& (== net462) (>= netstandard1.6) (>= uap10.0)) (== netcoreapp2.0) (&& (== netstandard1.5) (< netstandard1.3)) (&& (== netstandard1.5) (>= netstandard1.6))
      Microsoft.NETCore.Platforms (>= 2.0) - restriction: || (&& (== net452) (>= netcoreapp2.0)) (&& (== net462) (>= netcoreapp2.0)) (== netcoreapp2.0) (&& (== netstandard1.5) (>= netcoreapp2.0))
    System.Security.Cryptography.Csp (4.3) - restriction: || (&& (== net452) (== netstandard1.5) (>= netstandard2.0)) (&& (== net452) (< net40) (>= netstandard1.6)) (&& (== net452) (< net40) (>= netstandard2.0)) (&& (== net452) (>= netstandard1.6) (>= uap10.0)) (&& (== net462) (< net40) (>= netstandard1.6)) (&& (== net462) (>= netstandard1.6) (>= uap10.0)) (== netcoreapp2.0) (&& (== netstandard1.5) (>= netstandard1.6))
      Microsoft.NETCore.Platforms (>= 1.1) - restriction: || (&& (== net452) (== net462)) (&& (== net452) (>= netstandard1.3)) (&& (== net462) (< net46)) (== netcoreapp2.0) (== netstandard1.5)
      System.IO (>= 4.3) - restriction: || (&& (== net452) (== net462)) (&& (== net452) (>= netstandard1.3)) (&& (== net462) (< net46)) (== netcoreapp2.0) (== netstandard1.5)
      System.Reflection (>= 4.3) - restriction: || (&& (== net452) (== net462)) (&& (== net452) (>= netstandard1.3)) (&& (== net462) (< net46)) (== netcoreapp2.0) (== netstandard1.5)
      System.Resources.ResourceManager (>= 4.3) - restriction: || (&& (== net452) (== net462)) (&& (== net452) (>= netstandard1.3)) (&& (== net462) (< net46)) (== netcoreapp2.0) (== netstandard1.5)
      System.Runtime (>= 4.3) - restriction: || (&& (== net452) (== net462)) (&& (== net452) (>= netstandard1.3)) (&& (== net462) (< net46)) (== netcoreapp2.0) (== netstandard1.5)
      System.Runtime.Extensions (>= 4.3) - restriction: || (&& (== net452) (== net462)) (&& (== net452) (>= netstandard1.3)) (&& (== net462) (< net46)) (== netcoreapp2.0) (== netstandard1.5)
      System.Runtime.Handles (>= 4.3) - restriction: || (&& (== net452) (== net462)) (&& (== net452) (>= netstandard1.3)) (&& (== net462) (< net46)) (== netcoreapp2.0) (== netstandard1.5)
      System.Runtime.InteropServices (>= 4.3) - restriction: || (&& (== net452) (== net462)) (&& (== net452) (>= netstandard1.3)) (&& (== net462) (< net46)) (== netcoreapp2.0) (== netstandard1.5)
      System.Security.Cryptography.Algorithms (>= 4.3) - restriction: || (&& (== net452) (>= net46)) (&& (== net452) (>= netstandard1.3)) (== net462) (== netcoreapp2.0) (== netstandard1.5)
      System.Security.Cryptography.Encoding (>= 4.3) - restriction: || (&& (== net452) (== net462)) (&& (== net452) (>= netstandard1.3)) (&& (== net462) (< net46)) (== netcoreapp2.0) (== netstandard1.5)
      System.Security.Cryptography.Primitives (>= 4.3) - restriction: || (&& (== net452) (>= net46)) (&& (== net452) (>= netstandard1.3)) (== net462) (== netcoreapp2.0) (== netstandard1.5)
      System.Text.Encoding (>= 4.3) - restriction: || (&& (== net452) (== net462)) (&& (== net452) (>= netstandard1.3)) (&& (== net462) (< net46)) (== netcoreapp2.0) (== netstandard1.5)
      System.Threading (>= 4.3) - restriction: || (&& (== net452) (== net462)) (&& (== net452) (>= netstandard1.3)) (&& (== net462) (< net46)) (== netcoreapp2.0) (== netstandard1.5)
    System.Security.Cryptography.Encoding (4.3) - restriction: || (&& (== net452) (< net40) (>= net463)) (&& (== net452) (< net40) (>= netstandard1.3)) (&& (== net452) (< net40) (>= netstandard1.6)) (&& (== net452) (< net40) (>= netstandard2.0)) (&& (== net452) (>= uap10.0)) (&& (== net462) (< net40)) (&& (== net462) (>= uap10.0)) (== netcoreapp2.0) (== netstandard1.5)
      Microsoft.NETCore.Platforms (>= 1.1) - restriction: || (&& (== net452) (== net462)) (&& (== net452) (>= netstandard1.3)) (&& (== net462) (< net46)) (== netcoreapp2.0) (== netstandard1.5)
      runtime.native.System.Security.Cryptography.OpenSsl (>= 4.3) - restriction: || (&& (== net452) (== net462)) (&& (== net452) (>= netstandard1.3)) (&& (== net462) (< net46)) (== netcoreapp2.0) (== netstandard1.5)
      System.Collections (>= 4.3) - restriction: || (&& (== net452) (== net462)) (&& (== net452) (>= netstandard1.3)) (&& (== net462) (< net46)) (== netcoreapp2.0) (== netstandard1.5)
      System.Collections.Concurrent (>= 4.3) - restriction: || (&& (== net452) (== net462)) (&& (== net452) (>= netstandard1.3)) (&& (== net462) (< net46)) (== netcoreapp2.0) (== netstandard1.5)
      System.Linq (>= 4.3) - restriction: || (&& (== net452) (== net462)) (&& (== net452) (>= netstandard1.3)) (&& (== net462) (< net46)) (== netcoreapp2.0) (== netstandard1.5)
      System.Resources.ResourceManager (>= 4.3) - restriction: || (&& (== net452) (== net462)) (&& (== net452) (>= netstandard1.3)) (&& (== net462) (< net46)) (== netcoreapp2.0) (== netstandard1.5)
      System.Runtime (>= 4.3) - restriction: || (&& (== net452) (== net462)) (&& (== net452) (>= netstandard1.3)) (&& (== net462) (< net46)) (== netcoreapp2.0) (== netstandard1.5)
      System.Runtime.Extensions (>= 4.3) - restriction: || (&& (== net452) (== net462)) (&& (== net452) (>= netstandard1.3)) (&& (== net462) (< net46)) (== netcoreapp2.0) (== netstandard1.5)
      System.Runtime.Handles (>= 4.3) - restriction: || (&& (== net452) (== net462)) (&& (== net452) (>= netstandard1.3)) (&& (== net462) (< net46)) (== netcoreapp2.0) (== netstandard1.5)
      System.Runtime.InteropServices (>= 4.3) - restriction: || (&& (== net452) (== net462)) (&& (== net452) (>= netstandard1.3)) (&& (== net462) (< net46)) (== netcoreapp2.0) (== netstandard1.5)
      System.Security.Cryptography.Primitives (>= 4.3) - restriction: || (&& (== net452) (== net462)) (&& (== net452) (>= netstandard1.3)) (&& (== net462) (< net46)) (== netcoreapp2.0) (== netstandard1.5)
      System.Text.Encoding (>= 4.3) - restriction: || (&& (== net452) (== net462)) (&& (== net452) (>= netstandard1.3)) (&& (== net462) (< net46)) (== netcoreapp2.0) (== netstandard1.5)
    System.Security.Cryptography.OpenSsl (4.5) - restriction: || (&& (== net452) (== netstandard1.5) (>= netstandard2.0)) (&& (== net452) (< net40) (>= netstandard1.6)) (&& (== net452) (< net40) (>= netstandard2.0)) (&& (== net452) (>= netstandard1.6) (>= uap10.0)) (&& (== net462) (< net40) (>= netstandard1.6)) (&& (== net462) (>= netstandard1.6) (>= uap10.0)) (== netcoreapp2.0) (&& (== netstandard1.5) (>= netstandard1.6))
      Microsoft.NETCore.Platforms (>= 2.0) - restriction: || (&& (== net452) (>= netcoreapp2.0)) (&& (== net462) (>= netcoreapp2.0)) (== netcoreapp2.0) (&& (== netstandard1.5) (>= netcoreapp2.0))
    System.Security.Cryptography.Primitives (4.3) - restriction: || (&& (== net452) (< net40) (>= net46)) (&& (== net452) (< net40) (>= net461)) (&& (== net452) (< net40) (>= net463)) (&& (== net452) (< net40) (>= netstandard1.3)) (&& (== net452) (< net40) (>= netstandard1.4)) (&& (== net452) (< net40) (>= netstandard1.6)) (&& (== net452) (< net40) (>= netstandard2.0)) (&& (== net452) (>= netstandard1.6) (>= uap10.0)) (&& (== net462) (< net40)) (&& (== net462) (>= netstandard1.6) (>= uap10.0)) (== netcoreapp2.0) (== netstandard1.5)
      System.Diagnostics.Debug (>= 4.3) - restriction: || (&& (== net452) (== net462)) (&& (== net452) (>= netstandard1.3)) (&& (== net462) (< net46)) (== netcoreapp2.0) (== netstandard1.5)
      System.Globalization (>= 4.3) - restriction: || (&& (== net452) (== net462)) (&& (== net452) (>= netstandard1.3)) (&& (== net462) (< net46)) (== netcoreapp2.0) (== netstandard1.5)
      System.IO (>= 4.3) - restriction: || (&& (== net452) (== net462)) (&& (== net452) (>= netstandard1.3)) (&& (== net462) (< net46)) (== netcoreapp2.0) (== netstandard1.5)
      System.Resources.ResourceManager (>= 4.3) - restriction: || (&& (== net452) (== net462)) (&& (== net452) (>= netstandard1.3)) (&& (== net462) (< net46)) (== netcoreapp2.0) (== netstandard1.5)
      System.Runtime (>= 4.3) - restriction: || (&& (== net452) (== net462)) (&& (== net452) (>= netstandard1.3)) (&& (== net462) (< net46)) (== netcoreapp2.0) (== netstandard1.5)
      System.Threading (>= 4.3) - restriction: || (&& (== net452) (== net462)) (&& (== net452) (>= netstandard1.3)) (&& (== net462) (< net46)) (== netcoreapp2.0) (== netstandard1.5)
      System.Threading.Tasks (>= 4.3) - restriction: || (&& (== net452) (== net462)) (&& (== net452) (>= netstandard1.3)) (&& (== net462) (< net46)) (== netcoreapp2.0) (== netstandard1.5)
    System.Security.Cryptography.ProtectedData (4.5) - restriction: || (&& (== net452) (< net40) (>= netstandard2.0)) (&& (== net462) (< net40) (>= netstandard2.0)) (== netcoreapp2.0) (&& (== netstandard1.5) (>= netstandard2.0))
      System.Memory (>= 4.5) - restriction: || (&& (== net452) (>= netstandard2.0)) (&& (== net462) (< net46) (>= netstandard2.0)) (== netcoreapp2.0) (&& (== netstandard1.5) (>= netstandard2.0))
    System.Security.Cryptography.X509Certificates (4.3.2) - restriction: || (&& (== net452) (< net40) (>= net46)) (&& (== net452) (< net40) (>= netstandard1.3)) (&& (== net452) (< net40) (>= netstandard1.6)) (&& (== net452) (< net40) (>= netstandard2.0)) (&& (== net452) (>= uap10.0)) (&& (== net462) (< net40)) (&& (== net462) (>= uap10.0)) (== netcoreapp2.0) (== netstandard1.5)
      Microsoft.NETCore.Platforms (>= 1.1) - restriction: || (== net452) (&& (== net462) (< net46) (>= netstandard1.6)) (&& (== net462) (< netstandard1.3)) (== netcoreapp2.0) (&& (== netstandard1.5) (< netstandard1.3)) (&& (== netstandard1.5) (>= netstandard1.6))
      runtime.native.System (>= 4.3) - restriction: || (&& (== net452) (>= netstandard1.6)) (&& (== net462) (< net46) (>= netstandard1.6)) (== netcoreapp2.0) (&& (== netstandard1.5) (>= netstandard1.6))
      runtime.native.System.Net.Http (>= 4.3) - restriction: || (&& (== net452) (>= netstandard1.6)) (&& (== net462) (< net46) (>= netstandard1.6)) (== netcoreapp2.0) (&& (== netstandard1.5) (>= netstandard1.6))
      runtime.native.System.Security.Cryptography.OpenSsl (>= 4.3.2) - restriction: || (&& (== net452) (>= netstandard1.6)) (&& (== net462) (< net46) (>= netstandard1.6)) (== netcoreapp2.0) (&& (== netstandard1.5) (>= netstandard1.6))
      System.Collections (>= 4.3) - restriction: || (== net452) (&& (== net462) (< net46) (>= netstandard1.6)) (&& (== net462) (< netstandard1.3)) (== netcoreapp2.0) (&& (== netstandard1.5) (< netstandard1.3)) (&& (== netstandard1.5) (>= netstandard1.6))
      System.Diagnostics.Debug (>= 4.3) - restriction: || (&& (== net452) (>= netstandard1.6)) (&& (== net462) (< net46) (>= netstandard1.6)) (== netcoreapp2.0) (&& (== netstandard1.5) (>= netstandard1.6))
      System.Globalization (>= 4.3) - restriction: || (== net452) (&& (== net462) (< net46) (>= netstandard1.6)) (&& (== net462) (< netstandard1.3)) (== netcoreapp2.0) (&& (== netstandard1.5) (< netstandard1.3)) (&& (== netstandard1.5) (>= netstandard1.6))
      System.Globalization.Calendars (>= 4.3) - restriction: || (== net452) (&& (== net462) (< net46) (>= netstandard1.6)) (&& (== net462) (< netstandard1.3)) (== netcoreapp2.0) (&& (== netstandard1.5) (< netstandard1.3)) (&& (== netstandard1.5) (>= netstandard1.6))
      System.IO (>= 4.3) - restriction: || (== net452) (&& (== net462) (< net46) (>= netstandard1.6)) (&& (== net462) (< netstandard1.3)) (== netcoreapp2.0) (&& (== netstandard1.5) (< netstandard1.3)) (&& (== netstandard1.5) (>= netstandard1.6))
      System.IO.FileSystem (>= 4.3) - restriction: || (== net452) (&& (== net462) (< net46) (>= netstandard1.6)) (&& (== net462) (< netstandard1.3)) (== netcoreapp2.0) (&& (== netstandard1.5) (< netstandard1.3)) (&& (== netstandard1.5) (>= netstandard1.6))
      System.IO.FileSystem.Primitives (>= 4.3) - restriction: || (&& (== net452) (>= netstandard1.6)) (&& (== net462) (< net46) (>= netstandard1.6)) (== netcoreapp2.0) (&& (== netstandard1.5) (>= netstandard1.6))
      System.Resources.ResourceManager (>= 4.3) - restriction: || (== net452) (&& (== net462) (< net46) (>= netstandard1.6)) (&& (== net462) (< netstandard1.3)) (== netcoreapp2.0) (&& (== netstandard1.5) (< netstandard1.3)) (&& (== netstandard1.5) (>= netstandard1.6))
      System.Runtime (>= 4.3) - restriction: || (== net452) (&& (== net462) (< net46)) (&& (== net462) (< netstandard1.3)) (== netcoreapp2.0) (== netstandard1.5)
      System.Runtime.Extensions (>= 4.3) - restriction: || (== net452) (&& (== net462) (< net46) (>= netstandard1.6)) (&& (== net462) (< netstandard1.3)) (== netcoreapp2.0) (&& (== netstandard1.5) (< netstandard1.3)) (&& (== netstandard1.5) (>= netstandard1.6))
      System.Runtime.Handles (>= 4.3) - restriction: || (== net452) (&& (== net462) (< net46)) (&& (== net462) (< netstandard1.3)) (== netcoreapp2.0) (== netstandard1.5)
      System.Runtime.InteropServices (>= 4.3) - restriction: || (== net452) (&& (== net462) (< net46) (>= netstandard1.6)) (&& (== net462) (< netstandard1.3)) (== netcoreapp2.0) (&& (== netstandard1.5) (< netstandard1.3)) (&& (== netstandard1.5) (>= netstandard1.6))
      System.Runtime.Numerics (>= 4.3) - restriction: || (== net452) (&& (== net462) (< net46) (>= netstandard1.6)) (&& (== net462) (< netstandard1.3)) (== netcoreapp2.0) (&& (== netstandard1.5) (< netstandard1.3)) (&& (== netstandard1.5) (>= netstandard1.6))
      System.Security.Cryptography.Algorithms (>= 4.3)
      System.Security.Cryptography.Cng (>= 4.3) - restriction: || (== net452) (&& (== net462) (< net46) (>= netstandard1.6)) (&& (== net462) (< netstandard1.3)) (== netcoreapp2.0) (&& (== netstandard1.5) (< netstandard1.3)) (&& (== netstandard1.5) (>= netstandard1.6))
      System.Security.Cryptography.Csp (>= 4.3) - restriction: || (&& (== net452) (>= netstandard1.6)) (&& (== net462) (< net46) (>= netstandard1.6)) (== netcoreapp2.0) (&& (== netstandard1.5) (>= netstandard1.6))
      System.Security.Cryptography.Encoding (>= 4.3)
      System.Security.Cryptography.OpenSsl (>= 4.3) - restriction: || (&& (== net452) (>= netstandard1.6)) (&& (== net462) (< net46) (>= netstandard1.6)) (== netcoreapp2.0) (&& (== netstandard1.5) (>= netstandard1.6))
      System.Security.Cryptography.Primitives (>= 4.3) - restriction: || (== net452) (&& (== net462) (< net46) (>= netstandard1.6)) (&& (== net462) (< netstandard1.3)) (== netcoreapp2.0) (&& (== netstandard1.5) (< netstandard1.3)) (&& (== netstandard1.5) (>= netstandard1.6))
      System.Text.Encoding (>= 4.3) - restriction: || (== net452) (&& (== net462) (< net46) (>= netstandard1.6)) (&& (== net462) (< netstandard1.3)) (== netcoreapp2.0) (&& (== netstandard1.5) (< netstandard1.3)) (&& (== netstandard1.5) (>= netstandard1.6))
      System.Threading (>= 4.3) - restriction: || (== net452) (&& (== net462) (< net46) (>= netstandard1.6)) (&& (== net462) (< netstandard1.3)) (== netcoreapp2.0) (&& (== netstandard1.5) (< netstandard1.3)) (&& (== netstandard1.5) (>= netstandard1.6))
    System.Security.Permissions (4.5) - restriction: || (&& (== net452) (>= monoandroid) (>= netstandard2.0)) (&& (== net452) (>= monotouch) (>= netstandard2.0)) (&& (== net452) (< net40) (>= netstandard2.0)) (&& (== net452) (>= netstandard2.0) (>= xamarinios)) (&& (== net452) (>= netstandard2.0) (>= xamarinmac)) (&& (== net452) (>= netstandard2.0) (>= xamarintvos)) (&& (== net452) (>= netstandard2.0) (>= xamarinwatchos)) (&& (== net462) (>= monoandroid) (>= netstandard2.0)) (&& (== net462) (>= monotouch) (>= netstandard2.0)) (&& (== net462) (< net40) (>= netstandard2.0)) (&& (== net462) (>= netstandard2.0) (>= xamarinios)) (&& (== net462) (>= netstandard2.0) (>= xamarinmac)) (&& (== net462) (>= netstandard2.0) (>= xamarintvos)) (&& (== net462) (>= netstandard2.0) (>= xamarinwatchos)) (== netcoreapp2.0) (&& (== netstandard1.5) (>= netstandard2.0))
      System.Security.AccessControl (>= 4.5) - restriction: || (&& (== net452) (>= net461)) (&& (== net452) (>= netstandard2.0)) (== net462) (== netcoreapp2.0) (&& (== netstandard1.5) (>= net461)) (&& (== netstandard1.5) (>= netstandard2.0))
    System.Security.Principal.Windows (4.5) - restriction: || (&& (== net452) (>= monoandroid) (>= netstandard2.0)) (&& (== net452) (>= monotouch) (>= netstandard2.0)) (&& (== net452) (< net40) (>= netstandard2.0)) (&& (== net452) (>= netcoreapp2.0)) (&& (== net452) (>= netstandard2.0) (>= xamarinios)) (&& (== net452) (>= netstandard2.0) (>= xamarinmac)) (&& (== net452) (>= netstandard2.0) (>= xamarintvos)) (&& (== net452) (>= netstandard2.0) (>= xamarinwatchos)) (&& (== net462) (>= monoandroid) (>= netstandard2.0)) (&& (== net462) (>= monotouch) (>= netstandard2.0)) (&& (== net462) (< net40) (>= netstandard2.0)) (&& (== net462) (>= netcoreapp2.0)) (&& (== net462) (>= netstandard2.0) (>= xamarinios)) (&& (== net462) (>= netstandard2.0) (>= xamarinmac)) (&& (== net462) (>= netstandard2.0) (>= xamarintvos)) (&& (== net462) (>= netstandard2.0) (>= xamarinwatchos)) (== netcoreapp2.0) (&& (== netstandard1.5) (>= netcoreapp2.0)) (&& (== netstandard1.5) (>= netstandard2.0))
      Microsoft.NETCore.Platforms (>= 2.0) - restriction: || (&& (== net452) (>= netcoreapp2.0)) (&& (== net462) (>= netcoreapp2.0)) (== netcoreapp2.0) (&& (== netstandard1.5) (>= netcoreapp2.0))
    System.Text.Encoding (4.3) - restriction: || (&& (== net452) (< net40) (>= netstandard1.3)) (&& (== net452) (< net40) (>= netstandard1.6)) (&& (== net452) (< net40) (>= netstandard2.0)) (&& (== net452) (>= uap10.0)) (&& (== net462) (< net40)) (&& (== net462) (>= uap10.0)) (== netcoreapp2.0) (== netstandard1.5)
      Microsoft.NETCore.Platforms (>= 1.1) - restriction: || (&& (== net452) (< net45)) (&& (== net452) (< portable-net45+win8+wp8+wpa81)) (&& (== net462) (< net45)) (&& (== net462) (< portable-net45+win8+wp8+wpa81)) (== netcoreapp2.0) (== netstandard1.5)
      Microsoft.NETCore.Targets (>= 1.1) - restriction: || (&& (== net452) (< net45)) (&& (== net452) (< portable-net45+win8+wp8+wpa81)) (&& (== net462) (< net45)) (&& (== net462) (< portable-net45+win8+wp8+wpa81)) (== netcoreapp2.0) (== netstandard1.5)
      System.Runtime (>= 4.3) - restriction: || (&& (== net452) (< net45)) (&& (== net452) (< portable-net45+win8+wp8+wpa81)) (&& (== net462) (< net45)) (&& (== net462) (< portable-net45+win8+wp8+wpa81)) (== netcoreapp2.0) (== netstandard1.5)
    System.Text.Encoding.Extensions (4.3) - restriction: || (&& (== net452) (< net40) (>= netstandard1.3)) (&& (== net452) (< net40) (>= netstandard1.6)) (&& (== net452) (< net40) (>= netstandard2.0)) (&& (== net452) (>= netcoreapp1.0)) (&& (== net462) (< net40)) (&& (== net462) (>= netcoreapp1.0)) (== netcoreapp2.0) (== netstandard1.5)
      Microsoft.NETCore.Platforms (>= 1.1) - restriction: || (&& (== net452) (< net45)) (&& (== net452) (< portable-net45+win8+wp8+wpa81)) (&& (== net462) (< net45)) (&& (== net462) (< portable-net45+win8+wp8+wpa81)) (== netcoreapp2.0) (== netstandard1.5)
      Microsoft.NETCore.Targets (>= 1.1) - restriction: || (&& (== net452) (< net45)) (&& (== net452) (< portable-net45+win8+wp8+wpa81)) (&& (== net462) (< net45)) (&& (== net462) (< portable-net45+win8+wp8+wpa81)) (== netcoreapp2.0) (== netstandard1.5)
      System.Runtime (>= 4.3) - restriction: || (&& (== net452) (< net45)) (&& (== net452) (< portable-net45+win8+wp8+wpa81)) (&& (== net462) (< net45)) (&& (== net462) (< portable-net45+win8+wp8+wpa81)) (== netcoreapp2.0) (== netstandard1.5)
      System.Text.Encoding (>= 4.3) - restriction: || (&& (== net452) (< net45)) (&& (== net452) (< portable-net45+win8+wp8+wpa81)) (&& (== net462) (< net45)) (&& (== net462) (< portable-net45+win8+wp8+wpa81)) (== netcoreapp2.0) (== netstandard1.5)
    System.Text.RegularExpressions (4.3) - restriction: || (&& (== net452) (< net40) (>= netstandard1.3)) (&& (== net452) (< net40) (>= netstandard1.6)) (&& (== net452) (< net40) (>= netstandard2.0)) (&& (== net452) (>= netcoreapp1.0)) (&& (== net462) (< net40)) (&& (== net462) (>= netcoreapp1.0)) (== netcoreapp2.0) (== netstandard1.5)
      System.Runtime (>= 4.3) - restriction: || (&& (== net452) (< net45)) (&& (== net452) (>= netcoreapp1.1)) (&& (== net452) (< portable-net45+win8+wp8+wpa81)) (&& (== net462) (< net45)) (&& (== net462) (>= netcoreapp1.1)) (&& (== net462) (< portable-net45+win8+wp8+wpa81)) (== netcoreapp2.0) (== netstandard1.5)
    System.Threading (4.3) - restriction: || (&& (== net452) (< net40) (>= netstandard1.3)) (&& (== net452) (< net40) (>= netstandard1.6)) (&& (== net452) (< net40) (>= netstandard2.0)) (&& (== net452) (>= uap10.0)) (&& (== net462) (< net40)) (&& (== net462) (>= uap10.0)) (== netcoreapp2.0) (== netstandard1.5)
      System.Runtime (>= 4.3) - restriction: || (&& (== net452) (< net45)) (&& (== net452) (< portable-net45+win8+wp8+wpa81)) (&& (== net462) (< net45)) (&& (== net462) (< portable-net45+win8+wp8+wpa81)) (== netcoreapp2.0) (== netstandard1.5)
      System.Threading.Tasks (>= 4.3) - restriction: || (&& (== net452) (< net45)) (&& (== net452) (< portable-net45+win8+wp8+wpa81)) (&& (== net462) (< net45)) (&& (== net462) (< portable-net45+win8+wp8+wpa81)) (== netcoreapp2.0) (== netstandard1.5)
    System.Threading.Tasks (4.3) - restriction: || (&& (== net452) (< net40) (>= netstandard1.3)) (&& (== net452) (< net40) (>= netstandard1.6)) (&& (== net452) (< net40) (>= netstandard2.0)) (&& (== net452) (>= uap10.0)) (&& (== net462) (< net40)) (&& (== net462) (>= uap10.0)) (== netcoreapp2.0) (== netstandard1.5)
      Microsoft.NETCore.Platforms (>= 1.1) - restriction: || (&& (== net452) (< net45)) (&& (== net452) (< portable-net45+win8+wp8+wpa81)) (&& (== net462) (< net45)) (&& (== net462) (< portable-net45+win8+wp8+wpa81)) (== netcoreapp2.0) (== netstandard1.5)
      Microsoft.NETCore.Targets (>= 1.1) - restriction: || (&& (== net452) (< net45)) (&& (== net452) (< portable-net45+win8+wp8+wpa81)) (&& (== net462) (< net45)) (&& (== net462) (< portable-net45+win8+wp8+wpa81)) (== netcoreapp2.0) (== netstandard1.5)
      System.Runtime (>= 4.3) - restriction: || (&& (== net452) (< net45)) (&& (== net452) (< portable-net45+win8+wp8+wpa81)) (&& (== net462) (< net45)) (&& (== net462) (< portable-net45+win8+wp8+wpa81)) (== netcoreapp2.0) (== netstandard1.5)
    System.Threading.Tasks.Extensions (4.5.1) - restriction: || (&& (== net452) (< net40) (>= netstandard1.3)) (&& (== net452) (< net40) (>= netstandard1.6)) (&& (== net452) (< net40) (>= netstandard2.0)) (&& (== net462) (< net40)) (== netcoreapp2.0) (== netstandard1.5)
      System.Collections (>= 4.3) - restriction: || (&& (== net452) (== netcoreapp2.0)) (&& (== net452) (< net45)) (&& (== net462) (== netcoreapp2.0)) (&& (== net462) (< net45)) (&& (== netcoreapp2.0) (< netstandard2.0)) (== netstandard1.5)
      System.Runtime (>= 4.3) - restriction: || (&& (== net452) (== netcoreapp2.0)) (&& (== net452) (< net45)) (&& (== net462) (== netcoreapp2.0)) (&& (== net462) (< net45)) (&& (== netcoreapp2.0) (< netstandard2.0)) (== netstandard1.5)
      System.Runtime.CompilerServices.Unsafe (>= 4.5)
      System.Threading.Tasks (>= 4.3) - restriction: || (&& (== net452) (== netcoreapp2.0)) (&& (== net452) (< net45)) (&& (== net462) (== netcoreapp2.0)) (&& (== net462) (< net45)) (&& (== netcoreapp2.0) (< netstandard2.0)) (== netstandard1.5)
    System.Threading.Thread (4.3) - restriction: || (&& (== net452) (< net40) (>= netstandard1.4)) (&& (== net452) (< net40) (>= netstandard2.0)) (&& (== net452) (>= netcoreapp1.0)) (&& (== net462) (< net40)) (&& (== net462) (>= netcoreapp1.0)) (== netcoreapp2.0) (== netstandard1.5)
      System.Runtime (>= 4.3) - restriction: || (&& (== net452) (== net462)) (&& (== net452) (>= netstandard1.3)) (&& (== net462) (< net46)) (== netcoreapp2.0) (== netstandard1.5)
    System.Threading.ThreadPool (4.3) - restriction: || (&& (== net452) (>= netcoreapp1.0)) (&& (== net462) (>= netcoreapp1.0)) (== netcoreapp2.0) (&& (== netstandard1.5) (>= netcoreapp1.0))
      System.Runtime (>= 4.3) - restriction: || (&& (== net452) (== net462)) (&& (== net452) (>= netstandard1.3)) (&& (== net462) (< net46)) (== netcoreapp2.0) (== netstandard1.5)
      System.Runtime.Handles (>= 4.3) - restriction: || (&& (== net452) (== net462)) (&& (== net452) (>= netstandard1.3)) (&& (== net462) (< net46)) (== netcoreapp2.0) (== netstandard1.5)
    System.ValueTuple (4.5)
      NETStandard.Library (>= 1.6.1) - restriction: || (&& (== net452) (== netcoreapp2.0)) (&& (== net452) (< net45)) (&& (== net462) (== netcoreapp2.0)) (&& (== net462) (< net45)) (&& (== netcoreapp2.0) (< netstandard2.0)) (== netstandard1.5)
    System.Xml.ReaderWriter (4.3.1) - restriction: || (&& (== net452) (< net40) (>= netstandard1.3)) (&& (== net452) (< net40) (>= netstandard1.6)) (&& (== net452) (< net40) (>= netstandard2.0)) (&& (== net452) (>= netcoreapp1.0)) (&& (== net462) (< net40)) (&& (== net462) (>= netcoreapp1.0)) (== netcoreapp2.0) (== netstandard1.5)
      System.Collections (>= 4.3) - restriction: || (&& (== net452) (< net45) (>= netstandard1.3)) (&& (== net452) (< portable-net45+win8+wp8+wpa81)) (&& (== net462) (< net45)) (&& (== net462) (< portable-net45+win8+wp8+wpa81)) (== netcoreapp2.0) (== netstandard1.5)
      System.Diagnostics.Debug (>= 4.3) - restriction: || (&& (== net452) (< net45) (>= netstandard1.3)) (&& (== net452) (< portable-net45+win8+wp8+wpa81)) (&& (== net462) (< net45)) (&& (== net462) (< portable-net45+win8+wp8+wpa81)) (== netcoreapp2.0) (== netstandard1.5)
      System.Globalization (>= 4.3) - restriction: || (&& (== net452) (< net45) (>= netstandard1.3)) (&& (== net452) (< portable-net45+win8+wp8+wpa81)) (&& (== net462) (< net45)) (&& (== net462) (< portable-net45+win8+wp8+wpa81)) (== netcoreapp2.0) (== netstandard1.5)
      System.IO (>= 4.3) - restriction: || (&& (== net452) (< net45)) (&& (== net452) (< portable-net45+win8+wp8+wpa81)) (&& (== net462) (< net45)) (&& (== net462) (< portable-net45+win8+wp8+wpa81)) (== netcoreapp2.0) (== netstandard1.5)
      System.IO.FileSystem (>= 4.3) - restriction: || (&& (== net452) (< net45) (>= netstandard1.3)) (&& (== net452) (< portable-net45+win8+wp8+wpa81)) (&& (== net462) (< net45)) (&& (== net462) (< portable-net45+win8+wp8+wpa81)) (== netcoreapp2.0) (== netstandard1.5)
      System.IO.FileSystem.Primitives (>= 4.3) - restriction: || (&& (== net452) (< net45) (>= netstandard1.3)) (&& (== net452) (< portable-net45+win8+wp8+wpa81)) (&& (== net462) (< net45)) (&& (== net462) (< portable-net45+win8+wp8+wpa81)) (== netcoreapp2.0) (== netstandard1.5)
      System.Resources.ResourceManager (>= 4.3) - restriction: || (&& (== net452) (< net45) (>= netstandard1.3)) (&& (== net452) (< portable-net45+win8+wp8+wpa81)) (&& (== net462) (< net45)) (&& (== net462) (< portable-net45+win8+wp8+wpa81)) (== netcoreapp2.0) (== netstandard1.5)
      System.Runtime (>= 4.3) - restriction: || (&& (== net452) (< net45)) (&& (== net452) (< portable-net45+win8+wp8+wpa81)) (&& (== net462) (< net45)) (&& (== net462) (< portable-net45+win8+wp8+wpa81)) (== netcoreapp2.0) (== netstandard1.5)
      System.Runtime.Extensions (>= 4.3) - restriction: || (&& (== net452) (< net45) (>= netstandard1.3)) (&& (== net452) (< portable-net45+win8+wp8+wpa81)) (&& (== net462) (< net45)) (&& (== net462) (< portable-net45+win8+wp8+wpa81)) (== netcoreapp2.0) (== netstandard1.5)
      System.Runtime.InteropServices (>= 4.3) - restriction: || (&& (== net452) (< net45) (>= netstandard1.3)) (&& (== net452) (< portable-net45+win8+wp8+wpa81)) (&& (== net462) (< net45)) (&& (== net462) (< portable-net45+win8+wp8+wpa81)) (== netcoreapp2.0) (== netstandard1.5)
      System.Text.Encoding (>= 4.3) - restriction: || (&& (== net452) (< net45)) (&& (== net452) (< portable-net45+win8+wp8+wpa81)) (&& (== net462) (< net45)) (&& (== net462) (< portable-net45+win8+wp8+wpa81)) (== netcoreapp2.0) (== netstandard1.5)
      System.Text.Encoding.Extensions (>= 4.3) - restriction: || (&& (== net452) (< net45) (>= netstandard1.3)) (&& (== net452) (< portable-net45+win8+wp8+wpa81)) (&& (== net462) (< net45)) (&& (== net462) (< portable-net45+win8+wp8+wpa81)) (== netcoreapp2.0) (== netstandard1.5)
      System.Text.RegularExpressions (>= 4.3) - restriction: || (&& (== net452) (< net45) (>= netstandard1.3)) (&& (== net452) (< portable-net45+win8+wp8+wpa81)) (&& (== net462) (< net45)) (&& (== net462) (< portable-net45+win8+wp8+wpa81)) (== netcoreapp2.0) (== netstandard1.5)
      System.Threading.Tasks (>= 4.3) - restriction: || (&& (== net452) (< net45)) (&& (== net452) (< portable-net45+win8+wp8+wpa81)) (&& (== net462) (< net45)) (&& (== net462) (< portable-net45+win8+wp8+wpa81)) (== netcoreapp2.0) (== netstandard1.5)
      System.Threading.Tasks.Extensions (>= 4.3) - restriction: || (&& (== net452) (< net45) (>= netstandard1.3)) (&& (== net452) (< portable-net45+win8+wp8+wpa81)) (&& (== net462) (< net45)) (&& (== net462) (< portable-net45+win8+wp8+wpa81)) (== netcoreapp2.0) (== netstandard1.5)
    System.Xml.XDocument (4.3) - restriction: || (&& (== net452) (>= netcoreapp1.0)) (&& (== net462) (>= netcoreapp1.0)) (== netcoreapp2.0) (&& (== netstandard1.5) (>= netcoreapp1.0))
      System.Collections (>= 4.3) - restriction: || (&& (== net452) (< net45) (>= netstandard1.3)) (&& (== net452) (< portable-net45+win8+wp8+wpa81)) (&& (== net462) (< net45)) (&& (== net462) (< portable-net45+win8+wp8+wpa81)) (== netcoreapp2.0) (== netstandard1.5)
      System.Diagnostics.Debug (>= 4.3) - restriction: || (&& (== net452) (< net45) (>= netstandard1.3)) (&& (== net452) (< portable-net45+win8+wp8+wpa81)) (&& (== net462) (< net45)) (&& (== net462) (< portable-net45+win8+wp8+wpa81)) (== netcoreapp2.0) (== netstandard1.5)
      System.Diagnostics.Tools (>= 4.3) - restriction: || (&& (== net452) (< net45) (>= netstandard1.3)) (&& (== net452) (< portable-net45+win8+wp8+wpa81)) (&& (== net462) (< net45)) (&& (== net462) (< portable-net45+win8+wp8+wpa81)) (== netcoreapp2.0) (== netstandard1.5)
      System.Globalization (>= 4.3) - restriction: || (&& (== net452) (< net45) (>= netstandard1.3)) (&& (== net452) (< portable-net45+win8+wp8+wpa81)) (&& (== net462) (< net45)) (&& (== net462) (< portable-net45+win8+wp8+wpa81)) (== netcoreapp2.0) (== netstandard1.5)
      System.IO (>= 4.3) - restriction: || (&& (== net452) (< net45)) (&& (== net452) (< portable-net45+win8+wp8+wpa81)) (&& (== net462) (< net45)) (&& (== net462) (< portable-net45+win8+wp8+wpa81)) (== netcoreapp2.0) (== netstandard1.5)
      System.Reflection (>= 4.3) - restriction: || (&& (== net452) (< net45) (>= netstandard1.3)) (&& (== net452) (< portable-net45+win8+wp8+wpa81)) (&& (== net462) (< net45)) (&& (== net462) (< portable-net45+win8+wp8+wpa81)) (== netcoreapp2.0) (== netstandard1.5)
      System.Resources.ResourceManager (>= 4.3) - restriction: || (&& (== net452) (< net45) (>= netstandard1.3)) (&& (== net452) (< portable-net45+win8+wp8+wpa81)) (&& (== net462) (< net45)) (&& (== net462) (< portable-net45+win8+wp8+wpa81)) (== netcoreapp2.0) (== netstandard1.5)
      System.Runtime (>= 4.3) - restriction: || (&& (== net452) (< net45)) (&& (== net452) (< portable-net45+win8+wp8+wpa81)) (&& (== net462) (< net45)) (&& (== net462) (< portable-net45+win8+wp8+wpa81)) (== netcoreapp2.0) (== netstandard1.5)
      System.Runtime.Extensions (>= 4.3) - restriction: || (&& (== net452) (< net45) (>= netstandard1.3)) (&& (== net452) (< portable-net45+win8+wp8+wpa81)) (&& (== net462) (< net45)) (&& (== net462) (< portable-net45+win8+wp8+wpa81)) (== netcoreapp2.0) (== netstandard1.5)
      System.Text.Encoding (>= 4.3) - restriction: || (&& (== net452) (< net45) (>= netstandard1.3)) (&& (== net452) (< portable-net45+win8+wp8+wpa81)) (&& (== net462) (< net45)) (&& (== net462) (< portable-net45+win8+wp8+wpa81)) (== netcoreapp2.0) (== netstandard1.5)
      System.Threading (>= 4.3) - restriction: || (&& (== net452) (< net45) (>= netstandard1.3)) (&& (== net452) (< portable-net45+win8+wp8+wpa81)) (&& (== net462) (< net45)) (&& (== net462) (< portable-net45+win8+wp8+wpa81)) (== netcoreapp2.0) (== netstandard1.5)
      System.Xml.ReaderWriter (>= 4.3) - restriction: || (&& (== net452) (< net45)) (&& (== net452) (< portable-net45+win8+wp8+wpa81)) (&& (== net462) (< net45)) (&& (== net462) (< portable-net45+win8+wp8+wpa81)) (== netcoreapp2.0) (== netstandard1.5)
    System.Xml.XmlDocument (4.3) - restriction: || (&& (== net452) (< net20) (>= netstandard1.3)) (&& (== net452) (< net35) (>= netstandard1.6)) (&& (== net452) (< net40) (>= netstandard1.3)) (&& (== net452) (< net40) (>= netstandard1.6)) (&& (== net452) (< net40) (>= netstandard2.0)) (&& (== net462) (< net20)) (&& (== net462) (< net35) (>= netstandard1.6)) (&& (== net462) (< net40)) (== netcoreapp2.0) (== netstandard1.5)
      System.Collections (>= 4.3) - restriction: || (&& (== net452) (== net462)) (&& (== net452) (>= netstandard1.3)) (&& (== net462) (< net46)) (== netcoreapp2.0) (== netstandard1.5)
      System.Diagnostics.Debug (>= 4.3) - restriction: || (&& (== net452) (== net462)) (&& (== net452) (>= netstandard1.3)) (&& (== net462) (< net46)) (== netcoreapp2.0) (== netstandard1.5)
      System.Globalization (>= 4.3) - restriction: || (&& (== net452) (== net462)) (&& (== net452) (>= netstandard1.3)) (&& (== net462) (< net46)) (== netcoreapp2.0) (== netstandard1.5)
      System.IO (>= 4.3) - restriction: || (&& (== net452) (== net462)) (&& (== net452) (>= netstandard1.3)) (&& (== net462) (< net46)) (== netcoreapp2.0) (== netstandard1.5)
      System.Resources.ResourceManager (>= 4.3) - restriction: || (&& (== net452) (== net462)) (&& (== net452) (>= netstandard1.3)) (&& (== net462) (< net46)) (== netcoreapp2.0) (== netstandard1.5)
      System.Runtime (>= 4.3) - restriction: || (&& (== net452) (== net462)) (&& (== net452) (>= netstandard1.3)) (&& (== net462) (< net46)) (== netcoreapp2.0) (== netstandard1.5)
      System.Runtime.Extensions (>= 4.3) - restriction: || (&& (== net452) (== net462)) (&& (== net452) (>= netstandard1.3)) (&& (== net462) (< net46)) (== netcoreapp2.0) (== netstandard1.5)
      System.Text.Encoding (>= 4.3) - restriction: || (&& (== net452) (== net462)) (&& (== net452) (>= netstandard1.3)) (&& (== net462) (< net46)) (== netcoreapp2.0) (== netstandard1.5)
      System.Threading (>= 4.3) - restriction: || (&& (== net452) (== net462)) (&& (== net452) (>= netstandard1.3)) (&& (== net462) (< net46)) (== netcoreapp2.0) (== netstandard1.5)
      System.Xml.ReaderWriter (>= 4.3) - restriction: || (&& (== net452) (== net462)) (&& (== net452) (>= netstandard1.3)) (&& (== net462) (< net46)) (== netcoreapp2.0) (== netstandard1.5)
    System.Xml.XmlSerializer (4.3) - restriction: || (&& (== net452) (>= netcoreapp1.0)) (&& (== net462) (>= netcoreapp1.0)) (== netcoreapp2.0) (&& (== netstandard1.5) (>= netcoreapp1.0))
      System.Collections (>= 4.3) - restriction: || (&& (== net452) (< net45) (>= netstandard1.3)) (&& (== net452) (< portable-net45+win8+wp8+wpa81)) (&& (== net462) (< net45)) (&& (== net462) (< portable-net45+win8+wp8+wpa81)) (== netcoreapp2.0) (== netstandard1.5)
      System.Globalization (>= 4.3) - restriction: || (&& (== net452) (< net45) (>= netstandard1.3)) (&& (== net452) (< portable-net45+win8+wp8+wpa81)) (&& (== net462) (< net45)) (&& (== net462) (< portable-net45+win8+wp8+wpa81)) (== netcoreapp2.0) (== netstandard1.5)
      System.IO (>= 4.3) - restriction: || (&& (== net452) (< net45)) (&& (== net452) (< portable-net45+win8+wp8+wpa81)) (&& (== net462) (< net45)) (&& (== net462) (< portable-net45+win8+wp8+wpa81)) (== netcoreapp2.0) (== netstandard1.5)
      System.Linq (>= 4.3) - restriction: || (&& (== net452) (< net45) (>= netstandard1.3)) (&& (== net452) (< portable-net45+win8+wp8+wpa81)) (&& (== net462) (< net45)) (&& (== net462) (< portable-net45+win8+wp8+wpa81)) (== netcoreapp2.0) (== netstandard1.5)
      System.Reflection (>= 4.3) - restriction: || (&& (== net452) (< net45) (>= netstandard1.3)) (&& (== net452) (< portable-net45+win8+wp8+wpa81)) (&& (== net462) (< net45)) (&& (== net462) (< portable-net45+win8+wp8+wpa81)) (== netcoreapp2.0) (== netstandard1.5)
      System.Reflection.Emit (>= 4.3) - restriction: || (&& (== net452) (< net45) (>= netstandard1.3)) (&& (== net452) (< portable-net45+win8+wp8+wpa81)) (&& (== net462) (< net45)) (&& (== net462) (< portable-net45+win8+wp8+wpa81)) (== netcoreapp2.0) (== netstandard1.5)
      System.Reflection.Emit.ILGeneration (>= 4.3) - restriction: || (&& (== net452) (< net45) (>= netstandard1.3)) (&& (== net452) (< portable-net45+win8+wp8+wpa81)) (&& (== net462) (< net45)) (&& (== net462) (< portable-net45+win8+wp8+wpa81)) (== netcoreapp2.0) (== netstandard1.5)
      System.Reflection.Extensions (>= 4.3) - restriction: || (&& (== net452) (< net45) (>= netstandard1.3)) (&& (== net452) (< portable-net45+win8+wp8+wpa81)) (&& (== net462) (< net45)) (&& (== net462) (< portable-net45+win8+wp8+wpa81)) (== netcoreapp2.0) (== netstandard1.5)
      System.Reflection.Primitives (>= 4.3) - restriction: || (&& (== net452) (< net45) (>= netstandard1.3)) (&& (== net452) (< portable-net45+win8+wp8+wpa81)) (&& (== net462) (< net45)) (&& (== net462) (< portable-net45+win8+wp8+wpa81)) (== netcoreapp2.0) (== netstandard1.5)
      System.Reflection.TypeExtensions (>= 4.3) - restriction: || (&& (== net452) (< net45) (>= netstandard1.3)) (&& (== net452) (< portable-net45+win8+wp8+wpa81)) (&& (== net462) (< net45)) (&& (== net462) (< portable-net45+win8+wp8+wpa81)) (== netcoreapp2.0) (== netstandard1.5)
      System.Resources.ResourceManager (>= 4.3) - restriction: || (&& (== net452) (< net45) (>= netstandard1.3)) (&& (== net452) (< portable-net45+win8+wp8+wpa81)) (&& (== net462) (< net45)) (&& (== net462) (< portable-net45+win8+wp8+wpa81)) (== netcoreapp2.0) (== netstandard1.5)
      System.Runtime (>= 4.3) - restriction: || (&& (== net452) (< net45)) (&& (== net452) (< portable-net45+win8+wp8+wpa81)) (&& (== net462) (< net45)) (&& (== net462) (< portable-net45+win8+wp8+wpa81)) (== netcoreapp2.0) (== netstandard1.5)
      System.Runtime.Extensions (>= 4.3) - restriction: || (&& (== net452) (< net45) (>= netstandard1.3)) (&& (== net452) (< portable-net45+win8+wp8+wpa81)) (&& (== net462) (< net45)) (&& (== net462) (< portable-net45+win8+wp8+wpa81)) (== netcoreapp2.0) (== netstandard1.5)
      System.Text.RegularExpressions (>= 4.3) - restriction: || (&& (== net452) (< net45) (>= netstandard1.3)) (&& (== net452) (< portable-net45+win8+wp8+wpa81)) (&& (== net462) (< net45)) (&& (== net462) (< portable-net45+win8+wp8+wpa81)) (== netcoreapp2.0) (== netstandard1.5)
      System.Threading (>= 4.3) - restriction: || (&& (== net452) (< net45) (>= netstandard1.3)) (&& (== net452) (< portable-net45+win8+wp8+wpa81)) (&& (== net462) (< net45)) (&& (== net462) (< portable-net45+win8+wp8+wpa81)) (== netcoreapp2.0) (== netstandard1.5)
      System.Xml.ReaderWriter (>= 4.3) - restriction: || (&& (== net452) (< net45)) (&& (== net452) (< portable-net45+win8+wp8+wpa81)) (&& (== net462) (< net45)) (&& (== net462) (< portable-net45+win8+wp8+wpa81)) (== netcoreapp2.0) (== netstandard1.5)
      System.Xml.XmlDocument (>= 4.3) - restriction: || (&& (== net452) (< net45) (>= netstandard1.3)) (&& (== net452) (< portable-net45+win8+wp8+wpa81)) (&& (== net462) (< net45)) (&& (== net462) (< portable-net45+win8+wp8+wpa81)) (== netcoreapp2.0) (== netstandard1.5)
    System.Xml.XPath (4.3) - restriction: || (&& (== net452) (< net40) (>= netstandard1.3)) (&& (== net452) (< net40) (>= netstandard1.6)) (&& (== net452) (< net40) (>= netstandard2.0)) (&& (== net452) (>= uap10.0)) (&& (== net462) (< net40)) (&& (== net462) (>= uap10.0)) (== netcoreapp2.0) (== netstandard1.5)
      System.Collections (>= 4.3) - restriction: || (&& (== net452) (== net462)) (&& (== net452) (>= netstandard1.3)) (&& (== net462) (< net46)) (== netcoreapp2.0) (== netstandard1.5)
      System.Diagnostics.Debug (>= 4.3) - restriction: || (&& (== net452) (== net462)) (&& (== net452) (>= netstandard1.3)) (&& (== net462) (< net46)) (== netcoreapp2.0) (== netstandard1.5)
      System.Globalization (>= 4.3) - restriction: || (&& (== net452) (== net462)) (&& (== net452) (>= netstandard1.3)) (&& (== net462) (< net46)) (== netcoreapp2.0) (== netstandard1.5)
      System.IO (>= 4.3) - restriction: || (&& (== net452) (== net462)) (&& (== net452) (>= netstandard1.3)) (&& (== net462) (< net46)) (== netcoreapp2.0) (== netstandard1.5)
      System.Resources.ResourceManager (>= 4.3) - restriction: || (&& (== net452) (== net462)) (&& (== net452) (>= netstandard1.3)) (&& (== net462) (< net46)) (== netcoreapp2.0) (== netstandard1.5)
      System.Runtime (>= 4.3) - restriction: || (&& (== net452) (== net462)) (&& (== net452) (>= netstandard1.3)) (&& (== net462) (< net46)) (== netcoreapp2.0) (== netstandard1.5)
      System.Runtime.Extensions (>= 4.3) - restriction: || (&& (== net452) (== net462)) (&& (== net452) (>= netstandard1.3)) (&& (== net462) (< net46)) (== netcoreapp2.0) (== netstandard1.5)
      System.Threading (>= 4.3) - restriction: || (&& (== net452) (== net462)) (&& (== net452) (>= netstandard1.3)) (&& (== net462) (< net46)) (== netcoreapp2.0) (== netstandard1.5)
      System.Xml.ReaderWriter (>= 4.3) - restriction: || (&& (== net452) (== net462)) (&& (== net452) (>= netstandard1.3)) (&& (== net462) (< net46)) (== netcoreapp2.0) (== netstandard1.5)
    System.Xml.XPath.XmlDocument (4.3) - restriction: || (&& (== net452) (< net40) (>= netstandard1.3)) (&& (== net452) (< net40) (>= netstandard1.6)) (&& (== net452) (< net40) (>= netstandard2.0)) (&& (== net452) (>= netcoreapp1.0)) (&& (== net452) (>= uap10.0)) (&& (== net462) (< net40)) (&& (== net462) (>= netcoreapp1.0)) (&& (== net462) (>= uap10.0)) (== netcoreapp2.0) (== netstandard1.5)
      System.Collections (>= 4.3) - restriction: || (&& (== net452) (== net462)) (&& (== net452) (>= netstandard1.3)) (&& (== net462) (< net46)) (== netcoreapp2.0) (== netstandard1.5)
      System.Globalization (>= 4.3) - restriction: || (&& (== net452) (== net462)) (&& (== net452) (>= netstandard1.3)) (&& (== net462) (< net46)) (== netcoreapp2.0) (== netstandard1.5)
      System.IO (>= 4.3) - restriction: || (&& (== net452) (== net462)) (&& (== net452) (>= netstandard1.3)) (&& (== net462) (< net46)) (== netcoreapp2.0) (== netstandard1.5)
      System.Resources.ResourceManager (>= 4.3) - restriction: || (&& (== net452) (== net462)) (&& (== net452) (>= netstandard1.3)) (&& (== net462) (< net46)) (== netcoreapp2.0) (== netstandard1.5)
      System.Runtime (>= 4.3) - restriction: || (&& (== net452) (== net462)) (&& (== net452) (>= netstandard1.3)) (&& (== net462) (< net46)) (== netcoreapp2.0) (== netstandard1.5)
      System.Runtime.Extensions (>= 4.3) - restriction: || (&& (== net452) (== net462)) (&& (== net452) (>= netstandard1.3)) (&& (== net462) (< net46)) (== netcoreapp2.0) (== netstandard1.5)
      System.Threading (>= 4.3) - restriction: || (&& (== net452) (== net462)) (&& (== net452) (>= netstandard1.3)) (&& (== net462) (< net46)) (== netcoreapp2.0) (== netstandard1.5)
      System.Xml.ReaderWriter (>= 4.3) - restriction: || (&& (== net452) (== net462)) (&& (== net452) (>= netstandard1.3)) (&& (== net462) (< net46)) (== netcoreapp2.0) (== netstandard1.5)
      System.Xml.XmlDocument (>= 4.3) - restriction: || (&& (== net452) (>= net46)) (&& (== net452) (>= netstandard1.3)) (== net462) (== netcoreapp2.0) (== netstandard1.5)
      System.Xml.XPath (>= 4.3) - restriction: || (&& (== net452) (>= net46)) (&& (== net452) (>= netstandard1.3)) (== net462) (== netcoreapp2.0) (== netstandard1.5)
    VDS.Common (1.10)
    xunit (2.4)
      xunit.analyzers (>= 0.10)
      xunit.assert (2.4)
      xunit.core (2.4)
    xunit.abstractions (2.0.2)
      NETStandard.Library (>= 1.6) - restriction: || (&& (== net452) (== netcoreapp2.0)) (&& (== net452) (< net35)) (&& (== net462) (== netcoreapp2.0)) (&& (== net462) (< net35)) (&& (== netcoreapp2.0) (< netstandard2.0)) (== netstandard1.5)
    xunit.analyzers (0.10)
    xunit.assert (2.4)
      NETStandard.Library (>= 1.6.1) - restriction: || (&& (== net452) (== netcoreapp2.0)) (&& (== net462) (== netcoreapp2.0)) (&& (== net462) (< net452)) (&& (== netcoreapp2.0) (< netstandard2.0)) (== netstandard1.5)
    xunit.core (2.4)
      xunit.extensibility.core (2.4)
      xunit.extensibility.execution (2.4)
    xunit.extensibility.core (2.4)
      NETStandard.Library (>= 1.6.1) - restriction: || (&& (== net452) (== netcoreapp2.0)) (&& (== net462) (== netcoreapp2.0)) (&& (== net462) (< net452)) (&& (== netcoreapp2.0) (< netstandard2.0)) (== netstandard1.5)
      xunit.abstractions (>= 2.0.2)
    xunit.extensibility.execution (2.4)
      NETStandard.Library (>= 1.6.1) - restriction: || (&& (== net452) (== netcoreapp2.0)) (&& (== net462) (== netcoreapp2.0)) (&& (== net462) (< net452)) (&& (== netcoreapp2.0) (< netstandard2.0)) (== netstandard1.5)
      xunit.extensibility.core (2.4)
    xunit.runner.visualstudio (2.4)
      Microsoft.NET.Test.Sdk (>= 15.0) - restriction: || (&& (== net452) (>= netcoreapp1.0)) (&& (== net462) (>= netcoreapp1.0)) (== netcoreapp2.0) (&& (== netstandard1.5) (>= netcoreapp1.0))
  remote: https://www.myget.org/F/tpluscode/api/v3/index.json
    tpluscode.Library.Ruleset (1.1.0)
    tpluscode.NoDocumentation.Ruleset (1.1.0)
    tpluscode.UnitTests.Ruleset (1.1.0)
GIST
  remote: tpluscode/a285267d2543466fc35c3a168c846f9f
    FULLPROJECT (c9b7a831e53e929f2ecce09b14a61e28007b669f)
GROUP addins
NUGET
  remote: https://www.nuget.org/api/v2
    Cake.Codecov (0.4)
      Cake.Core (>= 0.26.1) - restriction: || (>= net46) (>= netstandard2.0)
    Cake.Core (0.30) - restriction: || (>= net46) (>= netstandard2.0)
      Microsoft.Extensions.DependencyModel (>= 2.0.4) - restriction: && (< net46) (>= netstandard2.0)
      Microsoft.Win32.Registry (>= 4.4) - restriction: && (< net46) (>= netstandard2.0)
      Newtonsoft.Json (>= 11.0.2) - restriction: && (< net46) (>= netstandard2.0)
    Cake.Paket (4.0)
    Microsoft.DotNet.PlatformAbstractions (2.1) - restriction: && (< net46) (>= netstandard2.0)
      System.AppContext (>= 4.1) - restriction: && (< net45) (>= netstandard1.3)
      System.Collections (>= 4.0.11) - restriction: && (< net45) (>= netstandard1.3)
      System.IO (>= 4.1) - restriction: && (< net45) (>= netstandard1.3)
      System.IO.FileSystem (>= 4.0.1) - restriction: && (< net45) (>= netstandard1.3)
      System.Reflection.TypeExtensions (>= 4.1) - restriction: && (< net45) (>= netstandard1.3)
      System.Runtime.Extensions (>= 4.1) - restriction: && (< net45) (>= netstandard1.3)
      System.Runtime.InteropServices (>= 4.1) - restriction: && (< net45) (>= netstandard1.3)
      System.Runtime.InteropServices.RuntimeInformation (>= 4.0) - restriction: || (>= net45) (>= netstandard1.3)
    Microsoft.Extensions.DependencyModel (2.1) - restriction: && (< net46) (>= netstandard2.0)
      Microsoft.DotNet.PlatformAbstractions (>= 2.1) - restriction: || (>= net451) (>= netstandard1.3)
      Newtonsoft.Json (>= 9.0.1) - restriction: || (>= net451) (>= netstandard1.3)
      System.Diagnostics.Debug (>= 4.0.11) - restriction: || (&& (< net451) (>= netstandard1.3) (< netstandard1.6)) (&& (< net451) (>= netstandard1.6))
      System.Dynamic.Runtime (>= 4.0.11) - restriction: || (&& (< net451) (>= netstandard1.3) (< netstandard1.6)) (&& (< net451) (>= netstandard1.6))
      System.Linq (>= 4.1) - restriction: || (&& (< net451) (>= netstandard1.3) (< netstandard1.6)) (&& (< net451) (>= netstandard1.6))
    Microsoft.NETCore.Platforms (2.1.1) - restriction: || (&& (< net45) (>= netstandard2.0)) (>= netcoreapp2.0)
    Microsoft.NETCore.Targets (2.1) - restriction: && (< net45) (>= netstandard2.0)
    Microsoft.Win32.Registry (4.5) - restriction: && (< net46) (>= netstandard2.0)
      System.Buffers (>= 4.4) - restriction: || (>= monoandroid) (>= monotouch) (&& (< net46) (< netcoreapp2.0) (>= netstandard2.0)) (>= xamarinios) (>= xamarinmac) (>= xamarintvos) (>= xamarinwatchos)
      System.Memory (>= 4.5) - restriction: || (&& (< net46) (< netcoreapp2.0) (>= netstandard2.0)) (&& (>= netcoreapp2.0) (< netcoreapp2.1)) (>= uap10.1)
      System.Security.AccessControl (>= 4.5) - restriction: || (>= monoandroid) (>= monotouch) (&& (< net46) (>= netstandard2.0)) (>= net461) (>= netcoreapp2.0) (>= xamarinios) (>= xamarinmac) (>= xamarintvos) (>= xamarinwatchos)
      System.Security.Principal.Windows (>= 4.5) - restriction: || (>= monoandroid) (>= monotouch) (&& (< net46) (>= netstandard2.0)) (>= net461) (>= netcoreapp2.0) (>= xamarinios) (>= xamarinmac) (>= xamarintvos) (>= xamarinwatchos)
    Newtonsoft.Json (11.0.2) - restriction: && (< net46) (>= netstandard2.0)
    runtime.native.System (4.3.1) - restriction: && (< net45) (>= netstandard2.0) (< win8) (< wpa81)
      Microsoft.NETCore.Platforms (>= 1.1.1)
      Microsoft.NETCore.Targets (>= 1.1.3)
    System.AppContext (4.3) - restriction: && (< net45) (>= netstandard2.0)
      System.Runtime (>= 4.3) - restriction: || (&& (< monoandroid) (< monotouch) (< net46) (>= netstandard1.6) (< xamarinios) (< xamarinmac) (< xamarintvos) (< xamarinwatchos)) (&& (< monoandroid) (< net46) (>= netstandard1.3) (< netstandard1.6)) (&& (< monoandroid) (< netstandard1.3))
    System.Buffers (4.5) - restriction: || (&& (>= monoandroid) (>= netstandard2.0)) (&& (>= monotouch) (>= netstandard2.0)) (&& (< net46) (< netcoreapp2.0) (>= netstandard2.0)) (&& (>= netstandard2.0) (>= xamarinios)) (&& (>= netstandard2.0) (>= xamarinmac)) (&& (>= netstandard2.0) (>= xamarintvos)) (&& (>= netstandard2.0) (>= xamarinwatchos))
    System.Collections (4.3) - restriction: || (&& (< net45) (>= netstandard2.0)) (&& (>= netstandard2.0) (< portable-net45+win8+wp8+wpa81))
      Microsoft.NETCore.Platforms (>= 1.1) - restriction: || (&& (< monoandroid) (< monotouch) (< net45) (>= netstandard1.3) (< win8) (< wpa81) (< xamarinios) (< xamarinmac) (< xamarintvos) (< xamarinwatchos)) (&& (< monoandroid) (< net45) (>= netstandard1.0) (< netstandard1.3) (< win8) (< wp8) (< wpa81)) (< portable-net45+win8+wp8+wpa81)
      Microsoft.NETCore.Targets (>= 1.1) - restriction: || (&& (< monoandroid) (< monotouch) (< net45) (>= netstandard1.3) (< win8) (< wpa81) (< xamarinios) (< xamarinmac) (< xamarintvos) (< xamarinwatchos)) (&& (< monoandroid) (< net45) (>= netstandard1.0) (< netstandard1.3) (< win8) (< wp8) (< wpa81)) (< portable-net45+win8+wp8+wpa81)
      System.Runtime (>= 4.3) - restriction: || (&& (< monoandroid) (< monotouch) (< net45) (>= netstandard1.3) (< win8) (< wpa81) (< xamarinios) (< xamarinmac) (< xamarintvos) (< xamarinwatchos)) (&& (< monoandroid) (< net45) (>= netstandard1.0) (< netstandard1.3) (< win8) (< wp8) (< wpa81)) (< portable-net45+win8+wp8+wpa81)
    System.Diagnostics.Debug (4.3) - restriction: || (&& (< net45) (>= netstandard2.0)) (&& (>= netstandard2.0) (< portable-net45+win8+wp8+wpa81))
      Microsoft.NETCore.Platforms (>= 1.1) - restriction: || (&& (< monoandroid) (< monotouch) (< net45) (>= netstandard1.3) (< win8) (< wpa81) (< xamarinios) (< xamarinmac) (< xamarintvos) (< xamarinwatchos)) (&& (< monoandroid) (< net45) (>= netstandard1.0) (< netstandard1.3) (< win8) (< wp8) (< wpa81)) (< portable-net45+win8+wp8+wpa81)
      Microsoft.NETCore.Targets (>= 1.1) - restriction: || (&& (< monoandroid) (< monotouch) (< net45) (>= netstandard1.3) (< win8) (< wpa81) (< xamarinios) (< xamarinmac) (< xamarintvos) (< xamarinwatchos)) (&& (< monoandroid) (< net45) (>= netstandard1.0) (< netstandard1.3) (< win8) (< wp8) (< wpa81)) (< portable-net45+win8+wp8+wpa81)
      System.Runtime (>= 4.3) - restriction: || (&& (< monoandroid) (< monotouch) (< net45) (>= netstandard1.3) (< win8) (< wpa81) (< xamarinios) (< xamarinmac) (< xamarintvos) (< xamarinwatchos)) (&& (< monoandroid) (< net45) (>= netstandard1.0) (< netstandard1.3) (< win8) (< wp8) (< wpa81)) (< portable-net45+win8+wp8+wpa81)
    System.Dynamic.Runtime (4.3) - restriction: && (< net451) (>= netstandard2.0)
      System.Collections (>= 4.3) - restriction: || (&& (< monoandroid) (< monotouch) (< net45) (>= netstandard1.3) (< win8) (< wpa81) (< xamarinios) (< xamarinmac) (< xamarintvos) (< xamarinwatchos)) (< portable-net45+win8+wp8+wpa81)
      System.Diagnostics.Debug (>= 4.3) - restriction: || (&& (< monoandroid) (< monotouch) (< net45) (>= netstandard1.3) (< win8) (< wpa81) (< xamarinios) (< xamarinmac) (< xamarintvos) (< xamarinwatchos)) (< portable-net45+win8+wp8+wpa81)
      System.Linq (>= 4.3) - restriction: || (&& (< monoandroid) (< monotouch) (< net45) (>= netstandard1.3) (< win8) (< wpa81) (< xamarinios) (< xamarinmac) (< xamarintvos) (< xamarinwatchos)) (< portable-net45+win8+wp8+wpa81)
      System.Linq.Expressions (>= 4.3) - restriction: || (&& (< monoandroid) (< monotouch) (< net45) (>= netstandard1.3) (< win8) (< wpa81) (< xamarinios) (< xamarinmac) (< xamarintvos) (< xamarinwatchos)) (&& (< monoandroid) (< net45) (>= netstandard1.0) (< netstandard1.3) (< win8) (< wp8) (< wpa81)) (< portable-net45+win8+wp8+wpa81)
      System.ObjectModel (>= 4.3) - restriction: || (&& (< monoandroid) (< monotouch) (< net45) (>= netstandard1.3) (< win8) (< wpa81) (< xamarinios) (< xamarinmac) (< xamarintvos) (< xamarinwatchos)) (&& (< monoandroid) (< net45) (>= netstandard1.0) (< netstandard1.3) (< win8) (< wp8) (< wpa81)) (< portable-net45+win8+wp8+wpa81)
      System.Reflection (>= 4.3) - restriction: || (&& (< monoandroid) (< monotouch) (< net45) (>= netstandard1.3) (< win8) (< wpa81) (< xamarinios) (< xamarinmac) (< xamarintvos) (< xamarinwatchos)) (&& (< monoandroid) (< net45) (>= netstandard1.0) (< netstandard1.3) (< win8) (< wp8) (< wpa81)) (< portable-net45+win8+wp8+wpa81)
      System.Reflection.Emit (>= 4.3) - restriction: && (< monoandroid) (< monotouch) (< net45) (>= netstandard1.3) (< win8) (< wpa81) (< xamarinios) (< xamarinmac) (< xamarintvos) (< xamarinwatchos)
      System.Reflection.Emit.ILGeneration (>= 4.3) - restriction: && (< monoandroid) (< monotouch) (< net45) (>= netstandard1.3) (< win8) (< wpa81) (< xamarinios) (< xamarinmac) (< xamarintvos) (< xamarinwatchos)
      System.Reflection.Primitives (>= 4.3) - restriction: && (< monoandroid) (< monotouch) (< net45) (>= netstandard1.3) (< win8) (< wpa81) (< xamarinios) (< xamarinmac) (< xamarintvos) (< xamarinwatchos)
      System.Reflection.TypeExtensions (>= 4.3) - restriction: || (&& (< monoandroid) (< monotouch) (< net45) (>= netstandard1.3) (< win8) (< wpa81) (< xamarinios) (< xamarinmac) (< xamarintvos) (< xamarinwatchos)) (< portable-net45+win8+wp8+wpa81)
      System.Resources.ResourceManager (>= 4.3) - restriction: || (&& (< monoandroid) (< monotouch) (< net45) (>= netstandard1.3) (< win8) (< wpa81) (< xamarinios) (< xamarinmac) (< xamarintvos) (< xamarinwatchos)) (< portable-net45+win8+wp8+wpa81)
      System.Runtime (>= 4.3) - restriction: || (&& (< monoandroid) (< monotouch) (< net45) (>= netstandard1.3) (< win8) (< wpa81) (< xamarinios) (< xamarinmac) (< xamarintvos) (< xamarinwatchos)) (&& (< monoandroid) (< net45) (>= netstandard1.0) (< netstandard1.3) (< win8) (< wp8) (< wpa81)) (< portable-net45+win8+wp8+wpa81)
      System.Runtime.Extensions (>= 4.3) - restriction: || (&& (< monoandroid) (< monotouch) (< net45) (>= netstandard1.3) (< win8) (< wpa81) (< xamarinios) (< xamarinmac) (< xamarintvos) (< xamarinwatchos)) (< portable-net45+win8+wp8+wpa81)
      System.Threading (>= 4.3) - restriction: || (&& (< monoandroid) (< monotouch) (< net45) (>= netstandard1.3) (< win8) (< wpa81) (< xamarinios) (< xamarinmac) (< xamarintvos) (< xamarinwatchos)) (< portable-net45+win8+wp8+wpa81)
    System.Globalization (4.3) - restriction: || (&& (< net45) (>= netstandard2.0) (< win8) (< wpa81)) (&& (>= netstandard2.0) (< portable-net45+win8+wp8+wpa81))
      Microsoft.NETCore.Platforms (>= 1.1) - restriction: || (&& (< monoandroid) (< monotouch) (< net45) (>= netstandard1.3) (< win8) (< wpa81) (< xamarinios) (< xamarinmac) (< xamarintvos) (< xamarinwatchos)) (&& (< monoandroid) (< net45) (>= netstandard1.0) (< netstandard1.3) (< win8) (< wp8) (< wpa81)) (< portable-net45+win8+wp8+wpa81)
      Microsoft.NETCore.Targets (>= 1.1) - restriction: || (&& (< monoandroid) (< monotouch) (< net45) (>= netstandard1.3) (< win8) (< wpa81) (< xamarinios) (< xamarinmac) (< xamarintvos) (< xamarinwatchos)) (&& (< monoandroid) (< net45) (>= netstandard1.0) (< netstandard1.3) (< win8) (< wp8) (< wpa81)) (< portable-net45+win8+wp8+wpa81)
      System.Runtime (>= 4.3) - restriction: || (&& (< monoandroid) (< monotouch) (< net45) (>= netstandard1.3) (< win8) (< wpa81) (< xamarinios) (< xamarinmac) (< xamarintvos) (< xamarinwatchos)) (&& (< monoandroid) (< net45) (>= netstandard1.0) (< netstandard1.3) (< win8) (< wp8) (< wpa81)) (< portable-net45+win8+wp8+wpa81)
    System.IO (4.3) - restriction: || (&& (< net45) (>= netstandard2.0)) (&& (>= netstandard2.0) (< portable-net45+win8+wp8+wpa81))
      Microsoft.NETCore.Platforms (>= 1.1) - restriction: || (&& (< monoandroid) (< monotouch) (< net45) (>= netstandard1.5) (< win8) (< wpa81) (< xamarinios) (< xamarinmac) (< xamarintvos) (< xamarinwatchos)) (&& (< monoandroid) (< net45) (>= netstandard1.0) (< netstandard1.3) (< win8) (< wp8) (< wpa81)) (&& (< monoandroid) (< net45) (>= netstandard1.3) (< netstandard1.5) (< win8) (< wpa81)) (< portable-net45+win8+wp8+wpa81)
      Microsoft.NETCore.Targets (>= 1.1) - restriction: || (&& (< monoandroid) (< monotouch) (< net45) (>= netstandard1.5) (< win8) (< wpa81) (< xamarinios) (< xamarinmac) (< xamarintvos) (< xamarinwatchos)) (&& (< monoandroid) (< net45) (>= netstandard1.0) (< netstandard1.3) (< win8) (< wp8) (< wpa81)) (&& (< monoandroid) (< net45) (>= netstandard1.3) (< netstandard1.5) (< win8) (< wpa81)) (< portable-net45+win8+wp8+wpa81)
      System.Runtime (>= 4.3) - restriction: || (&& (< monoandroid) (< monotouch) (< net45) (>= netstandard1.5) (< win8) (< wpa81) (< xamarinios) (< xamarinmac) (< xamarintvos) (< xamarinwatchos)) (&& (< monoandroid) (< net45) (>= netstandard1.0) (< netstandard1.3) (< win8) (< wp8) (< wpa81)) (&& (< monoandroid) (< net45) (>= netstandard1.3) (< netstandard1.5) (< win8) (< wpa81)) (< portable-net45+win8+wp8+wpa81)
      System.Text.Encoding (>= 4.3) - restriction: || (&& (< monoandroid) (< monotouch) (< net45) (>= netstandard1.5) (< win8) (< wpa81) (< xamarinios) (< xamarinmac) (< xamarintvos) (< xamarinwatchos)) (&& (< monoandroid) (< net45) (>= netstandard1.0) (< netstandard1.3) (< win8) (< wp8) (< wpa81)) (&& (< monoandroid) (< net45) (>= netstandard1.3) (< netstandard1.5) (< win8) (< wpa81)) (< portable-net45+win8+wp8+wpa81)
      System.Threading.Tasks (>= 4.3) - restriction: || (&& (< monoandroid) (< monotouch) (< net45) (>= netstandard1.5) (< win8) (< wpa81) (< xamarinios) (< xamarinmac) (< xamarintvos) (< xamarinwatchos)) (&& (< monoandroid) (< net45) (>= netstandard1.0) (< netstandard1.3) (< win8) (< wp8) (< wpa81)) (&& (< monoandroid) (< net45) (>= netstandard1.3) (< netstandard1.5) (< win8) (< wpa81)) (< portable-net45+win8+wp8+wpa81)
    System.IO.FileSystem (4.3) - restriction: && (< net45) (>= netstandard2.0)
      Microsoft.NETCore.Platforms (>= 1.1) - restriction: && (< monoandroid) (< monotouch) (< net46) (>= netstandard1.3) (< xamarinios) (< xamarinmac) (< xamarintvos) (< xamarinwatchos)
      Microsoft.NETCore.Targets (>= 1.1) - restriction: && (< monoandroid) (< monotouch) (< net46) (>= netstandard1.3) (< xamarinios) (< xamarinmac) (< xamarintvos) (< xamarinwatchos)
      System.IO (>= 4.3) - restriction: && (< monoandroid) (< monotouch) (< net46) (>= netstandard1.3) (< xamarinios) (< xamarinmac) (< xamarintvos) (< xamarinwatchos)
      System.IO.FileSystem.Primitives (>= 4.3) - restriction: || (&& (< monoandroid) (< monotouch) (>= netstandard1.3) (< xamarinios) (< xamarinmac) (< xamarintvos) (< xamarinwatchos)) (>= net46)
      System.Runtime (>= 4.3) - restriction: && (< monoandroid) (< monotouch) (< net46) (>= netstandard1.3) (< xamarinios) (< xamarinmac) (< xamarintvos) (< xamarinwatchos)
      System.Runtime.Handles (>= 4.3) - restriction: && (< monoandroid) (< monotouch) (< net46) (>= netstandard1.3) (< xamarinios) (< xamarinmac) (< xamarintvos) (< xamarinwatchos)
      System.Text.Encoding (>= 4.3) - restriction: && (< monoandroid) (< monotouch) (< net46) (>= netstandard1.3) (< xamarinios) (< xamarinmac) (< xamarintvos) (< xamarinwatchos)
      System.Threading.Tasks (>= 4.3) - restriction: && (< monoandroid) (< monotouch) (< net46) (>= netstandard1.3) (< xamarinios) (< xamarinmac) (< xamarintvos) (< xamarinwatchos)
    System.IO.FileSystem.Primitives (4.3) - restriction: && (< net45) (>= netstandard2.0)
      System.Runtime (>= 4.3) - restriction: && (< monoandroid) (< monotouch) (< net46) (>= netstandard1.3) (< xamarinios) (< xamarinmac) (< xamarintvos) (< xamarinwatchos)
    System.Linq (4.3) - restriction: || (&& (< net45) (>= netstandard2.0) (< win8) (< wpa81)) (&& (< net451) (>= netstandard2.0)) (&& (>= netstandard2.0) (< portable-net45+win8+wp8+wpa81))
      System.Collections (>= 4.3) - restriction: || (&& (< monoandroid) (< monotouch) (< net45) (>= netstandard1.6) (< xamarinios) (< xamarinmac) (< xamarintvos) (< xamarinwatchos)) (&& (< monoandroid) (< net45) (>= netstandard1.0) (< netstandard1.6) (< win8) (< wp8) (< wpa81)) (< portable-net45+win8+wp8+wpa81)
      System.Diagnostics.Debug (>= 4.3) - restriction: || (&& (< monoandroid) (< monotouch) (< net45) (>= netstandard1.6) (< xamarinios) (< xamarinmac) (< xamarintvos) (< xamarinwatchos)) (< portable-net45+win8+wp8+wpa81)
      System.Resources.ResourceManager (>= 4.3) - restriction: || (&& (< monoandroid) (< monotouch) (< net45) (>= netstandard1.6) (< xamarinios) (< xamarinmac) (< xamarintvos) (< xamarinwatchos)) (< portable-net45+win8+wp8+wpa81)
      System.Runtime (>= 4.3) - restriction: || (&& (< monoandroid) (< monotouch) (< net45) (>= netstandard1.6) (< xamarinios) (< xamarinmac) (< xamarintvos) (< xamarinwatchos)) (&& (< monoandroid) (< net45) (>= netstandard1.0) (< netstandard1.6) (< win8) (< wp8) (< wpa81)) (< portable-net45+win8+wp8+wpa81)
      System.Runtime.Extensions (>= 4.3) - restriction: || (&& (< monoandroid) (< monotouch) (< net45) (>= netstandard1.6) (< xamarinios) (< xamarinmac) (< xamarintvos) (< xamarinwatchos)) (< portable-net45+win8+wp8+wpa81)
    System.Linq.Expressions (4.3) - restriction: || (&& (< net45) (>= netstandard2.0) (< win8) (< wpa81)) (&& (>= netstandard2.0) (< portable-net45+win8+wp8+wpa81))
      System.Collections (>= 4.3) - restriction: || (&& (< monoandroid) (< monotouch) (< net45) (>= netstandard1.6) (< xamarinios) (< xamarinmac) (< xamarintvos) (< xamarinwatchos)) (< portable-net45+win8+wp8+wpa81)
      System.Diagnostics.Debug (>= 4.3) - restriction: || (&& (< monoandroid) (< monotouch) (< net45) (>= netstandard1.6) (< xamarinios) (< xamarinmac) (< xamarintvos) (< xamarinwatchos)) (< portable-net45+win8+wp8+wpa81)
      System.Globalization (>= 4.3) - restriction: || (&& (< monoandroid) (< monotouch) (< net45) (>= netstandard1.6) (< xamarinios) (< xamarinmac) (< xamarintvos) (< xamarinwatchos)) (< portable-net45+win8+wp8+wpa81)
      System.IO (>= 4.3) - restriction: || (&& (< monoandroid) (< monotouch) (< net45) (>= netstandard1.6) (< xamarinios) (< xamarinmac) (< xamarintvos) (< xamarinwatchos)) (< portable-net45+win8+wp8+wpa81)
      System.Linq (>= 4.3) - restriction: || (&& (< monoandroid) (< monotouch) (< net45) (>= netstandard1.6) (< xamarinios) (< xamarinmac) (< xamarintvos) (< xamarinwatchos)) (< portable-net45+win8+wp8+wpa81)
      System.ObjectModel (>= 4.3) - restriction: && (< monoandroid) (< monotouch) (< net45) (>= netstandard1.6) (< xamarinios) (< xamarinmac) (< xamarintvos) (< xamarinwatchos)
      System.Reflection (>= 4.3) - restriction: || (&& (< monoandroid) (< monotouch) (< net45) (>= netstandard1.6) (< xamarinios) (< xamarinmac) (< xamarintvos) (< xamarinwatchos)) (&& (< monoandroid) (< net45) (>= netstandard1.0) (< netstandard1.3) (< win8) (< wp8) (< wpa81)) (&& (< monoandroid) (< net45) (>= netstandard1.3) (< netstandard1.6) (< win8) (< wpa81)) (< portable-net45+win8+wp8+wpa81)
      System.Reflection.Emit (>= 4.3) - restriction: && (< monoandroid) (< monotouch) (< net45) (>= netstandard1.6) (< xamarinios) (< xamarinmac) (< xamarintvos) (< xamarinwatchos)
      System.Reflection.Emit.ILGeneration (>= 4.3) - restriction: || (&& (< monoandroid) (< monotouch) (< net45) (>= netstandard1.6) (< xamarinios) (< xamarinmac) (< xamarintvos) (< xamarinwatchos)) (< portable-net45+win8+wp8+wpa81)
      System.Reflection.Emit.Lightweight (>= 4.3) - restriction: || (&& (< monoandroid) (< monotouch) (< net45) (>= netstandard1.6) (< xamarinios) (< xamarinmac) (< xamarintvos) (< xamarinwatchos)) (< portable-net45+win8+wp8+wpa81)
      System.Reflection.Extensions (>= 4.3) - restriction: || (&& (< monoandroid) (< monotouch) (< net45) (>= netstandard1.6) (< xamarinios) (< xamarinmac) (< xamarintvos) (< xamarinwatchos)) (< portable-net45+win8+wp8+wpa81)
      System.Reflection.Primitives (>= 4.3) - restriction: || (&& (< monoandroid) (< monotouch) (< net45) (>= netstandard1.6) (< xamarinios) (< xamarinmac) (< xamarintvos) (< xamarinwatchos)) (< portable-net45+win8+wp8+wpa81)
      System.Reflection.TypeExtensions (>= 4.3) - restriction: || (&& (< monoandroid) (< monotouch) (< net45) (>= netstandard1.6) (< xamarinios) (< xamarinmac) (< xamarintvos) (< xamarinwatchos)) (< portable-net45+win8+wp8+wpa81)
      System.Resources.ResourceManager (>= 4.3) - restriction: || (&& (< monoandroid) (< monotouch) (< net45) (>= netstandard1.6) (< xamarinios) (< xamarinmac) (< xamarintvos) (< xamarinwatchos)) (< portable-net45+win8+wp8+wpa81)
      System.Runtime (>= 4.3) - restriction: || (&& (< monoandroid) (< monotouch) (< net45) (>= netstandard1.6) (< xamarinios) (< xamarinmac) (< xamarintvos) (< xamarinwatchos)) (&& (< monoandroid) (< net45) (>= netstandard1.0) (< netstandard1.3) (< win8) (< wp8) (< wpa81)) (&& (< monoandroid) (< net45) (>= netstandard1.3) (< netstandard1.6) (< win8) (< wpa81)) (< portable-net45+win8+wp8+wpa81)
      System.Runtime.Extensions (>= 4.3) - restriction: || (&& (< monoandroid) (< monotouch) (< net45) (>= netstandard1.6) (< xamarinios) (< xamarinmac) (< xamarintvos) (< xamarinwatchos)) (< portable-net45+win8+wp8+wpa81)
      System.Threading (>= 4.3) - restriction: || (&& (< monoandroid) (< monotouch) (< net45) (>= netstandard1.6) (< xamarinios) (< xamarinmac) (< xamarintvos) (< xamarinwatchos)) (< portable-net45+win8+wp8+wpa81)
    System.Memory (4.5.1) - restriction: || (&& (< net46) (< netcoreapp2.0) (>= netstandard2.0)) (&& (>= netcoreapp2.0) (< netcoreapp2.1)) (&& (>= netstandard2.0) (>= uap10.1))
      System.Buffers (>= 4.4) - restriction: || (>= monoandroid) (>= monotouch) (&& (>= net45) (< netstandard2.0)) (&& (< net45) (< netcoreapp2.0) (>= netstandard2.0)) (&& (< net45) (>= netstandard1.1) (< netstandard2.0) (< win8) (< wpa81)) (>= net461) (&& (< netstandard1.1) (>= portable-net45+win8+wpa81) (< win8)) (&& (< netstandard1.1) (>= win8)) (&& (< netstandard2.0) (< uap10.1) (>= wpa81)) (>= xamarinios) (>= xamarinmac) (>= xamarintvos) (>= xamarinwatchos)
      System.Numerics.Vectors (>= 4.4) - restriction: || (&& (< net45) (< netcoreapp2.0) (>= netstandard2.0)) (>= net461)
      System.Runtime.CompilerServices.Unsafe (>= 4.5) - restriction: || (>= monoandroid) (>= monotouch) (&& (>= net45) (< netstandard2.0)) (&& (< net45) (< netcoreapp2.0) (>= netstandard2.0)) (&& (< net45) (>= netstandard1.1) (< netstandard2.0) (< win8) (< wpa81)) (>= net461) (&& (>= netcoreapp2.0) (< netcoreapp2.1)) (&& (< netstandard1.1) (>= portable-net45+win8+wpa81) (< win8)) (&& (< netstandard1.1) (>= win8)) (&& (< netstandard2.0) (>= wpa81)) (>= uap10.1) (>= xamarinios) (>= xamarinmac) (>= xamarintvos) (>= xamarinwatchos)
    System.Numerics.Vectors (4.5) - restriction: || (&& (< net45) (< netcoreapp2.0) (>= netstandard2.0)) (&& (< net46) (>= net461) (>= netstandard2.0)) (&& (>= net461) (>= netcoreapp2.0)) (&& (>= netstandard2.0) (>= uap10.1))
    System.ObjectModel (4.3) - restriction: || (&& (< net45) (>= netstandard2.0) (< win8) (< wpa81)) (&& (>= netstandard2.0) (< portable-net45+win8+wp8+wpa81))
      System.Collections (>= 4.3) - restriction: || (&& (< monoandroid) (< monotouch) (< net45) (>= netstandard1.3) (< win8) (< wpa81) (< xamarinios) (< xamarinmac) (< xamarintvos) (< xamarinwatchos)) (< portable-net45+win8+wp8+wpa81)
      System.Diagnostics.Debug (>= 4.3) - restriction: || (&& (< monoandroid) (< monotouch) (< net45) (>= netstandard1.3) (< win8) (< wpa81) (< xamarinios) (< xamarinmac) (< xamarintvos) (< xamarinwatchos)) (< portable-net45+win8+wp8+wpa81)
      System.Resources.ResourceManager (>= 4.3) - restriction: || (&& (< monoandroid) (< monotouch) (< net45) (>= netstandard1.3) (< win8) (< wpa81) (< xamarinios) (< xamarinmac) (< xamarintvos) (< xamarinwatchos)) (< portable-net45+win8+wp8+wpa81)
      System.Runtime (>= 4.3) - restriction: || (&& (< monoandroid) (< monotouch) (< net45) (>= netstandard1.3) (< win8) (< wpa81) (< xamarinios) (< xamarinmac) (< xamarintvos) (< xamarinwatchos)) (&& (< monoandroid) (< net45) (>= netstandard1.0) (< netstandard1.3) (< win8) (< wp8) (< wpa81)) (< portable-net45+win8+wp8+wpa81)
      System.Threading (>= 4.3) - restriction: || (&& (< monoandroid) (< monotouch) (< net45) (>= netstandard1.3) (< win8) (< wpa81) (< xamarinios) (< xamarinmac) (< xamarintvos) (< xamarinwatchos)) (< portable-net45+win8+wp8+wpa81)
    System.Reflection (4.3) - restriction: || (&& (< net45) (>= netstandard2.0) (< win8) (< wpa81)) (&& (>= netstandard2.0) (< portable-net45+win8+wp8+wpa81))
      Microsoft.NETCore.Platforms (>= 1.1) - restriction: || (&& (< monoandroid) (< monotouch) (< net45) (>= netstandard1.5) (< win8) (< wpa81) (< xamarinios) (< xamarinmac) (< xamarintvos) (< xamarinwatchos)) (&& (< monoandroid) (< net45) (>= netstandard1.0) (< netstandard1.3) (< win8) (< wp8) (< wpa81)) (&& (< monoandroid) (< net45) (>= netstandard1.3) (< netstandard1.5) (< win8) (< wpa81)) (< portable-net45+win8+wp8+wpa81)
      Microsoft.NETCore.Targets (>= 1.1) - restriction: || (&& (< monoandroid) (< monotouch) (< net45) (>= netstandard1.5) (< win8) (< wpa81) (< xamarinios) (< xamarinmac) (< xamarintvos) (< xamarinwatchos)) (&& (< monoandroid) (< net45) (>= netstandard1.0) (< netstandard1.3) (< win8) (< wp8) (< wpa81)) (&& (< monoandroid) (< net45) (>= netstandard1.3) (< netstandard1.5) (< win8) (< wpa81)) (< portable-net45+win8+wp8+wpa81)
      System.IO (>= 4.3) - restriction: || (&& (< monoandroid) (< monotouch) (< net45) (>= netstandard1.5) (< win8) (< wpa81) (< xamarinios) (< xamarinmac) (< xamarintvos) (< xamarinwatchos)) (&& (< monoandroid) (< net45) (>= netstandard1.0) (< netstandard1.3) (< win8) (< wp8) (< wpa81)) (&& (< monoandroid) (< net45) (>= netstandard1.3) (< netstandard1.5) (< win8) (< wpa81)) (< portable-net45+win8+wp8+wpa81)
      System.Reflection.Primitives (>= 4.3) - restriction: || (&& (< monoandroid) (< monotouch) (< net45) (>= netstandard1.5) (< win8) (< wpa81) (< xamarinios) (< xamarinmac) (< xamarintvos) (< xamarinwatchos)) (&& (< monoandroid) (< net45) (>= netstandard1.0) (< netstandard1.3) (< win8) (< wp8) (< wpa81)) (&& (< monoandroid) (< net45) (>= netstandard1.3) (< netstandard1.5) (< win8) (< wpa81)) (< portable-net45+win8+wp8+wpa81)
      System.Runtime (>= 4.3) - restriction: || (&& (< monoandroid) (< monotouch) (< net45) (>= netstandard1.5) (< win8) (< wpa81) (< xamarinios) (< xamarinmac) (< xamarintvos) (< xamarinwatchos)) (&& (< monoandroid) (< net45) (>= netstandard1.0) (< netstandard1.3) (< win8) (< wp8) (< wpa81)) (&& (< monoandroid) (< net45) (>= netstandard1.3) (< netstandard1.5) (< win8) (< wpa81)) (< portable-net45+win8+wp8+wpa81)
    System.Reflection.Emit (4.3) - restriction: && (< net45) (>= netstandard2.0) (< win8) (< wpa81)
      System.IO (>= 4.3) - restriction: && (< monoandroid) (< monotouch) (< net45) (>= netstandard1.1) (< xamarinios) (< xamarinmac) (< xamarintvos) (< xamarinwatchos)
      System.Reflection (>= 4.3) - restriction: && (< monoandroid) (< monotouch) (< net45) (>= netstandard1.1) (< xamarinios) (< xamarinmac) (< xamarintvos) (< xamarinwatchos)
      System.Reflection.Emit.ILGeneration (>= 4.3) - restriction: && (< monoandroid) (< monotouch) (< net45) (>= netstandard1.1) (< xamarinios) (< xamarinmac) (< xamarintvos) (< xamarinwatchos)
      System.Reflection.Primitives (>= 4.3) - restriction: && (< monoandroid) (< monotouch) (< net45) (>= netstandard1.1) (< xamarinios) (< xamarinmac) (< xamarintvos) (< xamarinwatchos)
      System.Runtime (>= 4.3) - restriction: && (< monoandroid) (< monotouch) (< net45) (>= netstandard1.1) (< xamarinios) (< xamarinmac) (< xamarintvos) (< xamarinwatchos)
    System.Reflection.Emit.ILGeneration (4.3) - restriction: && (< net45) (>= netstandard2.0) (< win8) (< wpa81)
      System.Reflection (>= 4.3) - restriction: && (< monoandroid) (< monotouch) (< net45) (>= netstandard1.0) (< wp8) (< xamarinios) (< xamarinmac) (< xamarintvos) (< xamarinwatchos)
      System.Reflection.Primitives (>= 4.3) - restriction: && (< monoandroid) (< monotouch) (< net45) (>= netstandard1.0) (< wp8) (< xamarinios) (< xamarinmac) (< xamarintvos) (< xamarinwatchos)
      System.Runtime (>= 4.3) - restriction: && (< monoandroid) (< monotouch) (< net45) (>= netstandard1.0) (< wp8) (< xamarinios) (< xamarinmac) (< xamarintvos) (< xamarinwatchos)
    System.Reflection.Emit.Lightweight (4.3) - restriction: || (&& (< net45) (>= netstandard2.0) (< win8) (< wpa81)) (&& (>= netstandard2.0) (< portable-net45+win8+wp8+wpa81))
      System.Reflection (>= 4.3) - restriction: && (< monoandroid) (< monotouch) (< net45) (>= netstandard1.0) (< wp8) (< xamarinios) (< xamarinmac) (< xamarintvos) (< xamarinwatchos)
      System.Reflection.Emit.ILGeneration (>= 4.3) - restriction: && (< monoandroid) (< monotouch) (< net45) (>= netstandard1.0) (< wp8) (< xamarinios) (< xamarinmac) (< xamarintvos) (< xamarinwatchos)
      System.Reflection.Primitives (>= 4.3) - restriction: && (< monoandroid) (< monotouch) (< net45) (>= netstandard1.0) (< wp8) (< xamarinios) (< xamarinmac) (< xamarintvos) (< xamarinwatchos)
      System.Runtime (>= 4.3) - restriction: && (< monoandroid) (< monotouch) (< net45) (>= netstandard1.0) (< wp8) (< xamarinios) (< xamarinmac) (< xamarintvos) (< xamarinwatchos)
    System.Reflection.Extensions (4.3) - restriction: || (&& (< net45) (>= netstandard2.0) (< win8) (< wpa81)) (&& (>= netstandard2.0) (< portable-net45+win8+wp8+wpa81))
      Microsoft.NETCore.Platforms (>= 1.1) - restriction: || (&& (< monoandroid) (< monotouch) (< net45) (>= netstandard1.0) (< win8) (< wp8) (< wpa81) (< xamarinios) (< xamarinmac) (< xamarintvos) (< xamarinwatchos)) (< portable-net45+win8+wp8+wpa81)
      Microsoft.NETCore.Targets (>= 1.1) - restriction: || (&& (< monoandroid) (< monotouch) (< net45) (>= netstandard1.0) (< win8) (< wp8) (< wpa81) (< xamarinios) (< xamarinmac) (< xamarintvos) (< xamarinwatchos)) (< portable-net45+win8+wp8+wpa81)
      System.Reflection (>= 4.3) - restriction: || (&& (< monoandroid) (< monotouch) (< net45) (>= netstandard1.0) (< win8) (< wp8) (< wpa81) (< xamarinios) (< xamarinmac) (< xamarintvos) (< xamarinwatchos)) (< portable-net45+win8+wp8+wpa81)
      System.Runtime (>= 4.3) - restriction: || (&& (< monoandroid) (< monotouch) (< net45) (>= netstandard1.0) (< win8) (< wp8) (< wpa81) (< xamarinios) (< xamarinmac) (< xamarintvos) (< xamarinwatchos)) (< portable-net45+win8+wp8+wpa81)
    System.Reflection.Primitives (4.3) - restriction: && (< net45) (>= netstandard2.0) (< win8) (< wpa81)
      Microsoft.NETCore.Platforms (>= 1.1) - restriction: || (&& (< monoandroid) (< monotouch) (< net45) (>= netstandard1.0) (< win8) (< wp8) (< wpa81) (< xamarinios) (< xamarinmac) (< xamarintvos) (< xamarinwatchos)) (< portable-net45+win8+wp8+wpa81)
      Microsoft.NETCore.Targets (>= 1.1) - restriction: || (&& (< monoandroid) (< monotouch) (< net45) (>= netstandard1.0) (< win8) (< wp8) (< wpa81) (< xamarinios) (< xamarinmac) (< xamarintvos) (< xamarinwatchos)) (< portable-net45+win8+wp8+wpa81)
      System.Runtime (>= 4.3) - restriction: || (&& (< monoandroid) (< monotouch) (< net45) (>= netstandard1.0) (< win8) (< wp8) (< wpa81) (< xamarinios) (< xamarinmac) (< xamarintvos) (< xamarinwatchos)) (< portable-net45+win8+wp8+wpa81)
    System.Reflection.TypeExtensions (4.5.1) - restriction: || (&& (< net45) (>= netstandard2.0)) (&& (>= netstandard2.0) (< portable-net45+win8+wp8+wpa81))
    System.Resources.ResourceManager (4.3) - restriction: || (&& (< net45) (>= netstandard2.0)) (&& (>= netstandard2.0) (< portable-net45+win8+wp8+wpa81))
      Microsoft.NETCore.Platforms (>= 1.1) - restriction: || (&& (< monoandroid) (< monotouch) (< net45) (>= netstandard1.0) (< win8) (< wp8) (< wpa81) (< xamarinios) (< xamarinmac) (< xamarintvos) (< xamarinwatchos)) (< portable-net45+win8+wp8+wpa81)
      Microsoft.NETCore.Targets (>= 1.1) - restriction: || (&& (< monoandroid) (< monotouch) (< net45) (>= netstandard1.0) (< win8) (< wp8) (< wpa81) (< xamarinios) (< xamarinmac) (< xamarintvos) (< xamarinwatchos)) (< portable-net45+win8+wp8+wpa81)
      System.Globalization (>= 4.3) - restriction: || (&& (< monoandroid) (< monotouch) (< net45) (>= netstandard1.0) (< win8) (< wp8) (< wpa81) (< xamarinios) (< xamarinmac) (< xamarintvos) (< xamarinwatchos)) (< portable-net45+win8+wp8+wpa81)
      System.Reflection (>= 4.3) - restriction: || (&& (< monoandroid) (< monotouch) (< net45) (>= netstandard1.0) (< win8) (< wp8) (< wpa81) (< xamarinios) (< xamarinmac) (< xamarintvos) (< xamarinwatchos)) (< portable-net45+win8+wp8+wpa81)
      System.Runtime (>= 4.3) - restriction: || (&& (< monoandroid) (< monotouch) (< net45) (>= netstandard1.0) (< win8) (< wp8) (< wpa81) (< xamarinios) (< xamarinmac) (< xamarintvos) (< xamarinwatchos)) (< portable-net45+win8+wp8+wpa81)
    System.Runtime (4.3) - restriction: || (&& (< net45) (>= netstandard2.0)) (&& (>= netstandard2.0) (< portable-net45+win8+wp8+wpa81))
      Microsoft.NETCore.Platforms (>= 1.1) - restriction: || (&& (< monoandroid) (< monotouch) (< net45) (>= netstandard1.5) (< win8) (< wpa81) (< xamarinios) (< xamarinmac) (< xamarintvos) (< xamarinwatchos)) (&& (< monoandroid) (< net45) (>= netstandard1.0) (< netstandard1.2) (< win8) (< wp8)) (&& (< monoandroid) (< net45) (>= netstandard1.2) (< netstandard1.3) (< win8) (< wpa81)) (&& (< monoandroid) (< net45) (>= netstandard1.3) (< netstandard1.5) (< win8) (< wpa81)) (< portable-net45+win8+wp8+wpa81)
      Microsoft.NETCore.Targets (>= 1.1) - restriction: || (&& (< monoandroid) (< monotouch) (< net45) (>= netstandard1.5) (< win8) (< wpa81) (< xamarinios) (< xamarinmac) (< xamarintvos) (< xamarinwatchos)) (&& (< monoandroid) (< net45) (>= netstandard1.0) (< netstandard1.2) (< win8) (< wp8)) (&& (< monoandroid) (< net45) (>= netstandard1.2) (< netstandard1.3) (< win8) (< wpa81)) (&& (< monoandroid) (< net45) (>= netstandard1.3) (< netstandard1.5) (< win8) (< wpa81)) (< portable-net45+win8+wp8+wpa81)
    System.Runtime.CompilerServices.Unsafe (4.5.1) - restriction: || (&& (>= monoandroid) (>= netcoreapp2.0)) (&& (>= monoandroid) (>= netstandard2.0)) (&& (>= monotouch) (>= netcoreapp2.0)) (&& (>= monotouch) (>= netstandard2.0)) (&& (< net45) (< netcoreapp2.0) (>= netstandard2.0)) (&& (< net46) (>= net461) (>= netstandard2.0)) (&& (>= net461) (>= netcoreapp2.0)) (&& (>= netcoreapp2.0) (< netcoreapp2.1)) (&& (>= netcoreapp2.0) (< netstandard1.1)) (&& (>= netcoreapp2.0) (< netstandard2.0)) (&& (>= netcoreapp2.0) (>= uap10.1)) (&& (>= netcoreapp2.0) (>= xamarinios)) (&& (>= netcoreapp2.0) (>= xamarinmac)) (&& (>= netcoreapp2.0) (>= xamarintvos)) (&& (>= netcoreapp2.0) (>= xamarinwatchos)) (&& (< netstandard1.1) (>= netstandard2.0) (>= win8)) (&& (< netstandard1.1) (>= netstandard2.0) (< win8)) (&& (>= netstandard2.0) (>= uap10.1)) (&& (>= netstandard2.0) (>= xamarinios)) (&& (>= netstandard2.0) (>= xamarinmac)) (&& (>= netstandard2.0) (>= xamarintvos)) (&& (>= netstandard2.0) (>= xamarinwatchos))
    System.Runtime.Extensions (4.3) - restriction: || (&& (< net45) (>= netstandard2.0)) (&& (>= netstandard2.0) (< portable-net45+win8+wp8+wpa81))
      Microsoft.NETCore.Platforms (>= 1.1) - restriction: || (&& (< monoandroid) (< monotouch) (< net45) (>= netstandard1.5) (< win8) (< wpa81) (< xamarinios) (< xamarinmac) (< xamarintvos) (< xamarinwatchos)) (&& (< monoandroid) (< net45) (>= netstandard1.0) (< netstandard1.3) (< win8) (< wp8) (< wpa81)) (&& (< monoandroid) (< net45) (>= netstandard1.3) (< netstandard1.5) (< win8) (< wpa81)) (< portable-net45+win8+wp8+wpa81)
      Microsoft.NETCore.Targets (>= 1.1) - restriction: || (&& (< monoandroid) (< monotouch) (< net45) (>= netstandard1.5) (< win8) (< wpa81) (< xamarinios) (< xamarinmac) (< xamarintvos) (< xamarinwatchos)) (&& (< monoandroid) (< net45) (>= netstandard1.0) (< netstandard1.3) (< win8) (< wp8) (< wpa81)) (&& (< monoandroid) (< net45) (>= netstandard1.3) (< netstandard1.5) (< win8) (< wpa81)) (< portable-net45+win8+wp8+wpa81)
      System.Runtime (>= 4.3) - restriction: || (&& (< monoandroid) (< monotouch) (< net45) (>= netstandard1.5) (< win8) (< wpa81) (< xamarinios) (< xamarinmac) (< xamarintvos) (< xamarinwatchos)) (&& (< monoandroid) (< net45) (>= netstandard1.0) (< netstandard1.3) (< win8) (< wp8) (< wpa81)) (&& (< monoandroid) (< net45) (>= netstandard1.3) (< netstandard1.5) (< win8) (< wpa81)) (< portable-net45+win8+wp8+wpa81)
    System.Runtime.Handles (4.3) - restriction: || (&& (< net45) (>= netstandard2.0)) (&& (>= netcoreapp1.1) (>= netstandard2.0)) (&& (>= netstandard2.0) (< portable-net45+win8+wpa81))
      Microsoft.NETCore.Platforms (>= 1.1) - restriction: && (< monoandroid) (< monotouch) (< net46) (>= netstandard1.3) (< xamarinios) (< xamarinmac) (< xamarintvos) (< xamarinwatchos)
      Microsoft.NETCore.Targets (>= 1.1) - restriction: && (< monoandroid) (< monotouch) (< net46) (>= netstandard1.3) (< xamarinios) (< xamarinmac) (< xamarintvos) (< xamarinwatchos)
      System.Runtime (>= 4.3) - restriction: && (< monoandroid) (< monotouch) (< net46) (>= netstandard1.3) (< xamarinios) (< xamarinmac) (< xamarintvos) (< xamarinwatchos)
    System.Runtime.InteropServices (4.3) - restriction: && (< net45) (>= netstandard2.0)
      Microsoft.NETCore.Platforms (>= 1.1) - restriction: || (&& (< monoandroid) (< monotouch) (< net45) (>= netstandard1.5) (< win8) (< wpa81) (< xamarinios) (< xamarinmac) (< xamarintvos) (< xamarinwatchos)) (&& (< monoandroid) (< net45) (>= netstandard1.1) (< netstandard1.2) (< win8)) (&& (< monoandroid) (< net45) (>= netstandard1.2) (< netstandard1.3) (< win8) (< wpa81)) (&& (< monoandroid) (< net45) (>= netstandard1.3) (< netstandard1.5) (< win8) (< wpa81)) (>= netcoreapp1.1) (< portable-net45+win8+wpa81)
      Microsoft.NETCore.Targets (>= 1.1) - restriction: || (&& (< monoandroid) (< monotouch) (< net45) (>= netstandard1.5) (< win8) (< wpa81) (< xamarinios) (< xamarinmac) (< xamarintvos) (< xamarinwatchos)) (&& (< monoandroid) (< net45) (>= netstandard1.1) (< netstandard1.2) (< win8)) (&& (< monoandroid) (< net45) (>= netstandard1.2) (< netstandard1.3) (< win8) (< wpa81)) (&& (< monoandroid) (< net45) (>= netstandard1.3) (< netstandard1.5) (< win8) (< wpa81)) (>= netcoreapp1.1) (< portable-net45+win8+wpa81)
      System.Reflection (>= 4.3) - restriction: || (&& (< monoandroid) (< monotouch) (< net45) (>= netstandard1.5) (< win8) (< wpa81) (< xamarinios) (< xamarinmac) (< xamarintvos) (< xamarinwatchos)) (&& (< monoandroid) (< net45) (>= netstandard1.1) (< netstandard1.2) (< win8)) (&& (< monoandroid) (< net45) (>= netstandard1.2) (< netstandard1.3) (< win8) (< wpa81)) (&& (< monoandroid) (< net45) (>= netstandard1.3) (< netstandard1.5) (< win8) (< wpa81)) (>= netcoreapp1.1) (< portable-net45+win8+wpa81)
      System.Reflection.Primitives (>= 4.3) - restriction: || (&& (< monoandroid) (< monotouch) (< net45) (>= netstandard1.5) (< win8) (< wpa81) (< xamarinios) (< xamarinmac) (< xamarintvos) (< xamarinwatchos)) (&& (< monoandroid) (< net45) (>= netstandard1.1) (< netstandard1.2) (< win8)) (&& (< monoandroid) (< net45) (>= netstandard1.2) (< netstandard1.3) (< win8) (< wpa81)) (&& (< monoandroid) (< net45) (>= netstandard1.3) (< netstandard1.5) (< win8) (< wpa81)) (>= netcoreapp1.1) (< portable-net45+win8+wpa81)
      System.Runtime (>= 4.3) - restriction: || (&& (< monoandroid) (< monotouch) (< net45) (>= netstandard1.5) (< win8) (< wpa81) (< xamarinios) (< xamarinmac) (< xamarintvos) (< xamarinwatchos)) (&& (< monoandroid) (< net45) (>= netstandard1.1) (< netstandard1.2) (< win8)) (&& (< monoandroid) (< net45) (>= netstandard1.2) (< netstandard1.3) (< win8) (< wpa81)) (&& (< monoandroid) (< net45) (>= netstandard1.3) (< netstandard1.5) (< win8) (< wpa81)) (>= net462) (>= netcoreapp1.1) (< portable-net45+win8+wpa81)
      System.Runtime.Handles (>= 4.3) - restriction: || (&& (< monoandroid) (< monotouch) (< net45) (>= netstandard1.5) (< win8) (< wpa81) (< xamarinios) (< xamarinmac) (< xamarintvos) (< xamarinwatchos)) (&& (< monoandroid) (< net45) (>= netstandard1.3) (< netstandard1.5) (< win8) (< wpa81)) (>= netcoreapp1.1) (< portable-net45+win8+wpa81)
    System.Runtime.InteropServices.RuntimeInformation (4.3) - restriction: && (< net46) (>= netstandard2.0)
      runtime.native.System (>= 4.3) - restriction: && (< monoandroid) (< monotouch) (< net45) (>= netstandard1.1) (< win8) (< wpa81) (< xamarinios) (< xamarinmac) (< xamarintvos) (< xamarinwatchos)
      System.Reflection (>= 4.3) - restriction: || (&& (< monoandroid) (< monotouch) (< net45) (>= netstandard1.1) (< win8) (< wpa81) (< xamarinios) (< xamarinmac) (< xamarintvos) (< xamarinwatchos)) (&& (< monoandroid) (< netstandard1.1) (< win8))
      System.Reflection.Extensions (>= 4.3) - restriction: || (&& (< monoandroid) (< monotouch) (< net45) (>= netstandard1.1) (< win8) (< wpa81) (< xamarinios) (< xamarinmac) (< xamarintvos) (< xamarinwatchos)) (&& (< monoandroid) (< netstandard1.1) (< win8))
      System.Resources.ResourceManager (>= 4.3) - restriction: || (&& (< monoandroid) (< monotouch) (< net45) (>= netstandard1.1) (< win8) (< wpa81) (< xamarinios) (< xamarinmac) (< xamarintvos) (< xamarinwatchos)) (&& (< monoandroid) (< netstandard1.1) (< win8))
      System.Runtime (>= 4.3) - restriction: || (&& (< monoandroid) (< monotouch) (< net45) (>= netstandard1.1) (< win8) (< wpa81) (< xamarinios) (< xamarinmac) (< xamarintvos) (< xamarinwatchos)) (&& (< monoandroid) (< netstandard1.1) (< win8))
      System.Runtime.InteropServices (>= 4.3) - restriction: && (< monoandroid) (< monotouch) (< net45) (>= netstandard1.1) (< win8) (< wpa81) (< xamarinios) (< xamarinmac) (< xamarintvos) (< xamarinwatchos)
      System.Threading (>= 4.3) - restriction: || (&& (< monoandroid) (< monotouch) (< net45) (>= netstandard1.1) (< win8) (< wpa81) (< xamarinios) (< xamarinmac) (< xamarintvos) (< xamarinwatchos)) (&& (< monoandroid) (< netstandard1.1) (< win8))
    System.Security.AccessControl (4.5) - restriction: || (&& (>= monoandroid) (>= netstandard2.0)) (&& (>= monotouch) (>= netstandard2.0)) (&& (< net46) (>= netstandard2.0)) (>= netcoreapp2.0) (&& (>= netstandard2.0) (>= xamarinios)) (&& (>= netstandard2.0) (>= xamarinmac)) (&& (>= netstandard2.0) (>= xamarintvos)) (&& (>= netstandard2.0) (>= xamarinwatchos))
      Microsoft.NETCore.Platforms (>= 2.0) - restriction: >= netcoreapp2.0
      System.Security.Principal.Windows (>= 4.5) - restriction: || (&& (< net46) (>= netstandard2.0)) (>= net461) (>= netcoreapp2.0)
    System.Security.Principal.Windows (4.5) - restriction: || (&& (>= monoandroid) (>= netstandard2.0)) (&& (>= monotouch) (>= netstandard2.0)) (&& (< net46) (>= netstandard2.0)) (>= netcoreapp2.0) (&& (>= netstandard2.0) (>= xamarinios)) (&& (>= netstandard2.0) (>= xamarinmac)) (&& (>= netstandard2.0) (>= xamarintvos)) (&& (>= netstandard2.0) (>= xamarinwatchos))
      Microsoft.NETCore.Platforms (>= 2.0) - restriction: >= netcoreapp2.0
    System.Text.Encoding (4.3) - restriction: || (&& (< net45) (>= netstandard2.0)) (&& (>= netstandard2.0) (< portable-net45+win8+wp8+wpa81))
      Microsoft.NETCore.Platforms (>= 1.1) - restriction: || (&& (< monoandroid) (< monotouch) (< net45) (>= netstandard1.3) (< win8) (< wpa81) (< xamarinios) (< xamarinmac) (< xamarintvos) (< xamarinwatchos)) (&& (< monoandroid) (< net45) (>= netstandard1.0) (< netstandard1.3) (< win8) (< wp8) (< wpa81)) (< portable-net45+win8+wp8+wpa81)
      Microsoft.NETCore.Targets (>= 1.1) - restriction: || (&& (< monoandroid) (< monotouch) (< net45) (>= netstandard1.3) (< win8) (< wpa81) (< xamarinios) (< xamarinmac) (< xamarintvos) (< xamarinwatchos)) (&& (< monoandroid) (< net45) (>= netstandard1.0) (< netstandard1.3) (< win8) (< wp8) (< wpa81)) (< portable-net45+win8+wp8+wpa81)
      System.Runtime (>= 4.3) - restriction: || (&& (< monoandroid) (< monotouch) (< net45) (>= netstandard1.3) (< win8) (< wpa81) (< xamarinios) (< xamarinmac) (< xamarintvos) (< xamarinwatchos)) (&& (< monoandroid) (< net45) (>= netstandard1.0) (< netstandard1.3) (< win8) (< wp8) (< wpa81)) (< portable-net45+win8+wp8+wpa81)
    System.Threading (4.3) - restriction: || (&& (< net45) (>= netstandard2.0) (< win8) (< wpa81)) (&& (>= netstandard2.0) (< portable-net45+win8+wp8+wpa81))
      System.Runtime (>= 4.3) - restriction: || (&& (< monoandroid) (< monotouch) (< net45) (>= netstandard1.3) (< win8) (< wpa81) (< xamarinios) (< xamarinmac) (< xamarintvos) (< xamarinwatchos)) (&& (< monoandroid) (< net45) (>= netstandard1.0) (< netstandard1.3) (< win8) (< wp8) (< wpa81)) (< portable-net45+win8+wp8+wpa81)
      System.Threading.Tasks (>= 4.3) - restriction: || (&& (< monoandroid) (< monotouch) (< net45) (>= netstandard1.3) (< win8) (< wpa81) (< xamarinios) (< xamarinmac) (< xamarintvos) (< xamarinwatchos)) (&& (< monoandroid) (< net45) (>= netstandard1.0) (< netstandard1.3) (< win8) (< wp8) (< wpa81)) (< portable-net45+win8+wp8+wpa81)
    System.Threading.Tasks (4.3) - restriction: || (&& (< net45) (>= netstandard2.0)) (&& (>= netstandard2.0) (< portable-net45+win8+wp8+wpa81))
      Microsoft.NETCore.Platforms (>= 1.1) - restriction: || (&& (< monoandroid) (< monotouch) (< net45) (>= netstandard1.3) (< win8) (< wpa81) (< xamarinios) (< xamarinmac) (< xamarintvos) (< xamarinwatchos)) (&& (< monoandroid) (< net45) (>= netstandard1.0) (< netstandard1.3) (< win8) (< wp8) (< wpa81)) (< portable-net45+win8+wp8+wpa81)
      Microsoft.NETCore.Targets (>= 1.1) - restriction: || (&& (< monoandroid) (< monotouch) (< net45) (>= netstandard1.3) (< win8) (< wpa81) (< xamarinios) (< xamarinmac) (< xamarintvos) (< xamarinwatchos)) (&& (< monoandroid) (< net45) (>= netstandard1.0) (< netstandard1.3) (< win8) (< wp8) (< wpa81)) (< portable-net45+win8+wp8+wpa81)
      System.Runtime (>= 4.3) - restriction: || (&& (< monoandroid) (< monotouch) (< net45) (>= netstandard1.3) (< win8) (< wpa81) (< xamarinios) (< xamarinmac) (< xamarintvos) (< xamarinwatchos)) (&& (< monoandroid) (< net45) (>= netstandard1.0) (< netstandard1.3) (< win8) (< wp8) (< wpa81)) (< portable-net45+win8+wp8+wpa81)

GROUP modules
NUGET
  remote: https://www.nuget.org/api/v2
    Cake.Paket.Module (4.0)

GROUP tools
NUGET
  remote: https://www.nuget.org/api/v2
    Cake (0.30)
    Codecov (1.0.5)
    gitlink (3.1)
    OpenCover (4.6.519)
